{
  "AcquisitionMatrixPE": 152,
  "AcquisitionNumber": 1,
  "AcquisitionTime": "19:35:33.617500",
  "BandwidthPerPixelPhaseEncode": 9.398,
  "BaseResolution": 150,
  "BodyPartExamined": "BRAIN",
  "ConsistencyInfo": "N4_VE11C_LATEST_20160120",
  "ConversionSoftware": "dcm2niix",
  "ConversionSoftwareVersion": "v1.0.20210317",
  "DerivedVendorReportedEchoSpacing": 0.000700037,
  "DeviceSerialNumber": "166018",
  "DwellTime": 2e-06,
  "EchoTime": 0.0852,
  "EchoTrainLength": 114,
  "EffectiveEchoSpacing": 0.000700037,
  "FlipAngle": 90,
  "ImageComments": "Single-band reference SENSE1",
  "ImageOrientationPatientDICOM": [0.987855, 0.125391, 0.0917542, -0.114823, 0.986985, -0.112587],
  "ImageType": [
    "ORIGINAL",
    "PRIMARY",
    "M",
    "ND",
    "MOSAIC"
],
  "ImagingFrequency": 123.197,
  "InPlanePhaseEncodingDirectionDICOM": "COL",
  "InstitutionAddress": "Washington Place 6,NYC,NYC,US,10003",
  "InstitutionName": "NYU - CBI",
  "InstitutionalDepartmentName": "Department",
  "MRAcquisitionType": "2D",
  "MagneticFieldStrength": 3,
  "Manufacturer": "Siemens",
  "ManufacturersModelName": "Prisma",
  "Modality": "MR",
  "PartialFourier": 0.75,
  "PatientPosition": "HFS",
  "PercentPhaseFOV": 101.333,
  "PercentSampling": 100,
  "PhaseEncodingDirection": "j-",
  "PhaseEncodingSteps": 114,
  "PhaseResolution": 1,
  "PixelBandwidth": 1665,
  "ProcedureStepDescription": "Investigators^Blanco-Elorrieta",
  "ProtocolName": "dMRI_mb3_AP_1.5",
  "PulseSequenceDetails": "%CustomerSeq%\\cmrr_mbep2d_diff",
  "ReceiveCoilActiveElements": "HC1-7;NC1,2",
  "ReceiveCoilName": "HeadNeck_64",
  "ReconMatrixPE": 152,
  "RepetitionTime": 4.15,
  "SAR": 0.137334,
  "ScanOptions": "PFP\\FS",
  "ScanningSequence": "EP",
  "SequenceName": "epse2d1_152",
  "SequenceVariant": "SK\\SS",
  "SeriesDescription": "dMRI_mb3_AP_1.5_SBRef",
  "SeriesNumber": 16,
  "ShimSetting": [313, -12671, -8506, 320, -5, -131, -35, 21],
  "SliceThickness": 1.5,
  "SliceTiming": [0, 0.1525, 0.305, 0.46, 0.6125, 0.765, 0.9175, 1.07, 1.2225, 1.3775, 1.53, 1.6825, 1.835, 1.9875, 2.1425, 2.295, 2.4475, 2.6, 2.7525, 2.905, 3.06, 3.2125, 3.365, 3.5175, 3.67, 3.825, 3.9775, 4.13, 4.2825, 4.435, 4.5875, 4.7425, 4.895, 5.0475, 5.2, 5.3525, 5.5075, 5.66, 5.8125, 5.965, 6.1175, 6.2725, 6.425, 6.5775, 6.73, 6.8825, 7.035, 7.19, 7.3425, 7.495, 7.6475, 7.8, 7.955, 8.1075, 8.26, 8.4125, 8.565, 8.7175, 8.8725, 9.025, 9.1775, 9.33, 9.4825, 9.6375, 9.79, 9.9425, 10.095, 10.2475, 10.4, 10.555, 10.7075, 10.86, 11.0125, 11.165, 11.32, 11.4725, 11.625, 11.7775, 11.93, 12.085, 12.2375],
  "SoftwareVersions": "syngo MR E11",
  "SpacingBetweenSlices": 1.5,
  "StationName": "AWP166018",
  "TotalReadoutTime": 0.105706,
  "TxRefAmp": 218.071,
  "WipMemBlock": "160dcf0f-968c-4759-ad39-7d4d656a5b56||Sequence: R016 ve11c/master r/8780670; Nov 27 2017 15:07:03 by eja",
  "dcmmeta_affine": [
    [-1.481783151626587, -0.1722344160079956, 0.15701614320278168, 127.01109313964844],
    [-0.18808607757091522, 1.4804779291152954, -0.15102611482143402, -75.25247955322266],
    [0.137631356716156, 0.16888034343719482, 1.4840946197509766, -69.62748718261719],
    [0.0, 0.0, 0.0, 1.0]
],
  "dcmmeta_reorient_transform": [
    [0.0, -1.0, 0.0, 151.0],
    [1.0, 0.0, 0.0, 0.0],
    [0.0, 0.0, 1.0, 0.0],
    [0.0, 0.0, 0.0, 1.0]
],
  "dcmmeta_shape": [150, 152, 81],
  "dcmmeta_slice_dim": 2,
  "dcmmeta_version": 0.6,
  "global": {
    "const": {
      "AccessionNumber": "4PXACF4N",
      "AcquisitionMatrix": [150, 0, 0, 152],
      "AcquisitionNumber": 1,
      "AcquisitionTime": "193533.617500",
      "AngioFlag": "N",
      "BitsAllocated": 16,
      "BitsStored": 16,
      "BodyPartExamined": "BRAIN",
      "Columns": 1350,
      "ContentTime": "193723.809000",
      "EchoNumbers": 1,
      "EchoTime": 85.2,
      "EchoTrainLength": 114,
      "FlipAngle": 90.0,
      "HighBit": 15,
      "ImageOrientationPatient": [0.98785541889047, 0.12539071705961, 0.09175423392963, -0.1148229406172, 0.98698525004463, -0.1125868931198],
      "ImagePositionPatient": [-885.35505190855, -1161.2818741543, -24.026120078038],
      "ImageType": [
        "ORIGINAL",
        "PRIMARY",
        "M",
        "ND",
        "MOSAIC"
],
      "ImagedNucleus": "1H",
      "ImagingFrequency": 123.196748,
      "InPlanePhaseEncodingDirection": "COL",
      "InstanceCreationTime": "193723.809000",
      "InstanceNumber": 1,
      "LargestImagePixelValue": 65535,
      "MRAcquisitionType": "2D",
      "MagneticFieldStrength": 3.0,
      "Manufacturer": "SIEMENS",
      "ManufacturerModelName": "Prisma",
      "Modality": "MR",
      "NumberOfAverages": 1.0,
      "NumberOfPhaseEncodingSteps": 114,
      "PercentPhaseFieldOfView": 101.33333333333,
      "PercentSampling": 100.0,
      "PerformedProcedureStepStartTime": "185941.162000",
      "PhotometricInterpretation": "MONOCHROME2",
      "PixelBandwidth": 1665.0,
      "PixelRepresentation": 0,
      "PixelSpacing": [1.5, 1.5],
      "ProtocolName": "dMRI_mb3_AP_1.5",
      "RepetitionTime": 4150.0,
      "Rows": 1368,
      "SAR": 0.13733439357852,
      "SamplesPerPixel": 1,
      "ScanOptions": [
        "PFP",
        "FS"
],
      "ScanningSequence": "EP",
      "SequenceName": "epse2d1_152",
      "SequenceVariant": [
        "SK",
        "SS"
],
      "SeriesDescription": "dMRI_mb3_AP_1.5_SBRef",
      "SeriesNumber": 16,
      "SeriesTime": "193723.805000",
      "SliceLocation": -48.017268372066,
      "SliceThickness": 1.5,
      "SmallestImagePixelValue": 0,
      "SoftwareVersions": "syngo MR E11",
      "SpacingBetweenSlices": 1.4999999794856,
      "SpecificCharacterSet": "ISO_IR 100",
      "StudyID": "1",
      "StudyTime": "185941.005000",
      "TransmitCoilName": "Body",
      "VariableFlipAngleFlag": "N",
      "WindowCenter": 8218.0,
      "WindowCenterWidthExplanation": "Algo1",
      "WindowWidth": 18342.0,
      "dBdt": 0.0},
    "slices": {}
  }
}