{
  "AcquisitionMatrixPE": 104,
  "AcquisitionNumber": 1,
  "AcquisitionTime": "19:05:29.650000",
  "BandwidthPerPixelPhaseEncode": 17.17,
  "BaseResolution": 104,
  "BodyPartExamined": "BRAIN",
  "ConsistencyInfo": "N4_VE11C_LATEST_20160120",
  "ConversionSoftware": "dcm2niix",
  "ConversionSoftwareVersion": "v1.0.20210317",
  "DerivedVendorReportedEchoSpacing": 0.000560011,
  "DeviceSerialNumber": "166018",
  "DwellTime": 2.1e-06,
  "EchoTime": 0.035,
  "EchoTrainLength": 104,
  "EffectiveEchoSpacing": 0.000560011,
  "FlipAngle": 62,
  "ImageComments": "Single-band reference",
  "ImageOrientationPatientDICOM": [0.999592, 0.00233802, 0.0284527, 0.000174495, 0.996122, -0.0879838],
  "ImageType": [
    "ORIGINAL",
    "PRIMARY",
    "M",
    "ND",
    "MOSAIC"
],
  "ImagingFrequency": 123.197,
  "InPlanePhaseEncodingDirectionDICOM": "COL",
  "InstitutionAddress": "Washington Place 6,NYC,NYC,US,10003",
  "InstitutionName": "NYU - CBI",
  "InstitutionalDepartmentName": "Department",
  "MRAcquisitionType": "2D",
  "MagneticFieldStrength": 3,
  "Manufacturer": "Siemens",
  "ManufacturersModelName": "Prisma",
  "Modality": "MR",
  "PartialFourier": 1,
  "PatientPosition": "HFS",
  "PercentPhaseFOV": 100,
  "PercentSampling": 100,
  "PhaseEncodingDirection": "j-",
  "PhaseEncodingSteps": 104,
  "PhaseResolution": 1,
  "PixelBandwidth": 2290,
  "ProcedureStepDescription": "Investigators^Blanco-Elorrieta",
  "ProtocolName": "epi_MB4_2mm_task-rest",
  "PulseSequenceDetails": "%CustomerSeq%\\cmrr_mbep2d_bold",
  "ReceiveCoilActiveElements": "HC1-7;NC1,2",
  "ReceiveCoilName": "HeadNeck_64",
  "ReconMatrixPE": 104,
  "RepetitionTime": 1.3,
  "SAR": 0.0637609,
  "ScanOptions": "FS",
  "ScanningSequence": "EP",
  "SequenceName": "epfid2d1_104",
  "SequenceVariant": "SK\\SS",
  "SeriesDescription": "epi_MB4_2mm_task-rest_SBRef",
  "SeriesNumber": 10,
  "ShimSetting": [331, -12624, -8484, 550, 60, -222, -34, 15],
  "SliceThickness": 2,
  "SliceTiming": [0, 0.08, 0.16, 0.24, 0.32, 0.4, 0.48, 0.56, 0.64, 0.72, 0.8, 0.88, 0.96, 1.04, 1.12, 1.2, 1.28, 1.36, 1.44, 1.52, 1.6, 1.68, 1.76, 1.84, 1.92, 2, 2.08, 2.16, 2.24, 2.32, 2.4, 2.48, 2.56, 2.64, 2.72, 2.8, 2.88, 2.96, 3.04, 3.12, 3.2, 3.28, 3.36, 3.44, 3.52, 3.6, 3.68, 3.76, 3.84, 3.92, 4, 4.08, 4.16, 4.24, 4.32, 4.4, 4.48, 4.56, 4.64, 4.72, 4.8, 4.88, 4.96, 5.04],
  "SoftwareVersions": "syngo MR E11",
  "SpacingBetweenSlices": 2,
  "StationName": "AWP166018",
  "TaskName": "rest",
  "TotalReadoutTime": 0.0576811,
  "TxRefAmp": 206.52,
  "WipMemBlock": "18a5c9aa-d6f7-416a-854d-86d35fe2e7a6||Sequence: R016 ve11c/master r/8780670; Nov 27 2017 15:05:12 by eja",
  "dcmmeta_affine": [
    [-1.9991848468780518, 0.00034898973535746336, 0.05709603801369667, 104.08692932128906],
    [-0.004676031414419413, 1.992243766784668, -0.17590579390525818, -72.40171813964844],
    [0.05690530687570572, 0.17596758902072906, 1.9914309978485107, -52.725589752197266],
    [0.0, 0.0, 0.0, 1.0]
],
  "dcmmeta_reorient_transform": [
    [0.0, -1.0, 0.0, 103.0],
    [1.0, 0.0, 0.0, 0.0],
    [0.0, 0.0, 1.0, 0.0],
    [0.0, 0.0, 0.0, 1.0]
],
  "dcmmeta_shape": [104, 104, 64],
  "dcmmeta_slice_dim": 2,
  "dcmmeta_version": 0.6,
  "global": {
    "const": {
      "AccessionNumber": "67RGKDJY",
      "AcquisitionMatrix": [104, 0, 0, 104],
      "AcquisitionNumber": 1,
      "AcquisitionTime": "190529.650000",
      "AngioFlag": "N",
      "BitsAllocated": 16,
      "BitsStored": 16,
      "BodyPartExamined": "BRAIN",
      "Columns": 832,
      "ContentTime": "190646.279000",
      "EchoNumbers": 1,
      "EchoTime": 35.0,
      "EchoTrainLength": 104,
      "FlipAngle": 62.0,
      "HighBit": 15,
      "ImageOrientationPatient": [0.99959240703946, 0.00233801565789, 0.02845265316, 0.00017449487118, 0.99612189105526, -0.0879837923258],
      "ImagePositionPatient": [-831.95317772452, -859.67820659432, 8.7377401223506],
      "ImageType": [
        "ORIGINAL",
        "PRIMARY",
        "M",
        "ND",
        "MOSAIC"
],
      "ImagedNucleus": "1H",
      "ImagingFrequency": 123.196786,
      "InPlanePhaseEncodingDirection": "COL",
      "InstanceCreationTime": "190646.279000",
      "InstanceNumber": 1,
      "LargestImagePixelValue": 49486,
      "MRAcquisitionType": "2D",
      "MagneticFieldStrength": 3.0,
      "Manufacturer": "SIEMENS",
      "ManufacturerModelName": "Prisma",
      "Modality": "MR",
      "NumberOfAverages": 1.0,
      "NumberOfPhaseEncodingSteps": 104,
      "PercentPhaseFieldOfView": 100.0,
      "PercentSampling": 100.0,
      "PerformedProcedureStepStartTime": "184730.549000",
      "PhotometricInterpretation": "MONOCHROME2",
      "PixelBandwidth": 2290.0,
      "PixelRepresentation": 0,
      "PixelSpacing": [2.0, 2.0],
      "ProtocolName": "epi_MB4_2mm_task-rest",
      "RepetitionTime": 1300.0,
      "Rows": 832,
      "SAR": 0.06376086274692,
      "SamplesPerPixel": 1,
      "ScanOptions": "FS",
      "ScanningSequence": "EP",
      "SequenceName": "epfid2d1_104",
      "SequenceVariant": [
        "SK",
        "SS"
],
      "SeriesDescription": "epi_MB4_2mm_task-rest_SBRef",
      "SeriesNumber": 10,
      "SeriesTime": "190646.275000",
      "SliceLocation": -43.160270106667,
      "SliceThickness": 2.0,
      "SmallestImagePixelValue": 0,
      "SoftwareVersions": "syngo MR E11",
      "SpacingBetweenSlices": 2.000000038187,
      "SpecificCharacterSet": "ISO_IR 100",
      "StudyID": "1",
      "StudyTime": "184730.435000",
      "TransmitCoilName": "Body",
      "VariableFlipAngleFlag": "N",
      "WindowCenter": 11678.0,
      "WindowCenterWidthExplanation": "Algo1",
      "WindowWidth": 24391.0,
      "dBdt": 0.0},
    "slices": {}
  }
}