{
  "AcquisitionMatrixPE": 152,
  "AcquisitionNumber": 1,
  "AcquisitionTime": "13:31:30.340000",
  "BandwidthPerPixelPhaseEncode": 9.398,
  "BaseResolution": 150,
  "BodyPartExamined": "BRAIN",
  "ConsistencyInfo": "N4_VE11C_LATEST_20160120",
  "ConversionSoftware": "dcm2niix",
  "ConversionSoftwareVersion": "v1.0.20210317",
  "DerivedVendorReportedEchoSpacing": 0.000700037,
  "DeviceSerialNumber": "166018",
  "DiffusionScheme": "Monopolar",
  "DwellTime": 2e-06,
  "EchoTime": 0.0852,
  "EchoTrainLength": 114,
  "EffectiveEchoSpacing": 0.000700037,
  "FlipAngle": 90,
  "ImageComments": "Unaliased MB3/PE3/LB SENSE1",
  "ImageOrientationPatientDICOM": [0.999525, -0.0308007, -0.000862838, 0.0307129, 0.993644, 0.108299],
  "ImageType": [
    "ORIGINAL",
    "PRIMARY",
    "DIFFUSION",
    "NONE",
    "MB",
    "ND"
],
  "ImagingFrequency": 123.197,
  "InPlanePhaseEncodingDirectionDICOM": "COL",
  "InstitutionAddress": "Washington Place 6,NYC,NYC,US,10003",
  "InstitutionName": "NYU Center for Brain Imaging",
  "InstitutionalDepartmentName": "Department",
  "IntendedFor": [
    "dwi/sub-EBE0025_acq-138vols_dwi.nii.gz"
],
  "MRAcquisitionType": "2D",
  "MagneticFieldStrength": 3,
  "Manufacturer": "Siemens",
  "ManufacturersModelName": "Prisma",
  "Modality": "MR",
  "MultibandAccelerationFactor": 3,
  "PartialFourier": 0.75,
  "PatientPosition": "HFS",
  "PercentPhaseFOV": 101.333,
  "PercentSampling": 100,
  "PhaseEncodingDirection": "j",
  "PhaseEncodingSteps": 114,
  "PhaseResolution": 1,
  "PixelBandwidth": 1665,
  "ProcedureStepDescription": "Investigators^Blanco-Elorrieta",
  "ProtocolName": "SpinEchoFieldMap_1.5_PA",
  "PulseSequenceDetails": "%CustomerSeq%\\cmrr_mbep2d_diff",
  "ReceiveCoilActiveElements": "HC1-7;NC1,2",
  "ReceiveCoilName": "HeadNeck_64",
  "ReconMatrixPE": 152,
  "RepetitionTime": 4.15,
  "SAR": 0.11736,
  "ScanOptions": "PFP\\FS",
  "ScanningSequence": "EP",
  "SequenceName": "ep_b5#1",
  "SequenceVariant": "SK\\SS",
  "SeriesDescription": "SpinEchoFieldMap_1.5_PA",
  "SeriesNumber": 15,
  "ShimSetting": [290, -12771, -8446, 101, -28, -604, 43, 19],
  "SliceThickness": 1.5,
  "SliceTiming": [0, 2.14062, 0.15625, 2.29688, 0.29688, 2.4375, 0.45312, 2.59375, 0.60938, 2.75, 0.76562, 2.90625, 0.90625, 3.0625, 1.0625, 3.20312, 1.21875, 3.35938, 1.375, 3.51562, 1.53125, 3.67188, 1.67188, 3.82812, 1.82812, 3.96875, 1.98438, 0, 2.14062, 0.15625, 2.29688, 0.29688, 2.4375, 0.45312, 2.59375, 0.60938, 2.75, 0.76562, 2.90625, 0.90625, 3.0625, 1.0625, 3.20312, 1.21875, 3.35938, 1.375, 3.51562, 1.53125, 3.67188, 1.67188, 3.82812, 1.82812, 3.96875, 1.98438, 0, 2.14062, 0.15625, 2.29688, 0.29688, 2.4375, 0.45312, 2.59375, 0.60938, 2.75, 0.76562, 2.90625, 0.90625, 3.0625, 1.0625, 3.20312, 1.21875, 3.35938, 1.375, 3.51562, 1.53125, 3.67188, 1.67188, 3.82812, 1.82812, 3.96875, 1.98438],
  "SoftwareVersions": "syngo MR E11",
  "SpacingBetweenSlices": 1.5,
  "StationName": "AWP166018",
  "TotalReadoutTime": 0.105706,
  "TxRefAmp": 272.786,
  "WipMemBlock": "30c863ac-110c-4844-b2ae-44d15edf030c||Sequence: R016 ve11c/master r/8780670; Nov 27 2017 15:07:03 by eja",
  "dcmmeta_affine": [
    [-1.499287724494934, 0.04606940969824791, 0.0037174224853515625, 111.33441925048828],
    [0.04620102792978287, 1.490465760231018, 0.16241073608398438, -88.516357421875],
    [-0.0012942564208060503, -0.1624481976032257, 1.491180419921875, -26.49882698059082],
    [0.0, 0.0, 0.0, 1.0]
],
  "dcmmeta_reorient_transform": [
    [0.0, -1.0, 0.0, 151.0],
    [1.0, 0.0, 0.0, 0.0],
    [0.0, 0.0, -1.0, 80.0],
    [0.0, 0.0, 0.0, 1.0]
],
  "dcmmeta_shape": [150, 152, 81],
  "dcmmeta_slice_dim": 2,
  "dcmmeta_version": 0.6,
  "global": {
    "const": {
      "AccessionNumber": "KWJYGNYR",
      "AcquisitionMatrix": [150, 0, 0, 152],
      "AcquisitionNumber": 1,
      "AngioFlag": "N",
      "BitsAllocated": 16,
      "BitsStored": 16,
      "BodyPartExamined": "BRAIN",
      "Columns": 150,
      "EchoNumbers": 1,
      "EchoTime": 85.2,
      "EchoTrainLength": 114,
      "FlipAngle": 90.0,
      "HighBit": 15,
      "ImageOrientationPatient": [0.99952517389548, -0.0308006860395, -0.0008628375884, 0.03071293961507, 0.99364384285624, 0.10829879451819],
      "ImageType": [
        "ORIGINAL",
        "PRIMARY",
        "DIFFUSION",
        "NONE",
        "MB",
        "ND"
],
      "ImagedNucleus": "1H",
      "ImagingFrequency": 123.196692,
      "InPlanePhaseEncodingDirection": "COL",
      "MRAcquisitionType": "2D",
      "MagneticFieldStrength": 3.0,
      "Manufacturer": "SIEMENS",
      "ManufacturerModelName": "Prisma",
      "Modality": "MR",
      "NumberOfAverages": 1.0,
      "NumberOfPhaseEncodingSteps": 114,
      "PercentPhaseFieldOfView": 101.33333333333,
      "PercentSampling": 100.0,
      "PerformedProcedureStepStartTime": "130237.679000",
      "PhotometricInterpretation": "MONOCHROME2",
      "PixelBandwidth": 1665.0,
      "PixelRepresentation": 0,
      "PixelSpacing": [1.5, 1.5],
      "ProtocolName": "SpinEchoFieldMap_1.5_PA",
      "RepetitionTime": 4150.0,
      "Rows": 152,
      "SAR": 0.11735983437494,
      "SamplesPerPixel": 1,
      "ScanOptions": [
        "PFP",
        "FS"
],
      "ScanningSequence": "EP",
      "SequenceName": "ep_b5#1",
      "SequenceVariant": [
        "SK",
        "SS"
],
      "SeriesDescription": "SpinEchoFieldMap_1.5_PA",
      "SeriesNumber": 15,
      "SeriesTime": "133155.289000",
      "SliceThickness": 1.5,
      "SmallestImagePixelValue": 0,
      "SoftwareVersions": "syngo MR E11",
      "SpacingBetweenSlices": 1.5,
      "SpecificCharacterSet": "ISO_IR 100",
      "StudyID": "1",
      "StudyTime": "130237.552000",
      "TransmitCoilName": "Body",
      "VariableFlipAngleFlag": "N",
      "WindowCenterWidthExplanation": "Algo1",
      "dBdt": 0.0},
