{
    "AcquisitionMatrixPE": 104,
    "AcquisitionNumber": 1,
    "AcquisitionTime": "11:33:29.012500",
    "BandwidthPerPixelPhaseEncode": 17.17,
    "BaseResolution": 104,
    "BidsGuess": [
        "func",
        "_acq-epfid2_dir-AP_run-11_bold"
    ],
    "BodyPartExamined": "BRAIN",
    "CoilCombinationMethod": "Sum of Squares",
    "CoilString": "HeadNeck_64",
    "ConversionSoftware": "dcm2niix",
    "ConversionSoftwareVersion": "v1.0.20240202",
    "DerivedVendorReportedEchoSpacing": 0.000560011,
    "DeviceSerialNumber": "166018",
    "DwellTime": 2.1e-06,
    "EchoTime": 0.035,
    "EchoTrainLength": 104,
    "EffectiveEchoSpacing": 0.000560011,
    "FlipAngle": 62,
    "FrequencyEncodingSteps": 104,
    "HeudiconvVersion": "4.0.1",
    "ImageComments": " Brain, Unaliased MB4/PE3/LB",
    "ImageOrientationPatientDICOM": [
        0.996945,
        0.0648376,
        0.0435434,
        -0.0431789,
        0.922124,
        -0.384477
    ],
    "ImageType": [
        "ORIGINAL",
        "PRIMARY",
        "FMRI",
        "NONE"
    ],
    "ImageTypeText": [
        "ORIGINAL",
        "PRIMARY",
        "M",
        "MB",
        "ND"
    ],
    "ImagingFrequency": 123.196918,
    "InPlanePhaseEncodingDirectionDICOM": "COL",
    "InstitutionAddress": "Washington Place 6,NYC,NYC,US,10003",
    "InstitutionName": "NYU Center for Brain Imaging",
    "MRAcquisitionType": "2D",
    "MTState": false,
    "MagneticFieldStrength": 3,
    "Manufacturer": "Siemens",
    "ManufacturersModelName": "MAGNETOM Prisma",
    "MatrixCoilMode": "SENSE",
    "Modality": "MR",
    "MultibandAccelerationFactor": 4,
    "NonlinearGradientCorrection": false,
    "PartialFourier": 1,
    "PatientPosition": "HFS",
    "PercentPhaseFOV": 100,
    "PercentSampling": 100,
    "PhaseEncodingDirection": "j-",
    "PhaseEncodingSteps": 104,
    "PhaseResolution": 1,
    "PixelBandwidth": 2289,
    "ProtocolName": "epi_MB4_2mm_task-rest",
    "PulseSequenceDetails": "%CustomerSeq%\\cmrr_mbep2d_bold",
    "PulseSequenceName": "epfid2d1_104",
    "ReceiveCoilActiveElements": "HC1-7;NC1",
    "ReceiveCoilName": "HeadNeck_64",
    "ReconMatrixPE": 104,
    "RepetitionTime": 1.3,
    "ScanOptions": "FS",
    "ScanningSequence": "EP",
    "SequenceVariant": "SK\\SS",
    "SeriesDescription": "epi_MB4_2mm_task-rest",
    "SeriesNumber": 11,
    "ShimSetting": [
        293,
        -12633,
        -8468,
        465,
        39,
        -76,
        -145,
        58
    ],
    "SliceThickness": 2,
    "SliceTiming": [
        0,
        0.5575,
        1.1175,
        0.3975,
        0.9575,
        0.24,
        0.7975,
        0.08,
        0.6375,
        1.1975,
        0.4775,
        1.0375,
        0.3175,
        0.8775,
        0.16,
        0.7175,
        0,
        0.5575,
        1.1175,
        0.3975,
        0.9575,
        0.24,
        0.7975,
        0.08,
        0.6375,
        1.1975,
        0.4775,
        1.0375,
        0.3175,
        0.8775,
        0.16,
        0.7175,
        0,
        0.5575,
        1.1175,
        0.3975,
        0.9575,
        0.24,
        0.7975,
        0.08,
        0.6375,
        1.1975,
        0.4775,
        1.0375,
        0.3175,
        0.8775,
        0.16,
        0.7175,
        0,
        0.5575,
        1.1175,
        0.3975,
        0.9575,
        0.24,
        0.7975,
        0.08,
        0.6375,
        1.1975,
        0.4775,
        1.0375,
        0.3175,
        0.8775,
        0.16,
        0.7175
    ],
    "SoftwareVersions": "syngo MR XA30",
    "SpacingBetweenSlices": 2,
    "StationName": "AWP166018",
    "TaskName": "rest",
    "TotalReadoutTime": 0.0576811,
    "TxRefAmp": 243.478,
    "WipMemBlock": "4e012b2b-f543-4a81-8b24-e06058fdabe1||Sequence: R017 nxva30a/master r/294d878e6; May 17 2024 19:22:59 by eja"
}