{
  "AcquisitionMatrixPE": 104,
  "AcquisitionNumber": 1,
  "AcquisitionTime": "13:55:21.730000",
  "BandwidthPerPixelPhaseEncode": 17.17,
  "BaseResolution": 104,
  "BodyPartExamined": "BRAIN",
  "ConsistencyInfo": "N4_VE11C_LATEST_20160120",
  "ConversionSoftware": "dcm2niix",
  "ConversionSoftwareVersion": "v1.0.20210317",
  "DerivedVendorReportedEchoSpacing": 0.000560011,
  "DeviceSerialNumber": "166018",
  "DwellTime": 2.4e-06,
  "EchoTime": 0.0634,
  "EchoTrainLength": 104,
  "EffectiveEchoSpacing": 0.000560011,
  "FlipAngle": 90,
  "ImageOrientationPatientDICOM": [0.999149, 0.0397091, 0.0111443, -0.0340181, 0.946235, -0.321685],
  "ImageType": [
    "ORIGINAL",
    "PRIMARY",
    "M",
    "ND",
    "MOSAIC"
],
  "ImagingFrequency": 123.197,
  "InPlanePhaseEncodingDirectionDICOM": "COL",
  "InstitutionAddress": "Washington Place 6,NYC,NYC,US,10003",
  "InstitutionName": "NYU Center for Brain Imaging",
  "InstitutionalDepartmentName": "Department",
  "IntendedFor": [
    "func/sub-EBE0017_task-rest_bold.nii.gz"
],
  "MRAcquisitionType": "2D",
  "MagneticFieldStrength": 3,
  "Manufacturer": "Siemens",
  "ManufacturersModelName": "Prisma",
  "Modality": "MR",
  "PartialFourier": 1,
  "PatientPosition": "HFS",
  "PercentPhaseFOV": 100,
  "PercentSampling": 100,
  "PhaseEncodingDirection": "j-",
  "PhaseEncodingSteps": 104,
  "PhaseResolution": 1,
  "PixelBandwidth": 2005,
  "ProcedureStepDescription": "Investigators^Blanco-Elorrieta",
  "ProtocolName": "SE_DistortionMap_AP",
  "PulseSequenceDetails": "%CustomerSeq%\\cmrr_mbep2d_se",
  "ReceiveCoilActiveElements": "HC1-7;NC1,2",
  "ReceiveCoilName": "HeadNeck_64",
  "ReconMatrixPE": 104,
  "RepetitionTime": 6.831,
  "SAR": 0.137302,
  "ScanOptions": "FS",
  "ScanningSequence": "EP",
  "SequenceName": "epse2d1_104",
  "SequenceVariant": "SK",
  "SeriesDescription": "SE_DistortionMap_AP",
  "SeriesNumber": 8,
  "ShimSetting": [318, -12657, -8439, 543, 72, -43, -47, 26],
  "SliceThickness": 2,
  "SliceTiming": [3.405, 0, 3.51, 0.105, 3.6175, 0.2125, 3.7225, 0.3175, 3.83, 0.425, 3.9375, 0.53, 4.0425, 0.6375, 4.15, 0.745, 4.255, 0.85, 4.3625, 0.9575, 4.4675, 1.0625, 4.575, 1.17, 4.6825, 1.275, 4.7875, 1.3825, 4.895, 1.49, 5, 1.595, 5.1075, 1.7025, 5.2125, 1.8075, 5.32, 1.915, 5.4275, 2.02, 5.5325, 2.1275, 5.64, 2.235, 5.745, 2.34, 5.8525, 2.4475, 5.9575, 2.5525, 6.065, 2.66, 6.1725, 2.765, 6.2775, 2.8725, 6.385, 2.98, 6.49, 3.085, 6.5975, 3.1925, 6.7025, 3.2975],
  "SoftwareVersions": "syngo MR E11",
  "SpacingBetweenSlices": 2,
  "StationName": "AWP166018",
  "TotalReadoutTime": 0.0576811,
  "TxRefAmp": 206.863,
  "WipMemBlock": "f3a9a31d-d97b-40a7-91d4-a7d564b44809||Sequence: R016 ve11c/master r/8780670; Nov 27 2017 15:08:10 by eja",
  "dcmmeta_affine": [
    [-1.9982982873916626, -0.06803624331951141, 0.04663786292076111, 107.0306396484375],
    [-0.0794181376695633, 1.8924707174301147, -0.6420648694038391, -71.60671997070312],
    [0.022288553416728973, 0.643370509147644, 1.8935621976852417, -76.16590881347656],
    [0.0, 0.0, 0.0, 1.0]
],
  "dcmmeta_reorient_transform": [
    [0.0, -1.0, 0.0, 103.0],
    [1.0, 0.0, 0.0, 0.0],
    [0.0, 0.0, 1.0, 0.0],
    [0.0, 0.0, 0.0, 1.0]
],
  "dcmmeta_shape": [104, 104, 64, 3],
  "dcmmeta_slice_dim": 2,
  "dcmmeta_version": 0.6,
  "global": {
    "const": {
      "AccessionNumber": "GEG637YY",
      "AcquisitionMatrix": [104, 0, 0, 104],
      "AngioFlag": "N",
      "BitsAllocated": 16,
      "BitsStored": 16,
      "BodyPartExamined": "BRAIN",
      "Columns": 832,
      "EchoNumbers": 1,
      "EchoTime": 63.4,
      "EchoTrainLength": 104,
      "FlipAngle": 90.0,
      "HighBit": 15,
      "ImageOrientationPatient": [0.9991491355183, 0.03970906800505, 0.01114427706036, -0.0340181199766, 0.94623536895426, -0.3216852406519],
      "ImagePositionPatient": [-802.63828661131, -841.08531256577, 216.17507438393],
      "ImageType": [
        "ORIGINAL",
        "PRIMARY",
        "M",
        "ND",
        "MOSAIC"
],
      "ImagedNucleus": "1H",
      "ImagingFrequency": 123.196723,
      "InPlanePhaseEncodingDirection": "COL",
      "LargestImagePixelValue": 65535,
      "MRAcquisitionType": "2D",
      "MagneticFieldStrength": 3.0,
      "Manufacturer": "SIEMENS",
      "ManufacturerModelName": "Prisma",
      "Modality": "MR",
      "NumberOfAverages": 1.0,
      "NumberOfPhaseEncodingSteps": 104,
      "PercentPhaseFieldOfView": 100.0,
      "PercentSampling": 100.0,
      "PerformedProcedureStepStartTime": "133813.840000",
      "PhotometricInterpretation": "MONOCHROME2",
      "PixelBandwidth": 2005.0,
      "PixelRepresentation": 0,
      "PixelSpacing": [2.0, 2.0],
      "ProtocolName": "SE_DistortionMap_AP",
      "RepetitionTime": 6831.0,
      "Rows": 832,
      "SAR": 0.13730212181657,
      "SamplesPerPixel": 1,
      "ScanOptions": "FS",
      "ScanningSequence": "EP",
      "SequenceName": "epse2d1_104",
      "SequenceVariant": "SK",
      "SeriesDescription": "SE_DistortionMap_AP",
      "SeriesNumber": 8,
      "SeriesTime": "135539.122000",
      "SliceLocation": -46.62851932326,
      "SliceThickness": 2.0,
      "SmallestImagePixelValue": 0,
      "SoftwareVersions": "syngo MR E11",
      "SpacingBetweenSlices": 2.0000000328361,
      "SpecificCharacterSet": "ISO_IR 100",
      "StudyID": "1",
      "StudyTime": "133813.764000",
      "TransmitCoilName": "Body",
      "VariableFlipAngleFlag": "N",
      "WindowCenterWidthExplanation": "Algo1",
      "dBdt": 0.0},
    "slices": {}
  },
  "time": {
    "samples": {
      "AcquisitionNumber": [1, 2, 3],
      "AcquisitionTime": ["135521.730000", "135528.560000", "135535.392500"],
      "ContentTime": ["135539.126000", "135539.130000", "135539.133000"],
      "InstanceCreationTime": ["135539.126000", "135539.130000", "135539.133000"],
      "InstanceNumber": [1, 2, 3],
      "WindowCenter": [11836.0, 11843.0, 11831.0],
      "WindowWidth": [25754.0, 25778.0, 25737.0]
    },
    "slices": {}
  }
}