{
    "AcquisitionDuration": 33.702,
    "AcquisitionNumber": 1,
    "AcquisitionTime": "20:26:58.042500",
    "BidsGuess": [
        "func",
        "_acq-epse2_dir-AP_run-7_bold"
    ],
    "BodyPartExamined": "BRAIN",
    "CoilString": "HeadNeck_64",
    "ConversionSoftware": "dcm2niix",
    "ConversionSoftwareVersion": "v1.0.20240202",
    "DeviceSerialNumber": "166018",
    "EchoTime": 0.0634,
    "EchoTrainLength": 104,
    "FlipAngle": 90,
    "FrequencyEncodingSteps": 104,
    "HeudiconvVersion": "4.0.1",
    "ImageComments": " Brain",
    "ImageOrientationPatientDICOM": [
        0.998471,
        -0.0552679,
        -0.00142319,
        0.0504056,
        0.9206,
        -0.387239
    ],
    "ImageType": [
        "ORIGINAL",
        "PRIMARY",
        "FMRI",
        "NONE"
    ],
    "ImagingFrequency": 123.196747,
    "InPlanePhaseEncodingDirectionDICOM": "COL",
    "InstitutionAddress": "Washington Place 6,NYC,NYC,US,10003",
    "InstitutionName": "NYU Center for Brain Imaging",
    "MRAcquisitionType": "2D",
    "MTState": false,
    "MagneticFieldStrength": 3,
    "Manufacturer": "Siemens",
    "ManufacturersModelName": "MAGNETOM Prisma",
    "Modality": "MR",
    "PatientPosition": "HFS",
    "PercentPhaseFOV": 100,
    "PercentSampling": 100,
    "PhaseEncodingAxis": "j",
    "PhaseEncodingSteps": 104,
    "PixelBandwidth": 2003,
    "ProtocolName": "SE_DistortionMap_AP",
    "PulseSequenceName": "epse2d1_104",
    "ReconMatrixPE": 104,
    "RepetitionTime": 6.831,
    "SeriesDescription": "SE_DistortionMap_AP",
    "SeriesNumber": 7,
    "SliceThickness": 2,
    "SoftwareVersions": "syngo MR XA30",
    "SpacingBetweenSlices": 2,
    "StationName": "AWP166018",
    "TotalReadoutTime": 0.0576811,
    "PhaseEncodingDirection": "j-"
}