{
  "AcquisitionDuration": 319.087,
  "AcquisitionNumber": 1,
  "AcquisitionTime": "12:05:37.872500",
  "BidsGuess": [
    "anat",
    "_acq-tfl3p2_run-6_T1w"
],
  "BodyPartExamined": "BRAIN",
  "CoilString": "HeadNeck_64",
  "ConversionSoftware": "dcm2niix",
  "ConversionSoftwareVersion": "v1.0.20240202",
  "DeviceSerialNumber": "166018",
  "EchoTime": 0.00232,
  "FlipAngle": 8,
  "FrequencyEncodingSteps": 256,
  "HeudiconvVersion": "4.0.1",
  "ImageComments": " Brain",
  "ImageOrientationPatientDICOM": [0.0157308, 0.982506, 0.185567, 0.0579671, 0.184381, -0.981144],
  "ImageType": [
    "ORIGINAL",
    "PRIMARY",
    "M",
    "NONE"
],
  "ImagingFrequency": 123.19669,
  "InPlanePhaseEncodingDirectionDICOM": "ROW",
  "InstitutionAddress": "Washington Place 6,NYC,NYC,US,10003",
  "InstitutionName": "NYU Center for Brain Imaging",
  "InversionTime": 0.9,
  "MRAcquisitionType": "3D",
  "MTState": false,
  "MagneticFieldStrength": 3,
  "Manufacturer": "Siemens",
  "ManufacturersModelName": "MAGNETOM Prisma",
  "Modality": "MR",
  "ParallelAcquisitionTechnique": "GRAPPA",
  "ParallelReductionFactorInPlane": 2,
  "PatientPosition": "HFS",
  "PercentPhaseFOV": 100,
  "PercentSampling": 100,
  "PhaseEncodingSteps": 256,
  "PhaseEncodingStepsOutOfPlane": 240,
  "PixelBandwidth": 199,
  "ProtocolName": "t1_mprage_sag_p2_iso",
  "PulseSequenceName": "*tfl3d1_16ns",
  "ReconMatrixPE": 256,
  "RepetitionTime": 2.3,
  "SeriesDescription": "t1_mprage_sag_p2_iso",
  "SeriesNumber": 6,
  "SliceThickness": 0.9,
  "SoftwareVersions": "syngo MR XA30",
  "StationName": "AWP166018"
}