{
  "AcquisitionMatrixPE": 104,
  "AcquisitionNumber": 1,
  "AcquisitionTime": "18:32:13.725000",
  "BandwidthPerPixelPhaseEncode": 17.17,
  "BaseResolution": 104,
  "BodyPartExamined": "BRAIN",
  "ConsistencyInfo": "N4_VE11C_LATEST_20160120",
  "ConversionSoftware": "dcm2niix",
  "ConversionSoftwareVersion": "v1.0.20210317",
  "DerivedVendorReportedEchoSpacing": 0.000560011,
  "DeviceSerialNumber": "166018",
  "DwellTime": 2.4e-06,
  "EchoTime": 0.0634,
  "EchoTrainLength": 104,
  "EffectiveEchoSpacing": 0.000560011,
  "FlipAngle": 90,
  "ImageOrientationPatientDICOM": [0.998742, -0.0499986, -0.00372727, 0.0464008, 0.949913, -0.309051],
  "ImageType": [
    "ORIGINAL",
    "PRIMARY",
    "M",
    "ND",
    "MOSAIC"
],
  "ImagingFrequency": 123.197,
  "InPlanePhaseEncodingDirectionDICOM": "COL",
  "InstitutionAddress": "Washington Place 6,NYC,NYC,US,10003",
  "InstitutionName": "NYU Center for Brain Imaging",
  "InstitutionalDepartmentName": "Department",
  "IntendedFor": [
    "func/sub-EBE0031_task-rest_bold.nii.gz"
],
  "MRAcquisitionType": "2D",
  "MagneticFieldStrength": 3,
  "Manufacturer": "Siemens",
  "ManufacturersModelName": "Prisma",
  "Modality": "MR",
  "PartialFourier": 1,
  "PatientPosition": "HFS",
  "PercentPhaseFOV": 100,
  "PercentSampling": 100,
  "PhaseEncodingDirection": "j-",
  "PhaseEncodingSteps": 104,
  "PhaseResolution": 1,
  "PixelBandwidth": 2005,
  "ProcedureStepDescription": "Investigators^Blanco-Elorrieta",
  "ProtocolName": "SE_DistortionMap_AP",
  "PulseSequenceDetails": "%CustomerSeq%\\cmrr_mbep2d_se",
  "ReceiveCoilActiveElements": "HC1-7;NC1,2",
  "ReceiveCoilName": "HeadNeck_64",
  "ReconMatrixPE": 104,
  "RepetitionTime": 6.831,
  "SAR": 0.135057,
  "ScanOptions": "FS",
  "ScanningSequence": "EP",
  "SequenceName": "epse2d1_104",
  "SequenceVariant": "SK",
  "SeriesDescription": "SE_DistortionMap_AP",
  "SeriesNumber": 8,
  "ShimSetting": [310, -12671, -8486, 439, 107, -55, -92, 20],
  "SliceThickness": 2,
  "SliceTiming": [3.4075, 0, 3.5125, 0.1075, 3.62, 0.215, 3.725, 0.32, 3.8325, 0.4275, 3.9375, 0.5325, 4.045, 0.64, 4.1525, 0.745, 4.2575, 0.8525, 4.365, 0.96, 4.47, 1.065, 4.5775, 1.1725, 4.6825, 1.2775, 4.79, 1.385, 4.8975, 1.49, 5.0025, 1.5975, 5.11, 1.7025, 5.215, 1.81, 5.3225, 1.9175, 5.4275, 2.0225, 5.535, 2.13, 5.64, 2.235, 5.7475, 2.3425, 5.855, 2.4475, 5.96, 2.555, 6.0675, 2.6625, 6.1725, 2.7675, 6.28, 2.875, 6.385, 2.98, 6.4925, 3.0875, 6.6, 3.1925, 6.705, 3.3],
  "SoftwareVersions": "syngo MR E11",
  "SpacingBetweenSlices": 2,
  "StationName": "AWP166018",
  "TotalReadoutTime": 0.0576811,
  "TxRefAmp": 206.993,
  "WipMemBlock": "864d0f81-16d6-4cf5-bdaf-d4912eb0cbc2||Sequence: R016 ve11c/master r/8780670; Nov 27 2017 15:08:10 by eja",
  "dcmmeta_affine": [
    [-1.9974846839904785, 0.09280156344175339, -0.0379854254424572, 101.97238159179688],
    [0.09999725967645645, 1.8998256921768188, -0.6169788837432861, -81.52238464355469],
    [-0.0074545396491885185, 0.6181021332740784, 1.9020763635635376, -74.11866760253906],
    [0.0, 0.0, 0.0, 1.0]
],
  "dcmmeta_reorient_transform": [
    [0.0, -1.0, 0.0, 103.0],
    [1.0, 0.0, 0.0, 0.0],
    [0.0, 0.0, 1.0, 0.0],
    [0.0, 0.0, 0.0, 1.0]
],
  "dcmmeta_shape": [104, 104, 64, 3],
  "dcmmeta_slice_dim": 2,
  "dcmmeta_version": 0.6,
  "global": {
    "const": {
      "AccessionNumber": "XXPM6QYE",
      "AcquisitionMatrix": [104, 0, 0, 104],
      "AngioFlag": "N",
      "BitsAllocated": 16,
      "BitsStored": 16,
      "BodyPartExamined": "BRAIN",
      "Columns": 832,
      "EchoNumbers": 1,
      "EchoTime": 63.4,
      "EchoTrainLength": 104,
      "FlipAngle": 90.0,
      "HighBit": 15,
      "ImageOrientationPatient": [0.99874233128965, -0.0499986314771, -0.0037272698503, 0.04640078212106, 0.94991284035512, -0.3090510688333],
      "ImagePositionPatient": [-872.39512945118, -769.29720622862, 217.24848070839],
      "ImageType": [
        "ORIGINAL",
        "PRIMARY",
        "M",
        "ND",
        "MOSAIC"
],
      "ImagedNucleus": "1H",
      "ImagingFrequency": 123.196743,
      "InPlanePhaseEncodingDirection": "COL",
      "LargestImagePixelValue": 65535,
      "MRAcquisitionType": "2D",
      "MagneticFieldStrength": 3.0,
      "Manufacturer": "SIEMENS",
      "ManufacturerModelName": "Prisma",
      "Modality": "MR",
      "NumberOfAverages": 1.0,
      "NumberOfPhaseEncodingSteps": 104,
      "PercentPhaseFieldOfView": 100.0,
      "PercentSampling": 100.0,
      "PerformedProcedureStepStartTime": "181220.142000",
      "PhotometricInterpretation": "MONOCHROME2",
      "PixelBandwidth": 2005.0,
      "PixelRepresentation": 0,
      "PixelSpacing": [2.0, 2.0],
      "ProtocolName": "SE_DistortionMap_AP",
      "RepetitionTime": 6831.0,
      "Rows": 832,
      "SAR": 0.13505736265472,
      "SamplesPerPixel": 1,
      "ScanOptions": "FS",
      "ScanningSequence": "EP",
      "SequenceName": "epse2d1_104",
      "SequenceVariant": "SK",
      "SeriesDescription": "SE_DistortionMap_AP",
      "SeriesNumber": 8,
      "SeriesTime": "183219.243000",
      "SliceLocation": -47.277620190647,
      "SliceThickness": 2.0,
      "SmallestImagePixelValue": 0,
      "SoftwareVersions": "syngo MR E11",
      "SpacingBetweenSlices": 2.0000000246669,
      "SpecificCharacterSet": "ISO_IR 100",
      "StudyID": "1",
      "StudyTime": "181220.074000",
      "TransmitCoilName": "Body",
      "VariableFlipAngleFlag": "N",
      "WindowCenterWidthExplanation": "Algo1",
      "dBdt": 0.0},
    "slices": {}
  },
  "time": {
    "samples": {
      "AcquisitionNumber": [1, 2, 3],
      "AcquisitionTime": ["183213.725000", "183220.555000", "183227.385000"],
      "ContentTime": ["183219.247000", "183229.241000", "183231.986000"],
      "InstanceCreationTime": ["183219.247000", "183229.241000", "183231.986000"],
      "InstanceNumber": [1, 2, 3],
      "WindowCenter": [12137.0, 12152.0, 12142.0],
      "WindowWidth": [26677.0, 26729.0, 26695.0]
    },
    "slices": {}
  }
}