{
    "AcquisitionMatrixPE": 104,
    "AcquisitionNumber": 1,
    "AcquisitionTime": "17:28:11.217500",
    "BandwidthPerPixelPhaseEncode": 17.17,
    "BaseResolution": 104,
    "BidsGuess": [
        "func",
        "_acq-epfid2_dir-AP_run-10_bold"
    ],
    "BodyPartExamined": "BRAIN",
    "CoilCombinationMethod": "Sum of Squares",
    "CoilString": "HeadNeck_64",
    "ConversionSoftware": "dcm2niix",
    "ConversionSoftwareVersion": "v1.0.20240202",
    "DerivedVendorReportedEchoSpacing": 0.000560011,
    "DeviceSerialNumber": "166018",
    "DwellTime": 2.1e-06,
    "EchoTime": 0.035,
    "EchoTrainLength": 104,
    "EffectiveEchoSpacing": 0.000560011,
    "FlipAngle": 62,
    "FrequencyEncodingSteps": 104,
    "HeudiconvVersion": "4.0.1",
    "ImageComments": " Brain, Unaliased MB4/PE3/LB",
    "ImageOrientationPatientDICOM": [
        0.999286,
        0.0374047,
        0.00538915,
        -0.0321022,
        0.915429,
        -0.401197
    ],
    "ImageType": [
        "ORIGINAL",
        "PRIMARY",
        "FMRI",
        "NONE"
    ],
    "ImageTypeText": [
        "ORIGINAL",
        "PRIMARY",
        "M",
        "MB",
        "ND"
    ],
    "ImagingFrequency": 123.196699,
    "InPlanePhaseEncodingDirectionDICOM": "COL",
    "InstitutionAddress": "Washington Place 6,NYC,NYC,US,10003",
    "InstitutionName": "NYU Center for Brain Imaging",
    "MRAcquisitionType": "2D",
    "MTState": false,
    "MagneticFieldStrength": 3,
    "Manufacturer": "Siemens",
    "ManufacturersModelName": "MAGNETOM Prisma",
    "MatrixCoilMode": "SENSE",
    "Modality": "MR",
    "MultibandAccelerationFactor": 4,
    "NonlinearGradientCorrection": false,
    "PartialFourier": 1,
    "PatientPosition": "HFS",
    "PercentPhaseFOV": 100,
    "PercentSampling": 100,
    "PhaseEncodingDirection": "j-",
    "PhaseEncodingSteps": 104,
    "PhaseResolution": 1,
    "PixelBandwidth": 2289,
    "ProtocolName": "epi_MB4_2mm_task-rest",
    "PulseSequenceDetails": "%CustomerSeq%\\cmrr_mbep2d_bold",
    "PulseSequenceName": "epfid2d1_104",
    "ReceiveCoilActiveElements": "HC1-6",
    "ReceiveCoilName": "HeadNeck_64",
    "ReconMatrixPE": 104,
    "RepetitionTime": 1.3,
    "ScanOptions": "FS",
    "ScanningSequence": "EP",
    "SequenceVariant": "SK\\SS",
    "SeriesDescription": "epi_MB4_2mm_task-rest",
    "SeriesNumber": 10,
    "ShimSetting": [
        269,
        -12644,
        -8449,
        554,
        -72,
        -188,
        71,
        101
    ],
    "SliceThickness": 2,
    "SliceTiming": [
        0,
        0.56,
        1.12,
        0.4,
        0.96,
        0.24,
        0.8,
        0.08,
        0.64,
        1.2,
        0.48,
        1.04,
        0.32,
        0.88,
        0.16,
        0.72,
        0,
        0.56,
        1.12,
        0.4,
        0.96,
        0.24,
        0.8,
        0.08,
        0.64,
        1.2,
        0.48,
        1.04,
        0.32,
        0.88,
        0.16,
        0.72,
        0,
        0.56,
        1.12,
        0.4,
        0.96,
        0.24,
        0.8,
        0.08,
        0.64,
        1.2,
        0.48,
        1.04,
        0.32,
        0.88,
        0.16,
        0.72,
        0,
        0.56,
        1.12,
        0.4,
        0.96,
        0.24,
        0.8,
        0.08,
        0.64,
        1.2,
        0.48,
        1.04,
        0.32,
        0.88,
        0.16,
        0.72
    ],
    "SoftwareVersions": "syngo MR XA30",
    "SpacingBetweenSlices": 2,
    "StationName": "AWP166018",
    "TaskName": "rest",
    "TotalReadoutTime": 0.0576811,
    "TxRefAmp": 215.303,
    "WipMemBlock": "e5873180-857c-46c4-bc43-06a52bfd0ae0||Sequence: R017 nxva30a/master r/294d878e6; May 17 2024 19:22:59 by eja"
}