{
  "AcquisitionMatrixPE": 152,
  "AcquisitionNumber": 1,
  "AcquisitionTime": "18:28:11.367500",
  "BandwidthPerPixelPhaseEncode": 9.398,
  "BaseResolution": 150,
  "BodyPartExamined": "BRAIN",
  "ConsistencyInfo": "N4_VE11C_LATEST_20160120",
  "ConversionSoftware": "dcm2niix",
  "ConversionSoftwareVersion": "v1.0.20210317",
  "DerivedVendorReportedEchoSpacing": 0.000700037,
  "DeviceSerialNumber": "166018",
  "DiffusionScheme": "Monopolar",
  "DwellTime": 2e-06,
  "EchoTime": 0.0852,
  "EchoTrainLength": 114,
  "EffectiveEchoSpacing": 0.000700037,
  "FlipAngle": 90,
  "ImageComments": "Unaliased MB3/PE3/LB SENSE1",
  "ImageOrientationPatientDICOM": [0.997207, 0.0209796, 0.0716765, -0.0374373, 0.970866, 0.23668],
  "ImageType": [
    "ORIGINAL",
    "PRIMARY",
    "DIFFUSION",
    "NONE",
    "MB",
    "ND"
],
  "ImagingFrequency": 123.197,
  "InPlanePhaseEncodingDirectionDICOM": "COL",
  "InstitutionAddress": "Washington Place 6,NYC,NYC,US,10003",
  "InstitutionName": "NYU - CBI",
  "InstitutionalDepartmentName": "Department",
  "IntendedFor": [
    "dwi/sub-EBE0029_acq-138vols_dwi.nii.gz"
],
  "MRAcquisitionType": "2D",
  "MagneticFieldStrength": 3,
  "Manufacturer": "Siemens",
  "ManufacturersModelName": "Prisma",
  "Modality": "MR",
  "MultibandAccelerationFactor": 3,
  "PartialFourier": 0.75,
  "PatientPosition": "HFS",
  "PercentPhaseFOV": 101.333,
  "PercentSampling": 100,
  "PhaseEncodingDirection": "j-",
  "PhaseEncodingSteps": 114,
  "PhaseResolution": 1,
  "PixelBandwidth": 1665,
  "ProcedureStepDescription": "Investigators^Blanco-Elorrieta",
  "ProtocolName": "SpinEchoFieldMap_1.5_AP",
  "PulseSequenceDetails": "%CustomerSeq%\\cmrr_mbep2d_diff",
  "ReceiveCoilActiveElements": "HC1-7;NC1,2",
  "ReceiveCoilName": "HeadNeck_64",
  "ReconMatrixPE": 152,
  "RepetitionTime": 4.15,
  "SAR": 0.108994,
  "ScanOptions": "PFP\\FS",
  "ScanningSequence": "EP",
  "SequenceName": "ep_b5#1",
  "SequenceVariant": "SK\\SS",
  "SeriesDescription": "SpinEchoFieldMap_1.5_AP",
  "SeriesNumber": 13,
  "ShimSetting": [314, -12683, -8496, 247, 43, -390, -57, 1],
  "SliceThickness": 1.5,
  "SliceTiming": [0, 2.14062, 0.14062, 2.28125, 0.29688, 2.4375, 0.45312, 2.59375, 0.60938, 2.75, 0.75, 2.90625, 0.90625, 3.04688, 1.0625, 3.20312, 1.21875, 3.35938, 1.375, 3.51562, 1.51562, 3.65625, 1.67188, 3.8125, 1.82812, 3.96875, 1.98438, 0, 2.14062, 0.14062, 2.28125, 0.29688, 2.4375, 0.45312, 2.59375, 0.60938, 2.75, 0.75, 2.90625, 0.90625, 3.04688, 1.0625, 3.20312, 1.21875, 3.35938, 1.375, 3.51562, 1.51562, 3.65625, 1.67188, 3.8125, 1.82812, 3.96875, 1.98438, 0, 2.14062, 0.14062, 2.28125, 0.29688, 2.4375, 0.45312, 2.59375, 0.60938, 2.75, 0.75, 2.90625, 0.90625, 3.04688, 1.0625, 3.20312, 1.21875, 3.35938, 1.375, 3.51562, 1.51562, 3.65625, 1.67188, 3.8125, 1.82812, 3.96875, 1.98438],
  "SoftwareVersions": "syngo MR E11",
  "SpacingBetweenSlices": 1.5,
  "StationName": "AWP166018",
  "TotalReadoutTime": 0.105706,
  "TxRefAmp": 255.105,
  "WipMemBlock": "e2ef0a39-0f60-419c-a6a1-285077ba02c8||Sequence: R016 ve11c/master r/8780670; Nov 27 2017 15:07:03 by eja",
  "dcmmeta_affine": [
    [-1.495810866355896, -0.0561559833586216, 0.09693336486816406, 121.8836669921875],
    [-0.03146938234567642, 1.4562991857528687, 0.35805511474609375, -94.79016876220703],
    [0.10751470923423767, -0.3550201952457428, 1.4534072875976562, -18.411483764648438],
    [0.0, 0.0, 0.0, 1.0]
],
  "dcmmeta_reorient_transform": [
    [0.0, -1.0, 0.0, 151.0],
    [1.0, 0.0, 0.0, 0.0],
    [0.0, 0.0, -1.0, 80.0],
    [0.0, 0.0, 0.0, 1.0]
],
  "dcmmeta_shape": [150, 152, 81],
  "dcmmeta_slice_dim": 2,
  "dcmmeta_version": 0.6,
  "global": {
    "const": {
      "AccessionNumber": "3G9TJ3NF",
      "AcquisitionMatrix": [150, 0, 0, 152],
      "AcquisitionNumber": 1,
      "AngioFlag": "N",
      "BitsAllocated": 16,
      "BitsStored": 16,
      "BodyPartExamined": "BRAIN",
      "Columns": 150,
      "EchoNumbers": 1,
      "EchoTime": 85.2,
      "EchoTrainLength": 114,
      "FlipAngle": 90.0,
      "HighBit": 15,
      "ImageOrientationPatient": [0.99720727036502, 0.02097958937725, 0.07167647285347, -0.037437321221, 0.97086608876999, 0.23668013151987],
      "ImageType": [
        "ORIGINAL",
        "PRIMARY",
        "DIFFUSION",
        "NONE",
        "MB",
        "ND"
],
      "ImagedNucleus": "1H",
      "ImagingFrequency": 123.196716,
      "InPlanePhaseEncodingDirection": "COL",
      "MRAcquisitionType": "2D",
      "MagneticFieldStrength": 3.0,
      "Manufacturer": "SIEMENS",
      "ManufacturerModelName": "Prisma",
      "Modality": "MR",
      "NumberOfAverages": 1.0,
      "NumberOfPhaseEncodingSteps": 114,
      "PercentPhaseFieldOfView": 101.33333333333,
      "PercentSampling": 100.0,
      "PerformedProcedureStepStartTime": "180324.599000",
      "PhotometricInterpretation": "MONOCHROME2",
      "PixelBandwidth": 1665.0,
      "PixelRepresentation": 0,
      "PixelSpacing": [1.5, 1.5],
      "ProtocolName": "SpinEchoFieldMap_1.5_AP",
      "RepetitionTime": 4150.0,
      "Rows": 152,
      "SAR": 0.10899428146425,
      "SamplesPerPixel": 1,
      "ScanOptions": [
        "PFP",
        "FS"
],
      "ScanningSequence": "EP",
      "SequenceName": "ep_b5#1",
      "SequenceVariant": [
        "SK",
        "SS"
],
      "SeriesDescription": "SpinEchoFieldMap_1.5_AP",
      "SeriesNumber": 13,
      "SeriesTime": "182834.930000",
      "SliceThickness": 1.5,
      "SmallestImagePixelValue": 0,
      "SoftwareVersions": "syngo MR E11",
      "SpacingBetweenSlices": 1.5,
      "SpecificCharacterSet": "ISO_IR 100",
      "StudyID": "1",
      "StudyTime": "180324.479000",
      "TransmitCoilName": "Body",
      "VariableFlipAngleFlag": "N",
      "WindowCenterWidthExplanation": "Algo1",
      "dBdt": 0.0},
