{
  "AcquisitionMatrixPE": 152,
  "AcquisitionNumber": 1,
  "AcquisitionTime": "12:30:51.382500",
  "BandwidthPerPixelPhaseEncode": 9.398,
  "BaseResolution": 150,
  "BodyPartExamined": "BRAIN",
  "ConsistencyInfo": "N4_VE11C_LATEST_20160120",
  "ConversionSoftware": "dcm2niix",
  "ConversionSoftwareVersion": "v1.0.20210317",
  "DerivedVendorReportedEchoSpacing": 0.000700037,
  "DeviceSerialNumber": "166018",
  "DwellTime": 2e-06,
  "EchoTime": 0.0852,
  "EchoTrainLength": 114,
  "EffectiveEchoSpacing": 0.000700037,
  "FlipAngle": 90,
  "ImageComments": "Single-band reference SENSE1",
  "ImageOrientationPatientDICOM": [0.999079, 0.0308527, 0.0298186, -0.0361108, 0.979945, 0.19597],
  "ImageType": [
    "ORIGINAL",
    "PRIMARY",
    "M",
    "ND",
    "MOSAIC"
],
  "ImagingFrequency": 123.197,
  "InPlanePhaseEncodingDirectionDICOM": "COL",
  "InstitutionAddress": "Washington Place 6,NYC,NYC,US,10003",
  "InstitutionName": "NYU Center for Brain Imaging",
  "InstitutionalDepartmentName": "Department",
  "MRAcquisitionType": "2D",
  "MagneticFieldStrength": 3,
  "Manufacturer": "Siemens",
  "ManufacturersModelName": "Prisma",
  "Modality": "MR",
  "PartialFourier": 0.75,
  "PatientPosition": "HFS",
  "PercentPhaseFOV": 101.333,
  "PercentSampling": 100,
  "PhaseEncodingDirection": "j-",
  "PhaseEncodingSteps": 114,
  "PhaseResolution": 1,
  "PixelBandwidth": 1665,
  "ProcedureStepDescription": "Investigators^Blanco-Elorrieta",
  "ProtocolName": "dMRI_mb3_AP_1.5",
  "PulseSequenceDetails": "%CustomerSeq%\\cmrr_mbep2d_diff",
  "ReceiveCoilActiveElements": "HC1-7;NC1,2",
  "ReceiveCoilName": "HeadNeck_64",
  "ReconMatrixPE": 152,
  "RepetitionTime": 4.15,
  "SAR": 0.131729,
  "ScanOptions": "PFP\\FS",
  "ScanningSequence": "EP",
  "SequenceName": "epse2d1_152",
  "SequenceVariant": "SK\\SS",
  "SeriesDescription": "dMRI_mb3_AP_1.5_SBRef",
  "SeriesNumber": 16,
  "ShimSetting": [356, -12613, -8662, 124, 124, -64, -358, -22],
  "SliceThickness": 1.5,
  "SliceTiming": [0, 0.1525, 0.305, 0.4575, 0.6125, 0.765, 0.9175, 1.07, 1.2225, 1.375, 1.53, 1.6825, 1.835, 1.9875, 2.14, 2.295, 2.4475, 2.6, 2.7525, 2.905, 3.06, 3.2125, 3.365, 3.5175, 3.67, 3.8225, 3.9775, 4.13, 4.2825, 4.435, 4.5875, 4.7425, 4.895, 5.0475, 5.2, 5.3525, 5.505, 5.66, 5.8125, 5.965, 6.1175, 6.27, 6.425, 6.5775, 6.73, 6.8825, 7.035, 7.1875, 7.3425, 7.495, 7.6475, 7.8, 7.9525, 8.1075, 8.26, 8.4125, 8.565, 8.7175, 8.8725, 9.025, 9.1775, 9.33, 9.4825, 9.635, 9.79, 9.9425, 10.095, 10.2475, 10.4, 10.555, 10.7075, 10.86, 11.0125, 11.165, 11.3175, 11.4725, 11.625, 11.7775, 11.93, 12.0825, 12.2375],
  "SoftwareVersions": "syngo MR E11",
  "SpacingBetweenSlices": 1.5,
  "StationName": "AWP166018",
  "TotalReadoutTime": 0.105706,
  "TxRefAmp": 205.429,
  "WipMemBlock": "6dfbd52a-6699-4b04-a2d2-1a8674e84c5f||Sequence: R016 ve11c/master r/8780670; Nov 27 2017 15:07:03 by eja",
  "dcmmeta_affine": [
    [-1.4986186027526855, -0.05416619032621384, 0.03476158156991005, 123.83563995361328],
    [-0.046279095113277435, 1.4699170589447021, 0.2953000068664551, -96.09800720214844],
    [0.04472794756293297, -0.29395556449890137, 1.4702345132827759, -13.888944625854492],
    [0.0, 0.0, 0.0, 1.0]
],
  "dcmmeta_reorient_transform": [
    [0.0, -1.0, 0.0, 151.0],
    [1.0, 0.0, 0.0, 0.0],
    [0.0, 0.0, 1.0, 0.0],
    [0.0, 0.0, 0.0, 1.0]
],
  "dcmmeta_shape": [150, 152, 81],
  "dcmmeta_slice_dim": 2,
  "dcmmeta_version": 0.6,
  "global": {
    "const": {
      "AccessionNumber": "B9NCWTYH",
      "AcquisitionMatrix": [150, 0, 0, 152],
      "AcquisitionNumber": 1,
      "AcquisitionTime": "123051.382500",
      "AngioFlag": "N",
      "BitsAllocated": 16,
      "BitsStored": 16,
      "BodyPartExamined": "BRAIN",
      "Columns": 1350,
      "ContentTime": "123245.700000",
      "EchoNumbers": 1,
      "EchoTime": 85.2,
      "EchoTrainLength": 114,
      "FlipAngle": 90.0,
      "HighBit": 15,
      "ImageOrientationPatient": [0.99907905510165, 0.03085272964785, 0.02981863059338, -0.0361107934222, 0.97994470279097, 0.19597038059447],
      "ImagePositionPatient": [-981.89464831866, -1047.3364909444, -263.83799050625],
      "ImageType": [
        "ORIGINAL",
        "PRIMARY",
        "M",
        "ND",
        "MOSAIC"
],
      "ImagedNucleus": "1H",
      "ImagingFrequency": 123.196937,
      "InPlanePhaseEncodingDirection": "COL",
      "InstanceCreationTime": "123245.700000",
      "InstanceNumber": 1,
      "LargestImagePixelValue": 65535,
      "MRAcquisitionType": "2D",
      "MagneticFieldStrength": 3.0,
      "Manufacturer": "SIEMENS",
      "ManufacturerModelName": "Prisma",
      "Modality": "MR",
      "NumberOfAverages": 1.0,
      "NumberOfPhaseEncodingSteps": 114,
      "PercentPhaseFieldOfView": 101.33333333333,
      "PercentSampling": 100.0,
      "PerformedProcedureStepStartTime": "120300.037000",
      "PhotometricInterpretation": "MONOCHROME2",
      "PixelBandwidth": 1665.0,
      "PixelRepresentation": 0,
      "PixelSpacing": [1.5, 1.5],
      "ProtocolName": "dMRI_mb3_AP_1.5",
      "RepetitionTime": 4150.0,
      "Rows": 1368,
      "SAR": 0.13172903096852,
      "SamplesPerPixel": 1,
      "ScanOptions": [
        "PFP",
        "FS"
],
      "ScanningSequence": "EP",
      "SequenceName": "epse2d1_152",
      "SequenceVariant": [
        "SK",
        "SS"
],
      "SeriesDescription": "dMRI_mb3_AP_1.5_SBRef",
      "SeriesNumber": 16,
      "SeriesTime": "123245.696000",
      "SliceLocation": -29.662018014017,
      "SliceThickness": 1.5,
      "SmallestImagePixelValue": 0,
      "SoftwareVersions": "syngo MR E11",
      "SpacingBetweenSlices": 1.4999999764574,
      "SpecificCharacterSet": "ISO_IR 100",
      "StudyID": "1",
      "StudyTime": "120259.979000",
      "TransmitCoilName": "Body",
      "VariableFlipAngleFlag": "N",
      "WindowCenter": 8217.0,
      "WindowCenterWidthExplanation": "Algo1",
      "WindowWidth": 18256.0,
      "dBdt": 0.0},
    "slices": {}
  }
}