{
  "AcquisitionDuration": 425.04,
  "AcquisitionMatrixPE": 104,
  "AcquisitionNumber": 1,
  "AcquisitionTime": "17:35:46.967500",
  "BandwidthPerPixelPhaseEncode": 17.17,
  "BaseResolution": 104,
  "BidsGuess": [
    "func",
    "_acq-epfid2_dir-AP_run-9_bold"
],
  "BodyPartExamined": "BRAIN",
  "CoilCombinationMethod": "Sum of Squares",
  "CoilString": "HeadNeck_64",
  "ConversionSoftware": "dcm2niix",
  "ConversionSoftwareVersion": "v1.0.20240202",
  "DerivedVendorReportedEchoSpacing": 0.000560011,
  "DeviceSerialNumber": "166018",
  "DwellTime": 2.1e-06,
  "EchoTime": 0.035,
  "EchoTrainLength": 104,
  "EffectiveEchoSpacing": 0.000560011,
  "FlipAngle": 62,
  "FrequencyEncodingSteps": 104,
  "HeudiconvVersion": "4.0.1",
  "ImageComments": " Brain, Single-band reference",
  "ImageOrientationPatientDICOM": [0.996646, -0.0389227, 0.071986, 0.0667213, 0.895815, -0.43939],
  "ImageType": [
    "ORIGINAL",
    "PRIMARY",
    "FMRI",
    "NONE"
],
  "ImageTypeText": [
    "ORIGINAL",
    "PRIMARY",
    "M",
    "ND"
],
  "ImagingFrequency": 123.196687,
  "InPlanePhaseEncodingDirectionDICOM": "COL",
  "InstitutionAddress": "Washington Place 6,NYC,NYC,US,10003",
  "InstitutionName": "NYU Center for Brain Imaging",
  "MRAcquisitionType": "2D",
  "MTState": false,
  "MagneticFieldStrength": 3,
  "Manufacturer": "Siemens",
  "ManufacturersModelName": "MAGNETOM Prisma",
  "MatrixCoilMode": "SENSE",
  "Modality": "MR",
  "NonlinearGradientCorrection": false,
  "PartialFourier": 1,
  "PatientPosition": "HFS",
  "PercentPhaseFOV": 100,
  "PercentSampling": 100,
  "PhaseEncodingDirection": "j-",
  "PhaseEncodingSteps": 104,
  "PhaseResolution": 1,
  "PixelBandwidth": 2289,
  "ProtocolName": "epi_MB4_2mm_task-rest",
  "PulseSequenceDetails": "%CustomerSeq%\\cmrr_mbep2d_bold",
  "PulseSequenceName": "epfid2d1_104",
  "ReceiveCoilActiveElements": "HC1-7",
  "ReceiveCoilName": "HeadNeck_64",
  "ReconMatrixPE": 104,
  "RepetitionTime": 1.3,
  "ScanOptions": "FS",
  "ScanningSequence": "EP",
  "SequenceVariant": "SK\\SS",
  "SeriesDescription": "epi_MB4_2mm_task-rest_SBRef",
  "SeriesNumber": 9,
  "ShimSetting": [304, -12620, -8464, 352, -38, -80, -20, 108],
  "SliceThickness": 2,
  "SliceTiming": [0, 0.08, 0.16, 0.24, 0.32, 0.4, 0.48, 0.56, 0.6375, 0.7175, 0.7975, 0.8775, 0.9575, 1.0375, 1.1175, 1.1975, 1.2775, 1.3575, 1.4375, 1.5175, 1.5975, 1.6775, 1.7575, 1.8375, 1.9175, 1.9975, 2.0775, 2.1575, 2.2375, 2.3175, 2.3975, 2.4775, 2.5575, 2.6375, 2.7175, 2.7975, 2.8775, 2.9575, 3.0375, 3.1175, 3.1975, 3.2775, 3.3575, 3.4375, 3.5175, 3.5975, 3.6775, 3.7575, 3.8375, 3.9175, 3.9975, 4.0775, 4.1575, 4.2375, 4.3175, 4.3975, 4.4775, 4.5575, 4.6375, 4.7175, 4.7975, 4.8775, 4.9575, 5.0375],
  "SoftwareVersions": "syngo MR XA30",
  "SpacingBetweenSlices": 2,
  "StationName": "AWP166018",
  "TaskName": "rest",
  "TotalReadoutTime": 0.0576811,
  "TxRefAmp": 232.162,
  "WipMemBlock": "1993a0e2-aff6-4da0-b1fa-6d5239585d20||Sequence: R017 nxva30a/master r/294d878e6; May 17 2024 19:22:59 by eja"
}