{
  "AcquisitionMatrixPE": 152,
  "AcquisitionNumber": 1,
  "AcquisitionTime": "15:37:44.600000",
  "BandwidthPerPixelPhaseEncode": 9.398,
  "BaseResolution": 150,
  "BodyPartExamined": "BRAIN",
  "ConsistencyInfo": "N4_VE11C_LATEST_20160120",
  "ConversionSoftware": "dcm2niix",
  "ConversionSoftwareVersion": "v1.0.20210317",
  "DerivedVendorReportedEchoSpacing": 0.000700037,
  "DeviceSerialNumber": "166018",
  "DwellTime": 2e-06,
  "EchoTime": 0.0852,
  "EchoTrainLength": 114,
  "EffectiveEchoSpacing": 0.000700037,
  "FlipAngle": 90,
  "ImageComments": "Single-band reference SENSE1",
  "ImageOrientationPatientDICOM": [0.998055, 0.0563979, 0.0265567, -0.0556252, 0.998031, -0.0289876],
  "ImageType": [
    "ORIGINAL",
    "PRIMARY",
    "M",
    "ND",
    "MOSAIC"
],
  "ImagingFrequency": 123.197,
  "InPlanePhaseEncodingDirectionDICOM": "COL",
  "InstitutionAddress": "Washington Place 6,NYC,NYC,US,10003",
  "InstitutionName": "NYU - CBI",
  "InstitutionalDepartmentName": "Department",
  "MRAcquisitionType": "2D",
  "MagneticFieldStrength": 3,
  "Manufacturer": "Siemens",
  "ManufacturersModelName": "Prisma",
  "Modality": "MR",
  "PartialFourier": 0.75,
  "PatientPosition": "HFS",
  "PercentPhaseFOV": 101.333,
  "PercentSampling": 100,
  "PhaseEncodingDirection": "j-",
  "PhaseEncodingSteps": 114,
  "PhaseResolution": 1,
  "PixelBandwidth": 1665,
  "ProcedureStepDescription": "Investigators^Blanco-Elorrieta",
  "ProtocolName": "dMRI_mb3_AP_1.5",
  "PulseSequenceDetails": "%CustomerSeq%\\cmrr_mbep2d_diff",
  "ReceiveCoilActiveElements": "HC1-7;NC1,2",
  "ReceiveCoilName": "HeadNeck_64",
  "ReconMatrixPE": 152,
  "RepetitionTime": 4.15,
  "SAR": 0.121301,
  "ScanOptions": "PFP\\FS",
  "ScanningSequence": "EP",
  "SequenceName": "epse2d1_152",
  "SequenceVariant": "SK\\SS",
  "SeriesDescription": "dMRI_mb3_AP_1.5_SBRef",
  "SeriesNumber": 16,
  "ShimSetting": [291, -12698, -8553, 81, -86, -190, -165, 86],
  "SliceThickness": 1.5,
  "SliceTiming": [0, 0.1525, 0.3075, 0.46, 0.6125, 0.765, 0.9175, 1.0725, 1.225, 1.3775, 1.53, 1.6825, 1.835, 1.99, 2.1425, 2.295, 2.4475, 2.6, 2.755, 2.9075, 3.06, 3.2125, 3.365, 3.5175, 3.6725, 3.825, 3.9775, 4.13, 4.2825, 4.4375, 4.59, 4.7425, 4.895, 5.0475, 5.2, 5.355, 5.5075, 5.66, 5.8125, 5.965, 6.12, 6.2725, 6.425, 6.5775, 6.73, 6.885, 7.0375, 7.19, 7.3425, 7.495, 7.6475, 7.8025, 7.955, 8.1075, 8.26, 8.4125, 8.5675, 8.72, 8.8725, 9.025, 9.1775, 9.33, 9.485, 9.6375, 9.79, 9.9425, 10.095, 10.25, 10.4025, 10.555, 10.7075, 10.86, 11.0125, 11.1675, 11.32, 11.4725, 11.625, 11.7775, 11.9325, 12.085, 12.2375],
  "SoftwareVersions": "syngo MR E11",
  "SpacingBetweenSlices": 1.5,
  "StationName": "AWP166018",
  "TotalReadoutTime": 0.105706,
  "TxRefAmp": 211.918,
  "WipMemBlock": "5ed46c25-ffec-4312-8b11-0caa4adebbef||Sequence: R016 ve11c/master r/8780670; Nov 27 2017 15:07:03 by eja",
  "dcmmeta_affine": [
    [-1.4970827102661133, -0.08343786746263504, 0.042208846658468246, 128.43408203125],
    [-0.0845969021320343, 1.4970462322235107, -0.0411810427904129, -88.69284057617188],
    [0.03983502462506294, 0.04348144307732582, 1.49884033203125, -45.904842376708984],
    [0.0, 0.0, 0.0, 1.0]
],
  "dcmmeta_reorient_transform": [
    [0.0, -1.0, 0.0, 151.0],
    [1.0, 0.0, 0.0, 0.0],
    [0.0, 0.0, 1.0, 0.0],
    [0.0, 0.0, 0.0, 1.0]
],
  "dcmmeta_shape": [150, 152, 81],
  "dcmmeta_slice_dim": 2,
  "dcmmeta_version": 0.6,
  "global": {
    "const": {
      "AccessionNumber": "TYHQYX67",
      "AcquisitionMatrix": [150, 0, 0, 152],
      "AcquisitionNumber": 1,
      "AcquisitionTime": "153744.600000",
      "AngioFlag": "N",
      "BitsAllocated": 16,
      "BitsStored": 16,
      "BodyPartExamined": "BRAIN",
      "Columns": 1350,
      "ContentTime": "153828.968000",
      "EchoNumbers": 1,
      "EchoTime": 85.2,
      "EchoTrainLength": 114,
      "FlipAngle": 90.0,
      "HighBit": 15,
      "ImageOrientationPatient": [0.99805511656121, 0.05639793331013, 0.02655668323289, -0.0556252458791, 0.99803083590649, -0.0289876284072],
      "ImagePositionPatient": [-963.35433803629, -1098.3234089166, -36.803443883734],
      "ImageType": [
        "ORIGINAL",
        "PRIMARY",
        "M",
        "ND",
        "MOSAIC"
],
      "ImagedNucleus": "1H",
      "ImagingFrequency": 123.19674,
      "InPlanePhaseEncodingDirection": "COL",
      "InstanceCreationTime": "153828.968000",
      "InstanceNumber": 1,
      "LargestImagePixelValue": 65535,
      "MRAcquisitionType": "2D",
      "MagneticFieldStrength": 3.0,
      "Manufacturer": "SIEMENS",
      "ManufacturerModelName": "Prisma",
      "Modality": "MR",
      "NumberOfAverages": 1.0,
      "NumberOfPhaseEncodingSteps": 114,
      "PercentPhaseFieldOfView": 101.33333333333,
      "PercentSampling": 100.0,
      "PerformedProcedureStepStartTime": "151100.454000",
      "PhotometricInterpretation": "MONOCHROME2",
      "PixelBandwidth": 1665.0,
      "PixelRepresentation": 0,
      "PixelSpacing": [1.5, 1.5],
      "ProtocolName": "dMRI_mb3_AP_1.5",
      "RepetitionTime": 4150.0,
      "Rows": 1368,
      "SAR": 0.12130071722828,
      "SamplesPerPixel": 1,
      "ScanOptions": [
        "PFP",
        "FS"
],
      "ScanningSequence": "EP",
      "SequenceName": "epse2d1_152",
      "SequenceVariant": [
        "SK",
        "SS"
],
      "SeriesDescription": "dMRI_mb3_AP_1.5_SBRef",
      "SeriesNumber": 16,
      "SeriesTime": "153828.964000",
      "SliceLocation": -39.82034445537,
      "SliceThickness": 1.5,
      "SmallestImagePixelValue": 0,
      "SoftwareVersions": "syngo MR E11",
      "SpacingBetweenSlices": 1.4999999833122,
      "SpecificCharacterSet": "ISO_IR 100",
      "StudyID": "1",
      "StudyTime": "151100.319000",
      "TransmitCoilName": "Body",
      "VariableFlipAngleFlag": "N",
      "WindowCenter": 9658.0,
      "WindowCenterWidthExplanation": "Algo1",
      "WindowWidth": 21794.0,
      "dBdt": 0.0},
    "slices": {}
  }
}