{
  "AcquisitionDuration": 594.977,
  "AcquisitionNumber": 1,
  "AcquisitionTime": "12:44:11.527500",
  "BidsGuess": [
    "dwi",
    "_acq-epse2_dir-AP_run-16_dwi"
],
  "BodyPartExamined": "BRAIN",
  "CoilString": "HeadNeck_64",
  "ConversionSoftware": "dcm2niix",
  "ConversionSoftwareVersion": "v1.0.20240202",
  "DeviceSerialNumber": "166018",
  "EchoTime": 0.0852,
  "EchoTrainLength": 114,
  "FlipAngle": 90,
  "FrequencyEncodingSteps": 150,
  "HeudiconvVersion": "4.0.1",
  "ImageComments": " Brain, Unaliased MB3/PE3/LB SENSE1",
  "ImageOrientationPatientDICOM": [0.998199, -0.0377609, 0.0466102, 0.0360789, 0.998685, 0.0364162],
  "ImageType": [
    "ORIGINAL",
    "PRIMARY",
    "DIFFUSION",
    "NONE"
],
  "ImagingFrequency": 123.196794,
  "InPlanePhaseEncodingDirectionDICOM": "COL",
  "InstitutionAddress": "Washington Place 6,NYC,NYC,US,10003",
  "InstitutionName": "NYU Center for Brain Imaging",
  "MRAcquisitionType": "2D",
  "MTState": false,
  "MagneticFieldStrength": 3,
  "Manufacturer": "Siemens",
  "ManufacturersModelName": "MAGNETOM Prisma",
  "Modality": "MR",
  "PartialFourier": 0.75,
  "PartialFourierDirection": "PHASE",
  "PatientPosition": "HFS",
  "PercentPhaseFOV": 101.333,
  "PercentSampling": 100,
  "PhaseEncodingAxis": "j",
  "PhaseEncodingSteps": 152,
  "PixelBandwidth": 1667,
  "ProtocolName": "dMRI_mb3_AP_1.5",
  "PulseSequenceName": "epse2d1_152",
  "ReconMatrixPE": 152,
  "RepetitionTime": 4.15,
  "SeriesDescription": "dMRI_mb3_AP_1.5",
  "SeriesNumber": 16,
  "SliceThickness": 1.5,
  "SoftwareVersions": "syngo MR XA30",
  "SpacingBetweenSlices": 1.5,
  "StationName": "AWP166018"
}