{
  "AcquisitionMatrixPE": 104,
  "AcquisitionNumber": 1,
  "AcquisitionTime": "20:03:48.112500",
  "BandwidthPerPixelPhaseEncode": 17.17,
  "BaseResolution": 104,
  "BodyPartExamined": "BRAIN",
  "ConsistencyInfo": "N4_VE11C_LATEST_20160120",
  "ConversionSoftware": "dcm2niix",
  "ConversionSoftwareVersion": "v1.0.20210317",
  "DerivedVendorReportedEchoSpacing": 0.000560011,
  "DeviceSerialNumber": "166018",
  "DwellTime": 2.1e-06,
  "EchoTime": 0.035,
  "EchoTrainLength": 104,
  "EffectiveEchoSpacing": 0.000560011,
  "FlipAngle": 62,
  "ImageComments": "Single-band reference",
  "ImageOrientationPatientDICOM": [0.996189, -0.0413997, 0.0767729, 0.0518594, 0.988837, -0.139686],
  "ImageType": [
    "ORIGINAL",
    "PRIMARY",
    "M",
    "ND",
    "MOSAIC"
],
  "ImagingFrequency": 123.197,
  "InPlanePhaseEncodingDirectionDICOM": "COL",
  "InstitutionAddress": "Washington Place 6,NYC,NYC,US,10003",
  "InstitutionName": "NYU - CBI",
  "InstitutionalDepartmentName": "Department",
  "MRAcquisitionType": "2D",
  "MagneticFieldStrength": 3,
  "Manufacturer": "Siemens",
  "ManufacturersModelName": "Prisma",
  "Modality": "MR",
  "PartialFourier": 1,
  "PatientPosition": "HFS",
  "PercentPhaseFOV": 100,
  "PercentSampling": 100,
  "PhaseEncodingDirection": "j-",
  "PhaseEncodingSteps": 104,
  "PhaseResolution": 1,
  "PixelBandwidth": 2290,
  "ProcedureStepDescription": "Investigators^Blanco-Elorrieta",
  "ProtocolName": "epi_MB4_2mm_task-rest",
  "PulseSequenceDetails": "%CustomerSeq%\\cmrr_mbep2d_bold",
  "ReceiveCoilActiveElements": "HC1-7;NC1,2",
  "ReceiveCoilName": "HeadNeck_64",
  "ReconMatrixPE": 104,
  "RepetitionTime": 1.3,
  "SAR": 0.0685635,
  "ScanOptions": "FS",
  "ScanningSequence": "EP",
  "SequenceName": "epfid2d1_104",
  "SequenceVariant": "SK\\SS",
  "SeriesDescription": "epi_MB4_2mm_task-rest_SBRef",
  "SeriesNumber": 10,
  "ShimSetting": [305, -12661, -8475, 359, -34, -31, 129, 42],
  "SliceThickness": 2,
  "SliceTiming": [0, 0.08, 0.16, 0.24, 0.32, 0.4, 0.48, 0.56, 0.64, 0.72, 0.8, 0.88, 0.96, 1.04, 1.12, 1.2, 1.28, 1.36, 1.44, 1.52, 1.6, 1.68, 1.76, 1.84, 1.92, 2, 2.08, 2.16, 2.24, 2.32, 2.4, 2.48, 2.56, 2.64, 2.72, 2.8, 2.88, 2.96, 3.04, 3.12, 3.2, 3.28, 3.36, 3.44, 3.52, 3.6, 3.68, 3.76, 3.84, 3.92, 4, 4.08, 4.16, 4.24, 4.32, 4.4, 4.48, 4.56, 4.64, 4.72, 4.8, 4.88, 4.96, 5.04],
  "SoftwareVersions": "syngo MR E11",
  "SpacingBetweenSlices": 2,
  "StationName": "AWP166018",
  "TaskName": "rest",
  "TotalReadoutTime": 0.0576811,
  "TxRefAmp": 210.688,
  "WipMemBlock": "beb0ab2c-0442-49f9-84b2-0548d003f3ce||Sequence: R016 ve11c/master r/8780670; Nov 27 2017 15:05:12 by eja",
  "dcmmeta_affine": [
    [-1.9923774003982544, 0.10371872037649155, 0.14026586711406708, 96.59577941894531],
    [0.08279945701360703, 1.9776737689971924, -0.28627073764801025, -87.22642517089844],
    [0.15354587137699127, 0.2793726921081543, 1.9744302034378052, -63.1637077331543],
    [0.0, 0.0, 0.0, 1.0]
],
  "dcmmeta_reorient_transform": [
    [0.0, -1.0, 0.0, 103.0],
    [1.0, 0.0, 0.0, 0.0],
    [0.0, 0.0, 1.0, 0.0],
    [0.0, 0.0, 0.0, 1.0]
],
  "dcmmeta_shape": [104, 104, 64],
  "dcmmeta_slice_dim": 2,
  "dcmmeta_version": 0.6,
  "global": {
    "const": {
      "AccessionNumber": "QM36B69P",
      "AcquisitionMatrix": [104, 0, 0, 104],
      "AcquisitionNumber": 1,
      "AcquisitionTime": "200348.112500",
      "AngioFlag": "N",
      "BitsAllocated": 16,
      "BitsStored": 16,
      "BodyPartExamined": "BRAIN",
      "Columns": 832,
      "ContentTime": "200521.512000",
      "EchoNumbers": 1,
      "EchoTime": 35.0,
      "EchoTrainLength": 104,
      "FlipAngle": 62.0,
      "HighBit": 15,
      "ImageOrientationPatient": [0.99618872651358, -0.0413997287819, 0.07677293549192, 0.05185935920998, 0.98883685703361, -0.1396863523549],
      "ImagePositionPatient": [-870.25781128757, -806.20819477951, 11.412646454293],
      "ImageType": [
        "ORIGINAL",
        "PRIMARY",
        "M",
        "ND",
        "MOSAIC"
],
      "ImagedNucleus": "1H",
      "ImagingFrequency": 123.196705,
      "InPlanePhaseEncodingDirection": "COL",
      "InstanceCreationTime": "200521.512000",
      "InstanceNumber": 1,
      "LargestImagePixelValue": 49789,
      "MRAcquisitionType": "2D",
      "MagneticFieldStrength": 3.0,
      "Manufacturer": "SIEMENS",
      "ManufacturerModelName": "Prisma",
      "Modality": "MR",
      "NumberOfAverages": 1.0,
      "NumberOfPhaseEncodingSteps": 104,
      "PercentPhaseFieldOfView": 100.0,
      "PercentSampling": 100.0,
      "PerformedProcedureStepStartTime": "194559.195000",
      "PhotometricInterpretation": "MONOCHROME2",
      "PixelBandwidth": 2290.0,
      "PixelRepresentation": 0,
      "PixelSpacing": [2.0, 2.0],
      "ProtocolName": "epi_MB4_2mm_task-rest",
      "RepetitionTime": 1300.0,
      "Rows": 832,
      "SAR": 0.06856354311498,
      "SamplesPerPixel": 1,
      "ScanOptions": "FS",
      "ScanningSequence": "EP",
      "SequenceName": "epfid2d1_104",
      "SequenceVariant": [
        "SK",
        "SS"
],
      "SeriesDescription": "epi_MB4_2mm_task-rest_SBRef",
      "SeriesNumber": 10,
      "SeriesTime": "200521.508000",
      "SliceLocation": -43.096436009768,
      "SliceThickness": 2.0,
      "SmallestImagePixelValue": 0,
      "SoftwareVersions": "syngo MR E11",
      "SpacingBetweenSlices": 2.0000000180704,
      "SpecificCharacterSet": "ISO_IR 100",
      "StudyID": "1",
      "StudyTime": "194559.137000",
      "TransmitCoilName": "Body",
      "VariableFlipAngleFlag": "N",
      "WindowCenter": 12037.0,
      "WindowCenterWidthExplanation": "Algo1",
      "WindowWidth": 25032.0,
      "dBdt": 0.0},
    "slices": {}
  }
}