{
  "AcquisitionMatrixPE": 152,
  "AcquisitionNumber": 1,
  "AcquisitionTime": "17:19:24.327500",
  "BandwidthPerPixelPhaseEncode": 9.398,
  "BaseResolution": 150,
  "BodyPartExamined": "BRAIN",
  "ConsistencyInfo": "N4_VE11C_LATEST_20160120",
  "ConversionSoftware": "dcm2niix",
  "ConversionSoftwareVersion": "v1.0.20210317",
  "DerivedVendorReportedEchoSpacing": 0.000700037,
  "DeviceSerialNumber": "166018",
  "DiffusionScheme": "Monopolar",
  "DwellTime": 2e-06,
  "EchoTime": 0.0852,
  "EchoTrainLength": 114,
  "EffectiveEchoSpacing": 0.000700037,
  "FlipAngle": 90,
  "ImageComments": "Unaliased MB3/PE3/LB SENSE1",
  "ImageOrientationPatientDICOM": [0.997921, -0.00369831, 0.0643461, 0.00609605, 0.999293, -0.0371069],
  "ImageType": [
    "ORIGINAL",
    "PRIMARY",
    "DIFFUSION",
    "NONE",
    "MB",
    "ND"
],
  "ImagingFrequency": 123.197,
  "InPlanePhaseEncodingDirectionDICOM": "COL",
  "InstitutionAddress": "Washington Place 6,NYC,NYC,US,10003",
  "InstitutionName": "NYU Center for Brain Imaging",
  "InstitutionalDepartmentName": "Department",
  "IntendedFor": [
    "dwi/sub-EBE0036_acq-138vols_dwi.nii.gz"
],
  "MRAcquisitionType": "2D",
  "MagneticFieldStrength": 3,
  "Manufacturer": "Siemens",
  "ManufacturersModelName": "Prisma",
  "Modality": "MR",
  "MultibandAccelerationFactor": 3,
  "PartialFourier": 0.75,
  "PatientPosition": "HFS",
  "PercentPhaseFOV": 101.333,
  "PercentSampling": 100,
  "PhaseEncodingDirection": "j",
  "PhaseEncodingSteps": 114,
  "PhaseResolution": 1,
  "PixelBandwidth": 1665,
  "ProcedureStepDescription": "Investigators^Blanco-Elorrieta",
  "ProtocolName": "SpinEchoFieldMap_1.5_PA",
  "PulseSequenceDetails": "%CustomerSeq%\\cmrr_mbep2d_diff",
  "ReceiveCoilActiveElements": "HC1-7;NC1,2",
  "ReceiveCoilName": "HeadNeck_64",
  "ReconMatrixPE": 152,
  "RepetitionTime": 4.15,
  "SAR": 0.0817159,
  "ScanOptions": "PFP\\FS",
  "ScanningSequence": "EP",
  "SequenceName": "ep_b5#1",
  "SequenceVariant": "SK\\SS",
  "SeriesDescription": "SpinEchoFieldMap_1.5_PA",
  "SeriesNumber": 15,
  "ShimSetting": [304, -12661, -8471, 202, -12, -288, -152, 31],
  "SliceThickness": 1.5,
  "SliceTiming": [0, 2.14062, 0.15625, 2.29688, 0.29688, 2.45312, 0.45312, 2.59375, 0.60938, 2.75, 0.76562, 2.90625, 0.92188, 3.0625, 1.0625, 3.21875, 1.21875, 3.35938, 1.375, 3.51562, 1.53125, 3.67188, 1.6875, 3.82812, 1.82812, 3.98438, 1.98438, 0, 2.14062, 0.15625, 2.29688, 0.29688, 2.45312, 0.45312, 2.59375, 0.60938, 2.75, 0.76562, 2.90625, 0.92188, 3.0625, 1.0625, 3.21875, 1.21875, 3.35938, 1.375, 3.51562, 1.53125, 3.67188, 1.6875, 3.82812, 1.82812, 3.98438, 1.98438, 0, 2.14062, 0.15625, 2.29688, 0.29688, 2.45312, 0.45312, 2.59375, 0.60938, 2.75, 0.76562, 2.90625, 0.92188, 3.0625, 1.0625, 3.21875, 1.21875, 3.35938, 1.375, 3.51562, 1.53125, 3.67188, 1.6875, 3.82812, 1.82812, 3.98438, 1.98438],
  "SoftwareVersions": "syngo MR E11",
  "SpacingBetweenSlices": 1.5,
  "StationName": "AWP166018",
  "TotalReadoutTime": 0.105706,
  "TxRefAmp": 220.473,
  "WipMemBlock": "3d85c6a6-976d-4d10-9cff-2fa99b3b6995||Sequence: R016 ve11c/master r/8780670; Nov 27 2017 15:07:03 by eja",
  "dcmmeta_affine": [
    [-1.4968812465667725, 0.009144080802798271, 0.09624481201171875, 114.99931335449219],
    [0.005547466687858105, 1.498939037322998, -0.056133270263671875, -87.98695373535156],
    [0.0965190902352333, 0.05566035956144333, 1.4958572387695312, -44.37220001220703],
    [0.0, 0.0, 0.0, 1.0]
],
  "dcmmeta_reorient_transform": [
    [0.0, -1.0, 0.0, 151.0],
    [1.0, 0.0, 0.0, 0.0],
    [0.0, 0.0, -1.0, 80.0],
    [0.0, 0.0, 0.0, 1.0]
],
  "dcmmeta_shape": [150, 152, 81],
  "dcmmeta_slice_dim": 2,
  "dcmmeta_version": 0.6,
  "global": {
    "const": {
      "AccessionNumber": "ccan3b4h",
      "AcquisitionMatrix": [150, 0, 0, 152],
      "AcquisitionNumber": 1,
      "AngioFlag": "N",
      "BitsAllocated": 16,
      "BitsStored": 16,
      "BodyPartExamined": "BRAIN",
      "Columns": 150,
      "EchoNumbers": 1,
      "EchoTime": 85.2,
      "EchoTrainLength": 114,
      "FlipAngle": 90.0,
      "HighBit": 15,
      "ImageOrientationPatient": [0.99792079187814, -0.0036983111539, 0.06434606151055, 0.00609605366371, 0.99929270765294, -0.0371069071924],
      "ImageType": [
        "ORIGINAL",
        "PRIMARY",
        "DIFFUSION",
        "NONE",
        "MB",
        "ND"
],
      "ImagedNucleus": "1H",
      "ImagingFrequency": 123.196723,
      "InPlanePhaseEncodingDirection": "COL",
      "MRAcquisitionType": "2D",
      "MagneticFieldStrength": 3.0,
      "Manufacturer": "SIEMENS",
      "ManufacturerModelName": "Prisma",
      "Modality": "MR",
      "NumberOfAverages": 1.0,
      "NumberOfPhaseEncodingSteps": 114,
      "PercentPhaseFieldOfView": 101.33333333333,
      "PercentSampling": 100.0,
      "PerformedProcedureStepStartTime": "165721.820000",
      "PhotometricInterpretation": "MONOCHROME2",
      "PixelBandwidth": 1665.0,
      "PixelRepresentation": 0,
      "PixelSpacing": [1.5, 1.5],
      "ProtocolName": "SpinEchoFieldMap_1.5_PA",
      "RepetitionTime": 4150.0,
      "Rows": 152,
      "SAR": 0.08171587010071,
      "SamplesPerPixel": 1,
      "ScanOptions": [
        "PFP",
        "FS"
],
      "ScanningSequence": "EP",
      "SequenceName": "ep_b5#1",
      "SequenceVariant": [
        "SK",
        "SS"
],
      "SeriesDescription": "SpinEchoFieldMap_1.5_PA",
      "SeriesNumber": 15,
      "SeriesTime": "171949.779000",
      "SliceThickness": 1.5,
      "SmallestImagePixelValue": 0,
      "SoftwareVersions": "syngo MR E11",
      "SpacingBetweenSlices": 1.5,
      "SpecificCharacterSet": "ISO_IR 100",
      "StudyID": "1",
      "StudyTime": "165721.706000",
      "TransmitCoilName": "Body",
      "VariableFlipAngleFlag": "N",
      "WindowCenterWidthExplanation": "Algo1",
      "dBdt": 0.0},
