{
  "AcquisitionDuration": 33.705,
  "AcquisitionMatrixPE": 104,
  "AcquisitionNumber": 1,
  "AcquisitionTime": "15:26:53.210000",
  "BandwidthPerPixelPhaseEncode": 17.17,
  "BaseResolution": 104,
  "BidsGuess": [
    "fmap",
    "_acq-epse2_dir-PA_run-8_epi"
],
  "BodyPartExamined": "BRAIN",
  "CoilCombinationMethod": "Sum of Squares",
  "CoilString": "HeadNeck_64",
  "ConversionSoftware": "dcm2niix",
  "ConversionSoftwareVersion": "v1.0.20240202",
  "DerivedVendorReportedEchoSpacing": 0.000560011,
  "DeviceSerialNumber": "166018",
  "DwellTime": 2.4e-06,
  "EchoTime": 0.0634,
  "EchoTrainLength": 104,
  "EffectiveEchoSpacing": 0.000560011,
  "FlipAngle": 90,
  "FrequencyEncodingSteps": 104,
  "HeudiconvVersion": "4.0.1",
  "ImageComments": " Brain",
  "ImageOrientationPatientDICOM": [0.996718, -0.0732214, 0.0345326, 0.0807192, 0.931458, -0.354781],
  "ImageType": [
    "ORIGINAL",
    "PRIMARY",
    "FMRI",
    "NONE"
],
  "ImageTypeText": [
    "ORIGINAL",
    "PRIMARY",
    "M",
    "ND"
],
  "ImagingFrequency": 123.196657,
  "InPlanePhaseEncodingDirectionDICOM": "COL",
  "InstitutionAddress": "Washington Place 6,NYC,NYC,US,10003",
  "InstitutionName": "NYU Center for Brain Imaging",
  "IntendedFor": [
    "func/sub-EBE0110_task-rest_bold.nii.gz"
],
  "MRAcquisitionType": "2D",
  "MTState": false,
  "MagneticFieldStrength": 3,
  "Manufacturer": "Siemens",
  "ManufacturersModelName": "MAGNETOM Prisma",
  "MatrixCoilMode": "SENSE",
  "Modality": "MR",
  "NonlinearGradientCorrection": false,
  "PartialFourier": 1,
  "PatientPosition": "HFS",
  "PercentPhaseFOV": 100,
  "PercentSampling": 100,
  "PhaseEncodingDirection": "j",
  "PhaseEncodingSteps": 104,
  "PhaseResolution": 1,
  "PixelBandwidth": 2003,
  "ProtocolName": "SE_DistortionMap_PA",
  "PulseSequenceDetails": "%CustomerSeq%\\cmrr_mbep2d_se",
  "PulseSequenceName": "epse2d1_104",
  "ReceiveCoilActiveElements": "HC1-7",
  "ReceiveCoilName": "HeadNeck_64",
  "ReconMatrixPE": 104,
  "RepetitionTime": 6.831,
  "ScanOptions": "FS",
  "ScanningSequence": "EP",
  "SequenceVariant": "SK",
  "SeriesDescription": "SE_DistortionMap_PA",
  "SeriesNumber": 8,
  "ShimSetting": [295, -12642, -8434, 385, -8, -158, -91, 59],
  "SliceThickness": 2,
  "SliceTiming": [3.405, 0, 3.5125, 0.105, 3.6175, 0.2125, 3.725, 0.32, 3.83, 0.425, 3.9375, 0.5325, 4.0425, 0.6375, 4.15, 0.745, 4.2575, 0.85, 4.3625, 0.9575, 4.47, 1.0625, 4.575, 1.17, 4.6825, 1.2775, 4.7875, 1.3825, 4.895, 1.49, 5.0025, 1.595, 5.1075, 1.7025, 5.215, 1.8075, 5.32, 1.915, 5.4275, 2.0225, 5.5325, 2.1275, 5.64, 2.235, 5.745, 2.34, 5.8525, 2.4475, 5.96, 2.5525, 6.065, 2.66, 6.1725, 2.7675, 6.2775, 2.8725, 6.385, 2.98, 6.49, 3.085, 6.5975, 3.1925, 6.705, 3.2975],
  "SoftwareVersions": "syngo MR XA30",
  "SpacingBetweenSlices": 2,
  "StationName": "AWP166018",
  "TotalReadoutTime": 0.0576811,
  "TxRefAmp": 226.84,
  "WipMemBlock": "38d53219-0eb0-4312-a6ac-2b00b90b4341||Sequence: R017 nxva30a/master r/294d878e6; May 17 2024 19:43:56 by eja"
}