{
  "AcquisitionMatrixPE": 152,
  "AcquisitionNumber": 1,
  "AcquisitionTime": "17:19:51.337500",
  "BandwidthPerPixelPhaseEncode": 9.398,
  "BaseResolution": 150,
  "BodyPartExamined": "BRAIN",
  "ConsistencyInfo": "N4_VE11C_LATEST_20160120",
  "ConversionSoftware": "dcm2niix",
  "ConversionSoftwareVersion": "v1.0.20210317",
  "DerivedVendorReportedEchoSpacing": 0.000700037,
  "DeviceSerialNumber": "166018",
  "DiffusionScheme": "Monopolar",
  "DwellTime": 2e-06,
  "EchoTime": 0.0852,
  "EchoTrainLength": 114,
  "EffectiveEchoSpacing": 0.000700037,
  "FlipAngle": 90,
  "ImageComments": "Unaliased MB3/PE3/LB SENSE1",
  "ImageOrientationPatientDICOM": [0.997921, -0.00369831, 0.0643461, 0.00609605, 0.999293, -0.0371069],
  "ImageType": [
    "ORIGINAL",
    "PRIMARY",
    "DIFFUSION",
    "NONE",
    "MB",
    "ND",
    "MOSAIC"
],
  "ImagingFrequency": 123.197,
  "InPlanePhaseEncodingDirectionDICOM": "COL",
  "InstitutionAddress": "Washington Place 6,NYC,NYC,US,10003",
  "InstitutionName": "NYU Center for Brain Imaging",
  "InstitutionalDepartmentName": "Department",
  "MRAcquisitionType": "2D",
  "MagneticFieldStrength": 3,
  "Manufacturer": "Siemens",
  "ManufacturersModelName": "Prisma",
  "Modality": "MR",
  "MultibandAccelerationFactor": 3,
  "PartialFourier": 0.75,
  "PatientPosition": "HFS",
  "PercentPhaseFOV": 101.333,
  "PercentSampling": 100,
  "PhaseEncodingDirection": "j-",
  "PhaseEncodingSteps": 114,
  "PhaseResolution": 1,
  "PixelBandwidth": 1665,
  "ProcedureStepDescription": "Investigators^Blanco-Elorrieta",
  "ProtocolName": "dMRI_mb3_AP_1.5",
  "PulseSequenceDetails": "%CustomerSeq%\\cmrr_mbep2d_diff",
  "ReceiveCoilActiveElements": "HC1-7;NC1,2",
  "ReceiveCoilName": "HeadNeck_64",
  "ReconMatrixPE": 152,
  "RepetitionTime": 4.15,
  "SAR": 0.129848,
  "ScanOptions": "PFP\\FS",
  "ScanningSequence": "EP",
  "SequenceName": "ep_b5#1",
  "SequenceVariant": "SK\\SS",
  "SeriesDescription": "dMRI_mb3_AP_1.5",
  "SeriesNumber": 17,
  "ShimSetting": [304, -12661, -8471, 202, -12, -288, -152, 31],
  "SliceThickness": 1.5,
  "SliceTiming": [0, 2.14, 0.1525, 2.2925, 0.305, 2.445, 0.4575, 2.6, 0.61, 2.7525, 0.7625, 2.905, 0.9175, 3.0575, 1.07, 3.21, 1.2225, 3.365, 1.375, 3.5175, 1.5275, 3.67, 1.6825, 3.8225, 1.835, 3.975, 1.9875, 0, 2.14, 0.1525, 2.2925, 0.305, 2.445, 0.4575, 2.6, 0.61, 2.7525, 0.7625, 2.905, 0.9175, 3.0575, 1.07, 3.21, 1.2225, 3.365, 1.375, 3.5175, 1.5275, 3.67, 1.6825, 3.8225, 1.835, 3.975, 1.9875, 0, 2.14, 0.1525, 2.2925, 0.305, 2.445, 0.4575, 2.6, 0.61, 2.7525, 0.7625, 2.905, 0.9175, 3.0575, 1.07, 3.21, 1.2225, 3.365, 1.375, 3.5175, 1.5275, 3.67, 1.6825, 3.8225, 1.835, 3.975, 1.9875],
  "SoftwareVersions": "syngo MR E11",
  "SpacingBetweenSlices": 1.5,
  "StationName": "AWP166018",
  "TotalReadoutTime": 0.105706,
  "TxRefAmp": 220.473,
  "WipMemBlock": "4669046c-a53c-4290-977f-117e7de031ef||Sequence: R016 ve11c/master r/8780670; Nov 27 2017 15:07:03 by eja",
  "dcmmeta_affine": [
    [-1.4968812465667725, 0.009144080802798271, 0.09624497592449188, 114.99929809570312],
    [0.005547466687858105, 1.498939037322998, -0.05613301694393158, -87.98696899414062],
    [0.0965190902352333, 0.05566035956144333, 1.4958562850952148, -44.37212371826172],
    [0.0, 0.0, 0.0, 1.0]
],
  "dcmmeta_reorient_transform": [
    [0.0, -1.0, 0.0, 151.0],
    [1.0, 0.0, 0.0, 0.0],
    [0.0, 0.0, 1.0, 0.0],
    [0.0, 0.0, 0.0, 1.0]
],
  "dcmmeta_shape": [150, 152, 81, 138],
  "dcmmeta_slice_dim": 2,
  "dcmmeta_version": 0.6,
  "global": {
    "const": {
      "AccessionNumber": "ccan3b4h",
      "AcquisitionMatrix": [150, 0, 0, 152],
      "AngioFlag": "N",
      "BitsAllocated": 16,
      "BitsStored": 16,
      "BodyPartExamined": "BRAIN",
      "Columns": 1350,
      "EchoNumbers": 1,
      "EchoTime": 85.2,
      "EchoTrainLength": 114,
      "FlipAngle": 90.0,
      "HighBit": 15,
      "ImageOrientationPatient": [0.99792079187814, -0.0036983111539, 0.06434606151055, 0.00609605366371, 0.99929270765294, -0.0371069071924],
      "ImagePositionPatient": [-1020.0683670511, -1046.3792958308, -60.037364440415],
      "ImageType": [
        "ORIGINAL",
        "PRIMARY",
        "DIFFUSION",
        "NONE",
        "MB",
        "ND",
        "MOSAIC"
],
      "ImagedNucleus": "1H",
      "ImagingFrequency": 123.196724,
      "InPlanePhaseEncodingDirection": "COL",
      "MRAcquisitionType": "2D",
      "MagneticFieldStrength": 3.0,
      "Manufacturer": "SIEMENS",
      "ManufacturerModelName": "Prisma",
      "Modality": "MR",
      "NumberOfAverages": 1.0,
      "NumberOfPhaseEncodingSteps": 114,
      "PercentPhaseFieldOfView": 101.33333333333,
      "PercentSampling": 100.0,
      "PerformedProcedureStepStartTime": "165721.820000",
      "PhotometricInterpretation": "MONOCHROME2",
      "PixelBandwidth": 1665.0,
      "PixelRepresentation": 0,
      "PixelSpacing": [1.5, 1.5],
      "ProtocolName": "dMRI_mb3_AP_1.5",
      "RepetitionTime": 4150.0,
      "Rows": 1368,
      "SAR": 0.12984817898617,
      "SamplesPerPixel": 1,
      "ScanOptions": [
        "PFP",
        "FS"
],
      "ScanningSequence": "EP",
      "SequenceVariant": [
        "SK",
        "SS"
],
      "SeriesDescription": "dMRI_mb3_AP_1.5",
      "SeriesNumber": 17,
      "SeriesTime": "172020.132000",
      "SliceLocation": -33.578159775823,
      "SliceThickness": 1.5,
      "SmallestImagePixelValue": 0,
      "SoftwareVersions": "syngo MR E11",
      "SpacingBetweenSlices": 1.5000000127712,
      "SpecificCharacterSet": "ISO_IR 100",
      "StudyID": "1",
      "StudyTime": "165721.706000",
      "TransmitCoilName": "Body",
      "VariableFlipAngleFlag": "N",
      "WindowCenterWidthExplanation": "Algo1",
      "dBdt": 0.0},
