{
  "AcquisitionMatrixPE": 104,
  "AcquisitionNumber": 1,
  "AcquisitionTime": "13:44:27.830000",
  "BandwidthPerPixelPhaseEncode": 17.17,
  "BaseResolution": 104,
  "BodyPartExamined": "BRAIN",
  "ConsistencyInfo": "N4_VE11C_LATEST_20160120",
  "ConversionSoftware": "dcm2niix",
  "ConversionSoftwareVersion": "v1.0.20210317",
  "DerivedVendorReportedEchoSpacing": 0.000560011,
  "DeviceSerialNumber": "166018",
  "DwellTime": 2.4e-06,
  "EchoTime": 0.0634,
  "EchoTrainLength": 104,
  "EffectiveEchoSpacing": 0.000560011,
  "FlipAngle": 90,
  "ImageOrientationPatientDICOM": [0.996115, 0.027157, -0.0837659, -0.060227, 0.904082, -0.423094],
  "ImageType": [
    "ORIGINAL",
    "PRIMARY",
    "M",
    "ND",
    "MOSAIC"
],
  "ImagingFrequency": 123.197,
  "InPlanePhaseEncodingDirectionDICOM": "COL",
  "InstitutionAddress": "Washington Place 6,NYC,NYC,US,10003",
  "InstitutionName": "NYU - CBI",
  "InstitutionalDepartmentName": "Department",
  "IntendedFor": [
    "func/sub-EBE0055_task-rest_bold.nii.gz"
],
  "MRAcquisitionType": "2D",
  "MagneticFieldStrength": 3,
  "Manufacturer": "Siemens",
  "ManufacturersModelName": "Prisma",
  "Modality": "MR",
  "PartialFourier": 1,
  "PatientPosition": "HFS",
  "PercentPhaseFOV": 100,
  "PercentSampling": 100,
  "PhaseEncodingDirection": "j",
  "PhaseEncodingSteps": 104,
  "PhaseResolution": 1,
  "PixelBandwidth": 2005,
  "ProcedureStepDescription": "Investigators^Blanco-Elorrieta",
  "ProtocolName": "SE_DistortionMap_PA",
  "PulseSequenceDetails": "%CustomerSeq%\\cmrr_mbep2d_se",
  "ReceiveCoilActiveElements": "HC1-7;NC1,2",
  "ReceiveCoilName": "HeadNeck_64",
  "ReconMatrixPE": 104,
  "RepetitionTime": 6.831,
  "SAR": 0.172771,
  "ScanOptions": "FS",
  "ScanningSequence": "EP",
  "SequenceName": "epse2d1_104",
  "SequenceVariant": "SK",
  "SeriesDescription": "SE_DistortionMap_PA",
  "SeriesNumber": 9,
  "ShimSetting": [281, -12750, -8454, 644, -37, -290, 282, 46],
  "SliceThickness": 2,
  "SliceTiming": [3.405, 0, 3.5125, 0.1075, 3.6175, 0.2125, 3.725, 0.32, 3.83, 0.425, 3.9375, 0.5325, 4.045, 0.6375, 4.15, 0.745, 4.2575, 0.8525, 4.3625, 0.9575, 4.47, 1.065, 4.575, 1.17, 4.6825, 1.2775, 4.79, 1.3825, 4.895, 1.49, 5.0025, 1.5975, 5.1075, 1.7025, 5.215, 1.81, 5.32, 1.915, 5.4275, 2.0225, 5.535, 2.1275, 5.64, 2.235, 5.7475, 2.3425, 5.8525, 2.4475, 5.96, 2.555, 6.065, 2.66, 6.1725, 2.7675, 6.28, 2.8725, 6.385, 2.98, 6.4925, 3.085, 6.5975, 3.1925, 6.705, 3.3],
  "SoftwareVersions": "syngo MR E11",
  "SpacingBetweenSlices": 2,
  "StationName": "AWP166018",
  "TotalReadoutTime": 0.0576811,
  "TxRefAmp": 244.693,
  "WipMemBlock": "451baef5-fb60-46ff-aecb-21a8eedc5dec||Sequence: R016 ve11c/master r/8780670; Nov 27 2017 15:08:10 by eja",
  "dcmmeta_affine": [
    [-1.9922306537628174, -0.12045399099588394, -0.12848249077796936, 111.25782775878906],
    [-0.05431403964757919, 1.8081636428833008, -0.8529912233352661, -61.72647476196289],
    [-0.1675317883491516, 0.846188485622406, 1.8044108152389526, -82.94861602783203],
    [0.0, 0.0, 0.0, 1.0]
],
  "dcmmeta_reorient_transform": [
    [0.0, -1.0, 0.0, 103.0],
    [1.0, 0.0, 0.0, 0.0],
    [0.0, 0.0, 1.0, 0.0],
    [0.0, 0.0, 0.0, 1.0]
],
  "dcmmeta_shape": [104, 104, 64, 3],
  "dcmmeta_slice_dim": 2,
  "dcmmeta_version": 0.6,
  "global": {
    "const": {
      "AccessionNumber": "48DJARNX",
      "AcquisitionMatrix": [104, 0, 0, 104],
      "AngioFlag": "N",
      "BitsAllocated": 16,
      "BitsStored": 16,
      "BodyPartExamined": "BRAIN",
      "Columns": 832,
      "EchoNumbers": 1,
      "EchoTime": 63.4,
      "EchoTrainLength": 104,
      "FlipAngle": 90.0,
      "HighBit": 15,
      "ImageOrientationPatient": [0.99611534041054, 0.02715701904078, -0.0837658935105, -0.0602269954792, 0.9040818443495, -0.4230942303236],
      "ImagePositionPatient": [-780.17778081361, -802.4562788506, 373.20296909933],
      "ImageType": [
        "ORIGINAL",
        "PRIMARY",
        "M",
        "ND",
        "MOSAIC"
],
      "ImagedNucleus": "1H",
      "ImagingFrequency": 123.196741,
      "InPlanePhaseEncodingDirection": "COL",
      "LargestImagePixelValue": 65535,
      "MRAcquisitionType": "2D",
      "MagneticFieldStrength": 3.0,
      "Manufacturer": "SIEMENS",
      "ManufacturerModelName": "Prisma",
      "Modality": "MR",
      "NumberOfAverages": 1.0,
      "NumberOfPhaseEncodingSteps": 104,
      "PercentPhaseFieldOfView": 100.0,
      "PercentSampling": 100.0,
      "PerformedProcedureStepStartTime": "133216.512000",
      "PhotometricInterpretation": "MONOCHROME2",
      "PixelBandwidth": 2005.0,
      "PixelRepresentation": 0,
      "PixelSpacing": [2.0, 2.0],
      "ProtocolName": "SE_DistortionMap_PA",
      "RepetitionTime": 6831.0,
      "Rows": 832,
      "SAR": 0.1727709579963,
      "SamplesPerPixel": 1,
      "ScanOptions": "FS",
      "ScanningSequence": "EP",
      "SequenceName": "epse2d1_104",
      "SequenceVariant": "SK",
      "SeriesDescription": "SE_DistortionMap_PA",
      "SeriesNumber": 9,
      "SeriesTime": "134432.624000",
      "SliceLocation": -55.657955072983,
      "SliceThickness": 2.0,
      "SmallestImagePixelValue": 0,
      "SoftwareVersions": "syngo MR E11",
      "SpacingBetweenSlices": 2.0000000139775,
      "SpecificCharacterSet": "ISO_IR 100",
      "StudyID": "1",
      "StudyTime": "133216.439000",
      "TransmitCoilName": "Body",
      "VariableFlipAngleFlag": "N",
      "WindowCenterWidthExplanation": "Algo1",
      "dBdt": 0.0},
    "slices": {}
  },
  "time": {
    "samples": {
      "AcquisitionNumber": [1, 2, 3],
      "AcquisitionTime": ["134427.830000", "134434.662500", "134441.492500"],
      "ContentTime": ["134432.627000", "134442.623000", "134445.198000"],
      "InstanceCreationTime": ["134432.627000", "134442.623000", "134445.198000"],
      "InstanceNumber": [1, 2, 3],
      "WindowCenter": [12481.0, 12480.0, 12485.0],
      "WindowWidth": [27563.0, 27569.0, 27590.0]
    },
    "slices": {}
  }
}