{
  "AcquisitionMatrixPE": 104,
  "AcquisitionNumber": 1,
  "AcquisitionTime": "14:24:5.807500",
  "BandwidthPerPixelPhaseEncode": 17.17,
  "BaseResolution": 104,
  "BodyPartExamined": "BRAIN",
  "ConsistencyInfo": "N4_VE11C_LATEST_20160120",
  "ConversionSoftware": "dcm2niix",
  "ConversionSoftwareVersion": "v1.0.20210317",
  "DerivedVendorReportedEchoSpacing": 0.000560011,
  "DeviceSerialNumber": "166018",
  "DwellTime": 2.4e-06,
  "EchoTime": 0.0634,
  "EchoTrainLength": 104,
  "EffectiveEchoSpacing": 0.000560011,
  "FlipAngle": 90,
  "ImageOrientationPatientDICOM": [0.999811, -0.0192278, -0.00300289, 0.0148335, 0.852834, -0.521971],
  "ImageType": [
    "ORIGINAL",
    "PRIMARY",
    "M",
    "ND",
    "MOSAIC"
],
  "ImagingFrequency": 123.197,
  "InPlanePhaseEncodingDirectionDICOM": "COL",
  "InstitutionAddress": "Washington Place 6,NYC,NYC,US,10003",
  "InstitutionName": "NYU Center for Brain Imaging",
  "InstitutionalDepartmentName": "Department",
  "IntendedFor": [
    "func/sub-EBE0004_task-rest_bold.nii.gz"
],
  "MRAcquisitionType": "2D",
  "MagneticFieldStrength": 3,
  "Manufacturer": "Siemens",
  "ManufacturersModelName": "Prisma",
  "Modality": "MR",
  "PartialFourier": 1,
  "PatientPosition": "HFS",
  "PercentPhaseFOV": 100,
  "PercentSampling": 100,
  "PhaseEncodingDirection": "j",
  "PhaseEncodingSteps": 104,
  "PhaseResolution": 1,
  "PixelBandwidth": 2005,
  "ProcedureStepDescription": "Investigators^Blanco-Elorrieta",
  "ProtocolName": "SE_DistortionMap_PA",
  "PulseSequenceDetails": "%CustomerSeq%\\cmrr_mbep2d_se",
  "ReceiveCoilActiveElements": "HC1-7;NC1,2",
  "ReceiveCoilName": "HeadNeck_64",
  "ReconMatrixPE": 104,
  "RepetitionTime": 6.831,
  "SAR": 0.138721,
  "ScanOptions": "FS",
  "ScanningSequence": "EP",
  "SequenceName": "epse2d1_104",
  "SequenceVariant": "SK",
  "SeriesDescription": "SE_DistortionMap_PA",
  "SeriesNumber": 9,
  "ShimSetting": [298, -12643, -8472, 336, 0, -322, -150, 42],
  "SliceThickness": 2,
  "SliceTiming": [3.4075, 0, 3.5125, 0.1075, 3.62, 0.215, 3.725, 0.32, 3.8325, 0.4275, 3.9375, 0.5325, 4.045, 0.64, 4.1525, 0.745, 4.2575, 0.8525, 4.365, 0.9575, 4.47, 1.065, 4.5775, 1.1725, 4.6825, 1.2775, 4.79, 1.385, 4.8975, 1.49, 5.0025, 1.5975, 5.11, 1.7025, 5.215, 1.81, 5.3225, 1.9175, 5.4275, 2.0225, 5.535, 2.13, 5.64, 2.235, 5.7475, 2.3425, 5.855, 2.4475, 5.96, 2.555, 6.0675, 2.6625, 6.1725, 2.7675, 6.28, 2.875, 6.385, 2.98, 6.4925, 3.0875, 6.6, 3.1925, 6.705, 3.3],
  "SoftwareVersions": "syngo MR E11",
  "SpacingBetweenSlices": 2,
  "StationName": "AWP166018",
  "TotalReadoutTime": 0.0576811,
  "TxRefAmp": 221.859,
  "WipMemBlock": "bd05fab1-8df2-4cff-89b5-7aced43b4bf5||Sequence: R016 ve11c/master r/8780670; Nov 27 2017 15:08:10 by eja",
  "dcmmeta_affine": [
    [-1.9996212720870972, 0.02966705709695816, -0.025194665417075157, 102.89221954345703],
    [0.03845563530921936, 1.7056686878204346, -1.0436549186706543, -52.7744140625],
    [-0.006005789618939161, 1.0439417362213135, 1.7059160470962524, -93.47889709472656],
    [0.0, 0.0, 0.0, 1.0]
],
  "dcmmeta_reorient_transform": [
    [0.0, -1.0, 0.0, 103.0],
    [1.0, 0.0, 0.0, 0.0],
    [0.0, 0.0, 1.0, 0.0],
    [0.0, 0.0, 0.0, 1.0]
],
  "dcmmeta_shape": [104, 104, 64, 3],
  "dcmmeta_slice_dim": 2,
  "dcmmeta_version": 0.6,
  "global": {
    "const": {
      "AccessionNumber": "x4eaqxb6",
      "AcquisitionMatrix": [104, 0, 0, 104],
      "AngioFlag": "N",
      "BitsAllocated": 16,
      "BitsStored": 16,
      "BodyPartExamined": "BRAIN",
      "Columns": 832,
      "EchoNumbers": 1,
      "EchoTime": 63.4,
      "EchoTrainLength": 104,
      "FlipAngle": 90.0,
      "HighBit": 15,
      "ImageOrientationPatient": [0.99981061888538, -0.0192278180506, -0.0030028947788, 0.01483352880634, 0.85283432347611, -0.5219708642484],
      "ImagePositionPatient": [-844.60886747209, -729.774990871, 396.22800042688],
      "ImageType": [
        "ORIGINAL",
        "PRIMARY",
        "M",
        "ND",
        "MOSAIC"
],
      "ImagedNucleus": "1H",
      "ImagingFrequency": 123.196732,
      "InPlanePhaseEncodingDirection": "COL",
      "LargestImagePixelValue": 65535,
      "MRAcquisitionType": "2D",
      "MagneticFieldStrength": 3.0,
      "Manufacturer": "SIEMENS",
      "ManufacturerModelName": "Prisma",
      "Modality": "MR",
      "NumberOfAverages": 1.0,
      "NumberOfPhaseEncodingSteps": 104,
      "PercentPhaseFieldOfView": 100.0,
      "PercentSampling": 100.0,
      "PerformedProcedureStepStartTime": "140501.616000",
      "PhotometricInterpretation": "MONOCHROME2",
      "PixelBandwidth": 2005.0,
      "PixelRepresentation": 0,
      "PixelSpacing": [2.0, 2.0],
      "ProtocolName": "SE_DistortionMap_PA",
      "RepetitionTime": 6831.0,
      "Rows": 832,
      "SAR": 0.13872101989598,
      "SamplesPerPixel": 1,
      "ScanOptions": "FS",
      "ScanningSequence": "EP",
      "SequenceName": "epse2d1_104",
      "SequenceVariant": "SK",
      "SeriesDescription": "SE_DistortionMap_PA",
      "SeriesNumber": 9,
      "SeriesTime": "142423.112000",
      "SliceLocation": -53.490601075393,
      "SliceThickness": 2.0,
      "SmallestImagePixelValue": 0,
      "SoftwareVersions": "syngo MR E11",
      "SpacingBetweenSlices": 2.0000000107417,
      "SpecificCharacterSet": "ISO_IR 100",
      "StudyID": "1",
      "StudyTime": "140501.564000",
      "TransmitCoilName": "Body",
      "VariableFlipAngleFlag": "N",
      "WindowCenterWidthExplanation": "Algo1",
      "dBdt": 0.0},
    "slices": {}
  },
  "time": {
    "samples": {
      "AcquisitionNumber": [1, 2, 3],
      "AcquisitionTime": ["142405.807500", "142412.637500", "142419.467500"],
      "ContentTime": ["142423.116000", "142423.120000", "142423.123000"],
      "InstanceCreationTime": ["142423.116000", "142423.120000", "142423.123000"],
      "InstanceNumber": [1, 2, 3],
      "WindowCenter": [12988.0, 12993.0, 12996.0],
      "WindowWidth": [28624.0, 28636.0, 28650.0]
    },
    "slices": {}
  }
}