{
  "AcquisitionDuration": 33.705,
  "AcquisitionNumber": 1,
  "AcquisitionTime": "12:16:27.230000",
  "BidsGuess": [
    "func",
    "_acq-epse2_dir-AP_run-9_bold"
],
  "BodyPartExamined": "BRAIN",
  "CoilString": "HeadNeck_64",
  "ConversionSoftware": "dcm2niix",
  "ConversionSoftwareVersion": "v1.0.20240202",
  "DeviceSerialNumber": "166018",
  "EchoTime": 0.0634,
  "EchoTrainLength": 104,
  "FlipAngle": 90,
  "FrequencyEncodingSteps": 104,
  "HeudiconvVersion": "4.0.1",
  "ImageComments": " Brain",
  "ImageOrientationPatientDICOM": [0.998198, -0.026102, 0.0540234, 0.0418369, 0.948206, -0.31489],
  "ImageType": [
    "ORIGINAL",
    "PRIMARY",
    "FMRI",
    "NONE"
],
  "ImagingFrequency": 123.196671,
  "InPlanePhaseEncodingDirectionDICOM": "COL",
  "InstitutionAddress": "Washington Place 6,NYC,NYC,US,10003",
  "InstitutionName": "NYU Center for Brain Imaging",
  "MRAcquisitionType": "2D",
  "MTState": false,
  "MagneticFieldStrength": 3,
  "Manufacturer": "Siemens",
  "ManufacturersModelName": "MAGNETOM Prisma",
  "Modality": "MR",
  "PatientPosition": "HFS",
  "PercentPhaseFOV": 100,
  "PercentSampling": 100,
  "PhaseEncodingAxis": "j",
  "PhaseEncodingSteps": 104,
  "PixelBandwidth": 2003,
  "ProtocolName": "SE_DistortionMap_PA",
  "PulseSequenceName": "epse2d1_104",
  "ReconMatrixPE": 104,
  "RepetitionTime": 6.831,
  "SeriesDescription": "SE_DistortionMap_PA",
  "SeriesNumber": 9,
  "SliceThickness": 2,
  "SoftwareVersions": "syngo MR XA30",
  "SpacingBetweenSlices": 2,
  "StationName": "AWP166018",
  "TotalReadoutTime": 0.0576811,
  "PhaseEncodingDirection": "j"
}