{
  "AcquisitionMatrixPE": 152,
  "AcquisitionNumber": 1,
  "AcquisitionTime": "12:12:14.337500",
  "BandwidthPerPixelPhaseEncode": 9.398,
  "BaseResolution": 150,
  "BodyPartExamined": "BRAIN",
  "ConsistencyInfo": "N4_VE11C_LATEST_20160120",
  "ConversionSoftware": "dcm2niix",
  "ConversionSoftwareVersion": "v1.0.20210317",
  "DerivedVendorReportedEchoSpacing": 0.000700037,
  "DeviceSerialNumber": "166018",
  "DiffusionScheme": "Monopolar",
  "DwellTime": 2e-06,
  "EchoTime": 0.0852,
  "EchoTrainLength": 114,
  "EffectiveEchoSpacing": 0.000700037,
  "FlipAngle": 90,
  "ImageComments": "Unaliased MB3/PE3/LB SENSE1",
  "ImageOrientationPatientDICOM": [0.995493, -0.094526, -0.00761315, 0.0948031, 0.989991, 0.104547],
  "ImageType": [
    "ORIGINAL",
    "PRIMARY",
    "DIFFUSION",
    "NONE",
    "MB",
    "ND"
],
  "ImagingFrequency": 123.197,
  "InPlanePhaseEncodingDirectionDICOM": "COL",
  "InstitutionAddress": "Washington Place 6,NYC,NYC,US,10003",
  "InstitutionName": "NYU - CBI",
  "InstitutionalDepartmentName": "Department",
  "IntendedFor": [
    "dwi/sub-EBE0062_acq-138vols_dwi.nii.gz"
],
  "MRAcquisitionType": "2D",
  "MagneticFieldStrength": 3,
  "Manufacturer": "Siemens",
  "ManufacturersModelName": "Prisma",
  "Modality": "MR",
  "MultibandAccelerationFactor": 3,
  "PartialFourier": 0.75,
  "PatientPosition": "HFS",
  "PercentPhaseFOV": 101.333,
  "PercentSampling": 100,
  "PhaseEncodingDirection": "j-",
  "PhaseEncodingSteps": 114,
  "PhaseResolution": 1,
  "PixelBandwidth": 1665,
  "ProcedureStepDescription": "Investigators^Blanco-Elorrieta",
  "ProtocolName": "SpinEchoFieldMap_1.5_AP",
  "PulseSequenceDetails": "%CustomerSeq%\\cmrr_mbep2d_diff",
  "ReceiveCoilActiveElements": "HC1-7;NC1,2",
  "ReceiveCoilName": "HeadNeck_64",
  "ReconMatrixPE": 152,
  "RepetitionTime": 4.15,
  "SAR": 0.0749505,
  "ScanOptions": "PFP\\FS",
  "ScanningSequence": "EP",
  "SequenceName": "ep_b5#1",
  "SequenceVariant": "SK\\SS",
  "SeriesDescription": "SpinEchoFieldMap_1.5_AP",
  "SeriesNumber": 13,
  "ShimSetting": [289, -12645, -8518, 204, -113, -303, -165, 39],
  "SliceThickness": 1.5,
  "SliceTiming": [0, 2.14062, 0.15625, 2.29688, 0.30469, 2.44531, 0.46094, 2.60156, 0.60938, 2.75781, 0.76562, 2.90625, 0.92188, 3.0625, 1.07031, 3.21094, 1.22656, 3.36719, 1.375, 3.51562, 1.53125, 3.67188, 1.6875, 3.82031, 1.83594, 3.97656, 1.99219, 0, 2.14062, 0.15625, 2.29688, 0.30469, 2.44531, 0.46094, 2.60156, 0.60938, 2.75781, 0.76562, 2.90625, 0.92188, 3.0625, 1.07031, 3.21094, 1.22656, 3.36719, 1.375, 3.51562, 1.53125, 3.67188, 1.6875, 3.82031, 1.83594, 3.97656, 1.99219, 0, 2.14062, 0.15625, 2.29688, 0.30469, 2.44531, 0.46094, 2.60156, 0.60938, 2.75781, 0.76562, 2.90625, 0.92188, 3.0625, 1.07031, 3.21094, 1.22656, 3.36719, 1.375, 3.51562, 1.53125, 3.67188, 1.6875, 3.82031, 1.83594, 3.97656, 1.99219],
  "SoftwareVersions": "syngo MR E11",
  "SpacingBetweenSlices": 1.5,
  "StationName": "AWP166018",
  "TotalReadoutTime": 0.105706,
  "TxRefAmp": 210.171,
  "WipMemBlock": "af0930ec-f24a-4be2-8b0e-7bfe41238599||Sequence: R016 ve11c/master r/8780670; Nov 27 2017 15:07:03 by eja",
  "dcmmeta_affine": [
    [-1.4932398796081543, 0.1422046273946762, 0.0035181045532226562, 105.63276672363281],
    [0.1417890042066574, 1.4849865436553955, 0.157196044921875, -112.22343444824219],
    [-0.011419721879065037, -0.1568204015493393, 1.4917335510253906, -48.645870208740234],
    [0.0, 0.0, 0.0, 1.0]
],
  "dcmmeta_reorient_transform": [
    [0.0, -1.0, 0.0, 151.0],
    [1.0, 0.0, 0.0, 0.0],
    [0.0, 0.0, -1.0, 80.0],
    [0.0, 0.0, 0.0, 1.0]
],
  "dcmmeta_shape": [150, 152, 81],
  "dcmmeta_slice_dim": 2,
  "dcmmeta_version": 0.6,
  "global": {
    "const": {
      "AccessionNumber": "gnhjk8y9",
      "AcquisitionMatrix": [150, 0, 0, 152],
      "AcquisitionNumber": 1,
      "AngioFlag": "N",
      "BitsAllocated": 16,
      "BitsStored": 16,
      "BodyPartExamined": "BRAIN",
      "Columns": 150,
      "EchoNumbers": 1,
      "EchoTime": 85.2,
      "EchoTrainLength": 114,
      "FlipAngle": 90.0,
      "HighBit": 15,
      "ImageOrientationPatient": [0.99549328167021, -0.0945260077035, -0.007613147648, 0.09480308530148, 0.98999106687962, 0.10454693929465],
      "ImageType": [
        "ORIGINAL",
        "PRIMARY",
        "DIFFUSION",
        "NONE",
        "MB",
        "ND"
],
      "ImagedNucleus": "1H",
      "ImagingFrequency": 123.196776,
      "InPlanePhaseEncodingDirection": "COL",
      "MRAcquisitionType": "2D",
      "MagneticFieldStrength": 3.0,
      "Manufacturer": "SIEMENS",
      "ManufacturerModelName": "Prisma",
      "Modality": "MR",
      "NumberOfAverages": 1.0,
      "NumberOfPhaseEncodingSteps": 114,
      "PercentPhaseFieldOfView": 101.33333333333,
      "PercentSampling": 100.0,
      "PerformedProcedureStepStartTime": "114350.614000",
      "PhotometricInterpretation": "MONOCHROME2",
      "PixelBandwidth": 1665.0,
      "PixelRepresentation": 0,
      "PixelSpacing": [1.5, 1.5],
      "ProtocolName": "SpinEchoFieldMap_1.5_AP",
      "RepetitionTime": 4150.0,
      "Rows": 152,
      "SAR": 0.07495047737167,
      "SamplesPerPixel": 1,
      "ScanOptions": [
        "PFP",
        "FS"
],
      "ScanningSequence": "EP",
      "SequenceName": "ep_b5#1",
      "SequenceVariant": [
        "SK",
        "SS"
],
      "SeriesDescription": "SpinEchoFieldMap_1.5_AP",
      "SeriesNumber": 13,
      "SeriesTime": "121238.124000",
      "SliceThickness": 1.5,
      "SmallestImagePixelValue": 0,
      "SoftwareVersions": "syngo MR E11",
      "SpacingBetweenSlices": 1.5,
      "SpecificCharacterSet": "ISO_IR 100",
      "StudyID": "1",
      "StudyTime": "114350.538000",
      "TransmitCoilName": "Body",
      "VariableFlipAngleFlag": "N",
      "WindowCenterWidthExplanation": "Algo1",
      "dBdt": 0.0},
