{
  "AcquisitionDuration": 594.975,
  "AcquisitionMatrixPE": 152,
  "AcquisitionNumber": 1,
  "AcquisitionTime": "12:26:47.440000",
  "BandwidthPerPixelPhaseEncode": 9.398,
  "BaseResolution": 150,
  "BidsGuess": [
    "dwi",
    "_acq-epse2_dir-AP_run-16_dwi"
],
  "BodyPartExamined": "BRAIN",
  "CoilCombinationMethod": "Sum of Squares",
  "CoilString": "HeadNeck_64",
  "ConversionSoftware": "dcm2niix",
  "ConversionSoftwareVersion": "v1.0.20240202",
  "DerivedVendorReportedEchoSpacing": 0.000700037,
  "DeviceSerialNumber": "166018",
  "DiffusionScheme": "Monopolar",
  "DwellTime": 2e-06,
  "EchoTime": 0.0852,
  "EchoTrainLength": 114,
  "EffectiveEchoSpacing": 0.000700037,
  "FlipAngle": 90,
  "FrequencyEncodingSteps": 150,
  "HeudiconvVersion": "4.0.1",
  "ImageComments": " Brain, Unaliased MB3/PE3/LB SENSE1",
  "ImageOrientationPatientDICOM": [0.999451, 0.0103567, 0.0314828, -0.0146538, 0.990115, 0.139487],
  "ImageType": [
    "ORIGINAL",
    "PRIMARY",
    "DIFFUSION",
    "NONE"
],
  "ImageTypeText": [
    "ORIGINAL",
    "PRIMARY",
    "DIFFUSION",
    "NONE",
    "MB",
    "ND"
],
  "ImagingFrequency": 123.196733,
  "InPlanePhaseEncodingDirectionDICOM": "COL",
  "InstitutionAddress": "Washington Place 6,NYC,NYC,US,10003",
  "InstitutionName": "NYU Center for Brain Imaging",
  "MRAcquisitionType": "2D",
  "MTState": false,
  "MagneticFieldStrength": 3,
  "Manufacturer": "Siemens",
  "ManufacturersModelName": "MAGNETOM Prisma",
  "MatrixCoilMode": "SENSE",
  "Modality": "MR",
  "MultibandAccelerationFactor": 3,
  "NonlinearGradientCorrection": false,
  "PartialFourier": 0.75,
  "PartialFourierDirection": "PHASE",
  "PatientPosition": "HFS",
  "PercentPhaseFOV": 101.333,
  "PercentSampling": 100,
  "PhaseEncodingDirection": "j-",
  "PhaseEncodingSteps": 152,
  "PhaseResolution": 1,
  "PixelBandwidth": 1667,
  "ProtocolName": "dMRI_mb3_AP_1.5",
  "PulseSequenceDetails": "%CustomerSeq%\\cmrr_mbep2d_diff",
  "PulseSequenceName": "epse2d1_152",
  "ReceiveCoilActiveElements": "HC1-6",
  "ReceiveCoilName": "HeadNeck_64",
  "ReconMatrixPE": 152,
  "RepetitionTime": 4.15,
  "ScanOptions": "PFP\\FS",
  "ScanningSequence": "EP",
  "SequenceVariant": "SK\\SS",
  "SeriesDescription": "dMRI_mb3_AP_1.5",
  "SeriesNumber": 16,
  "ShimSetting": [299, -12619, -8508, 326, -36, -139, 6, 44],
  "SliceThickness": 1.5,
  "SliceTiming": [0, 2.1425, 0.1525, 2.295, 0.3075, 2.4475, 0.46, 2.6, 0.6125, 2.755, 0.765, 2.9075, 0.9175, 3.06, 1.0725, 3.2125, 1.225, 3.365, 1.3775, 3.5175, 1.53, 3.6725, 1.6825, 3.825, 1.835, 3.9775, 1.99, 0, 2.1425, 0.1525, 2.295, 0.3075, 2.4475, 0.46, 2.6, 0.6125, 2.755, 0.765, 2.9075, 0.9175, 3.06, 1.0725, 3.2125, 1.225, 3.365, 1.3775, 3.5175, 1.53, 3.6725, 1.6825, 3.825, 1.835, 3.9775, 1.99, 0, 2.1425, 0.1525, 2.295, 0.3075, 2.4475, 0.46, 2.6, 0.6125, 2.755, 0.765, 2.9075, 0.9175, 3.06, 1.0725, 3.2125, 1.225, 3.365, 1.3775, 3.5175, 1.53, 3.6725, 1.6825, 3.825, 1.835, 3.9775, 1.99],
  "SoftwareVersions": "syngo MR XA30",
  "SpacingBetweenSlices": 1.5,
  "StationName": "AWP166018",
  "TotalReadoutTime": 0.105706,
  "TxRefAmp": 222.329,
  "WipMemBlock": "8fbddf4d-07d4-43a5-8089-605fa9590d96||Sequence: R017 nxva30a/master r/294d878e6; May 17 2024 19:26:12 by eja"
}