{
  "AcquisitionMatrixPE": 152,
  "AcquisitionNumber": 1,
  "AcquisitionTime": "10:41:44.220000",
  "BandwidthPerPixelPhaseEncode": 9.398,
  "BaseResolution": 150,
  "BodyPartExamined": "BRAIN",
  "ConsistencyInfo": "N4_VE11C_LATEST_20160120",
  "ConversionSoftware": "dcm2niix",
  "ConversionSoftwareVersion": "v1.0.20210317",
  "DerivedVendorReportedEchoSpacing": 0.000700037,
  "DeviceSerialNumber": "166018",
  "DiffusionScheme": "Monopolar",
  "DwellTime": 2e-06,
  "EchoTime": 0.0852,
  "EchoTrainLength": 114,
  "EffectiveEchoSpacing": 0.000700037,
  "FlipAngle": 90,
  "ImageComments": "Unaliased MB3/PE3/LB SENSE1",
  "ImageOrientationPatientDICOM": [0.999068, 0.033125, -0.0276704, -0.0245912, 0.963715, 0.265799],
  "ImageType": [
    "ORIGINAL",
    "PRIMARY",
    "DIFFUSION",
    "NONE",
    "MB",
    "ND",
    "MOSAIC"
],
  "ImagingFrequency": 123.197,
  "InPlanePhaseEncodingDirectionDICOM": "COL",
  "InstitutionAddress": "Washington Place 6,NYC,NYC,US,10003",
  "InstitutionName": "NYU Center for Brain Imaging",
  "InstitutionalDepartmentName": "Department",
  "MRAcquisitionType": "2D",
  "MagneticFieldStrength": 3,
  "Manufacturer": "Siemens",
  "ManufacturersModelName": "Prisma",
  "Modality": "MR",
  "MultibandAccelerationFactor": 3,
  "PartialFourier": 0.75,
  "PatientPosition": "HFS",
  "PercentPhaseFOV": 101.333,
  "PercentSampling": 100,
  "PhaseEncodingDirection": "j-",
  "PhaseEncodingSteps": 114,
  "PhaseResolution": 1,
  "PixelBandwidth": 1665,
  "ProcedureStepDescription": "Investigators^Blanco-Elorrieta",
  "ProtocolName": "dMRI_mb3_AP_1.5",
  "PulseSequenceDetails": "%CustomerSeq%\\cmrr_mbep2d_diff",
  "ReceiveCoilActiveElements": "HC1-7;NC1,2",
  "ReceiveCoilName": "HeadNeck_64",
  "ReconMatrixPE": 152,
  "RepetitionTime": 4.15,
  "SAR": 0.12925,
  "ScanOptions": "PFP\\FS",
  "ScanningSequence": "EP",
  "SequenceName": "ep_b5#1",
  "SequenceVariant": "SK\\SS",
  "SeriesDescription": "dMRI_mb3_AP_1.5",
  "SeriesNumber": 17,
  "ShimSetting": [266, -12672, -8486, 203, -56, -140, -99, 25],
  "SliceThickness": 1.5,
  "SliceTiming": [0, 2.14, 0.1525, 2.2925, 0.305, 2.4475, 0.4575, 2.6, 0.61, 2.7525, 0.765, 2.905, 0.9175, 3.0575, 1.07, 3.2125, 1.2225, 3.365, 1.375, 3.5175, 1.53, 3.67, 1.6825, 3.8225, 1.835, 3.975, 1.9875, 0, 2.14, 0.1525, 2.2925, 0.305, 2.4475, 0.4575, 2.6, 0.61, 2.7525, 0.765, 2.905, 0.9175, 3.0575, 1.07, 3.2125, 1.2225, 3.365, 1.375, 3.5175, 1.53, 3.67, 1.6825, 3.8225, 1.835, 3.975, 1.9875, 0, 2.14, 0.1525, 2.2925, 0.305, 2.4475, 0.4575, 2.6, 0.61, 2.7525, 0.765, 2.905, 0.9175, 3.0575, 1.07, 3.2125, 1.2225, 3.365, 1.375, 3.5175, 1.53, 3.67, 1.6825, 3.8225, 1.835, 3.975, 1.9875],
  "SoftwareVersions": "syngo MR E11",
  "SpacingBetweenSlices": 1.5,
  "StationName": "AWP166018",
  "TotalReadoutTime": 0.105706,
  "TxRefAmp": 226.349,
  "WipMemBlock": "fae4857f-0ce3-41c8-9ed4-b5ba1c62e56d||Sequence: R016 ve11c/master r/8780670; Nov 27 2017 15:07:03 by eja",
  "dcmmeta_affine": [
    [-1.4986021518707275, -0.0368867963552475, -0.053206510841846466, 120.87985229492188],
    [-0.04968751221895218, 1.4455721378326416, 0.3973063826560974, -92.73920440673828],
    [-0.041505660861730576, -0.398698627948761, 1.4454468488693237, -19.134946823120117],
    [0.0, 0.0, 0.0, 1.0]
],
  "dcmmeta_reorient_transform": [
    [0.0, -1.0, 0.0, 151.0],
    [1.0, 0.0, 0.0, 0.0],
    [0.0, 0.0, 1.0, 0.0],
    [0.0, 0.0, 0.0, 1.0]
],
  "dcmmeta_shape": [150, 152, 81, 138],
  "dcmmeta_slice_dim": 2,
  "dcmmeta_version": 0.6,
  "global": {
    "const": {
      "AccessionNumber": "DGCTXRPG",
      "AcquisitionMatrix": [150, 0, 0, 152],
      "AngioFlag": "N",
      "BitsAllocated": 16,
      "BitsStored": 16,
      "BodyPartExamined": "BRAIN",
      "Columns": 1350,
      "EchoNumbers": 1,
      "EchoTime": 85.2,
      "EchoTrainLength": 114,
      "FlipAngle": 90.0,
      "HighBit": 15,
      "ImageOrientationPatient": [0.99906810611353, 0.03312500723648, -0.0276704398646, -0.0245911970879, 0.96371475176329, 0.26579907874108],
      "ImagePositionPatient": [-992.04406750001, -1034.2625468978, -296.84380298009],
      "ImageType": [
        "ORIGINAL",
        "PRIMARY",
        "DIFFUSION",
        "NONE",
        "MB",
        "ND",
        "MOSAIC"
],
      "ImagedNucleus": "1H",
      "ImagingFrequency": 123.196755,
      "InPlanePhaseEncodingDirection": "COL",
      "MRAcquisitionType": "2D",
      "MagneticFieldStrength": 3.0,
      "Manufacturer": "SIEMENS",
      "ManufacturerModelName": "Prisma",
      "Modality": "MR",
      "NumberOfAverages": 1.0,
      "NumberOfPhaseEncodingSteps": 114,
      "PercentPhaseFieldOfView": 101.33333333333,
      "PercentSampling": 100.0,
      "PerformedProcedureStepStartTime": "101253.960000",
      "PhotometricInterpretation": "MONOCHROME2",
      "PixelBandwidth": 1665.0,
      "PixelRepresentation": 0,
      "PixelSpacing": [1.5, 1.5],
      "ProtocolName": "dMRI_mb3_AP_1.5",
      "RepetitionTime": 4150.0,
      "Rows": 1368,
      "SAR": 0.12925006001278,
      "SamplesPerPixel": 1,
      "ScanOptions": [
        "PFP",
        "FS"
],
      "ScanningSequence": "EP",
      "SequenceVariant": [
        "SK",
        "SS"
],
      "SeriesDescription": "dMRI_mb3_AP_1.5",
      "SeriesNumber": 17,
      "SeriesTime": "104327.361000",
      "SliceLocation": -47.290683364865,
      "SliceThickness": 1.5,
      "SmallestImagePixelValue": 0,
      "SoftwareVersions": "syngo MR E11",
      "SpacingBetweenSlices": 1.4999999851248,
      "SpecificCharacterSet": "ISO_IR 100",
      "StudyID": "1",
      "StudyTime": "101253.839000",
      "TransmitCoilName": "Body",
      "VariableFlipAngleFlag": "N",
      "WindowCenterWidthExplanation": "Algo1",
      "dBdt": 0.0},
