{
  "AcquisitionDuration": 180.247,
  "AcquisitionNumber": 1,
  "AcquisitionTime": "20:21:11.902500",
  "BodyPartExamined": "BRAIN",
  "CoilString": "HeadNeck_64",
  "ConversionSoftware": "dcm2niix",
  "ConversionSoftwareVersion": "v1.0.20240202",
  "DeviceSerialNumber": "166018",
  "EchoTime": 0.564,
  "EchoTrainLength": 314,
  "FlipAngle": 120,
  "FrequencyEncodingSteps": 256,
  "HeudiconvVersion": "4.0.1",
  "ImageComments": " Brain",
  "ImageOrientationPatientDICOM": [0.0548373, 0.987649, 0.146773, 0.00668133, 0.146628, -0.989169],
  "ImageType": [
    "ORIGINAL",
    "PRIMARY",
    "M",
    "NONE"
],
  "ImagingFrequency": 123.196747,
  "InPlanePhaseEncodingDirectionDICOM": "ROW",
  "InstitutionAddress": "Washington Place 6,NYC,NYC,US,10003",
  "InstitutionName": "NYU Center for Brain Imaging",
  "MRAcquisitionType": "3D",
  "MTState": false,
  "MagneticFieldStrength": 3,
  "Manufacturer": "Siemens",
  "ManufacturersModelName": "MAGNETOM Prisma",
  "Modality": "MR",
  "ParallelAcquisitionTechnique": "GRAPPA",
  "ParallelReductionFactorInPlane": 2,
  "PartialFourierDirection": "PHASE",
  "PatientPosition": "HFS",
  "PercentPhaseFOV": 100,
  "PercentSampling": 100,
  "PhaseEncodingAxis": "i",
  "PhaseEncodingSteps": 256,
  "PhaseEncodingStepsOutOfPlane": 240,
  "PixelBandwidth": 751,
  "ProtocolName": "T2w_p2_s2_.9mm",
  "PulseSequenceName": "*spc_314ns",
  "ReconMatrixPE": 256,
  "RepetitionTime": 3.2,
  "SeriesDescription": "T2w_p2_s2_.9mm",
  "SeriesNumber": 6,
  "SliceThickness": 0.9,
  "SoftwareVersions": "syngo MR XA30",
  "StationName": "AWP166018"
}