{
  "AcquisitionMatrixPE": 104,
  "AcquisitionNumber": 1,
  "AcquisitionTime": "13:57:19.822500",
  "BandwidthPerPixelPhaseEncode": 17.17,
  "BaseResolution": 104,
  "BodyPartExamined": "BRAIN",
  "ConsistencyInfo": "N4_VE11C_LATEST_20160120",
  "ConversionSoftware": "dcm2niix",
  "ConversionSoftwareVersion": "v1.0.20210317",
  "DerivedVendorReportedEchoSpacing": 0.000560011,
  "DeviceSerialNumber": "166018",
  "DwellTime": 2.1e-06,
  "EchoTime": 0.035,
  "EchoTrainLength": 104,
  "EffectiveEchoSpacing": 0.000560011,
  "FlipAngle": 62,
  "ImageComments": "Unaliased MB4/PE3/LB",
  "ImageOrientationPatientDICOM": [0.999832, -0.00952378, -0.0156549, 0.00104704, 0.882624, -0.470079],
  "ImageType": [
    "ORIGINAL",
    "PRIMARY",
    "M",
    "MB",
    "ND",
    "MOSAIC"
],
  "ImagingFrequency": 123.197,
  "InPlanePhaseEncodingDirectionDICOM": "COL",
  "InstitutionAddress": "Washington Place 6,NYC,NYC,US,10003",
  "InstitutionName": "NYU - CBI",
  "InstitutionalDepartmentName": "Department",
  "MRAcquisitionType": "2D",
  "MagneticFieldStrength": 3,
  "Manufacturer": "Siemens",
  "ManufacturersModelName": "Prisma",
  "Modality": "MR",
  "MultibandAccelerationFactor": 4,
  "PartialFourier": 1,
  "PatientPosition": "HFS",
  "PercentPhaseFOV": 100,
  "PercentSampling": 100,
  "PhaseEncodingDirection": "j-",
  "PhaseEncodingSteps": 104,
  "PhaseResolution": 1,
  "PixelBandwidth": 2290,
  "ProcedureStepDescription": "Investigators^Blanco-Elorrieta",
  "ProtocolName": "epi_MB4_2mm_task-rest",
  "PulseSequenceDetails": "%CustomerSeq%\\cmrr_mbep2d_bold",
  "ReceiveCoilActiveElements": "HC1-7;NC1,2",
  "ReceiveCoilName": "HeadNeck_64",
  "ReconMatrixPE": 104,
  "RepetitionTime": 1.3,
  "SAR": 0.0604636,
  "ScanOptions": "FS",
  "ScanningSequence": "EP",
  "SequenceName": "epfid2d1_104",
  "SequenceVariant": "SK\\SS",
  "SeriesDescription": "epi_MB4_2mm_task-rest",
  "SeriesNumber": 11,
  "ShimSetting": [280, -12628, -8492, 217, 20, -132, 5, 24],
  "SliceThickness": 2,
  "SliceTiming": [0, 0.56, 1.12, 0.4, 0.96, 0.24, 0.8, 0.08, 0.64, 1.2, 0.48, 1.04, 0.32, 0.88, 0.16, 0.72, 0, 0.56, 1.12, 0.4, 0.96, 0.24, 0.8, 0.08, 0.64, 1.2, 0.48, 1.04, 0.32, 0.88, 0.16, 0.72, 0, 0.56, 1.12, 0.4, 0.96, 0.24, 0.8, 0.08, 0.64, 1.2, 0.48, 1.04, 0.32, 0.88, 0.16, 0.72, 0, 0.56, 1.12, 0.4, 0.96, 0.24, 0.8, 0.08, 0.64, 1.2, 0.48, 1.04, 0.32, 0.88, 0.16, 0.72],
  "SoftwareVersions": "syngo MR E11",
  "SpacingBetweenSlices": 2,
  "StationName": "AWP166018",
  "TaskName": "rest",
  "TotalReadoutTime": 0.0576811,
  "TxRefAmp": 231.554,
  "WipMemBlock": "6b766c5c-2f53-4cce-907b-3697f7ed9a99||Sequence: R016 ve11c/master r/8780670; Nov 27 2017 15:05:12 by eja",
  "dcmmeta_affine": [
    [-1.9996641874313354, 0.0020940706599503756, -0.03658867999911308, 104.74447631835938],
    [0.019047554582357407, 1.7652474641799927, -0.9399672150611877, -54.37785339355469],
    [-0.031309857964515686, 0.9401578903198242, 1.7649710178375244, -86.79167938232422],
    [0.0, 0.0, 0.0, 1.0]
],
  "dcmmeta_reorient_transform": [
    [0.0, -1.0, 0.0, 103.0],
    [1.0, 0.0, 0.0, 0.0],
    [0.0, 0.0, 1.0, 0.0],
    [0.0, 0.0, 0.0, 1.0]
],
  "dcmmeta_shape": [104, 104, 64, 316],
  "dcmmeta_slice_dim": 2,
  "dcmmeta_version": 0.6,
  "global": {
    "const": {
      "AccessionNumber": "GFGD3BKX",
      "AcquisitionMatrix": [104, 0, 0, 104],
      "AngioFlag": "N",
      "BitsAllocated": 16,
      "BitsStored": 16,
      "BodyPartExamined": "BRAIN",
      "Columns": 832,
      "EchoNumbers": 1,
      "EchoTime": 35.0,
      "EchoTrainLength": 104,
      "FlipAngle": 62.0,
      "HighBit": 15,
      "ImageOrientationPatient": [0.99983209632522, -0.0095237773388, -0.0156549296744, 0.00104703530484, 0.88262375887716, -0.4700789337788],
      "ImagePositionPatient": [-833.60017449855, -763.05942817019, 363.6588336704],
      "ImageType": [
        "ORIGINAL",
        "PRIMARY",
        "M",
        "MB",
        "ND",
        "MOSAIC"
],
      "ImagedNucleus": "1H",
      "ImagingFrequency": 123.196727,
      "InPlanePhaseEncodingDirection": "COL",
      "MRAcquisitionType": "2D",
      "MagneticFieldStrength": 3.0,
      "Manufacturer": "SIEMENS",
      "ManufacturerModelName": "Prisma",
      "Modality": "MR",
      "NumberOfAverages": 1.0,
      "NumberOfPhaseEncodingSteps": 104,
      "PercentPhaseFieldOfView": 100.0,
      "PercentSampling": 100.0,
      "PerformedProcedureStepStartTime": "133732.893000",
      "PhotometricInterpretation": "MONOCHROME2",
      "PixelBandwidth": 2290.0,
      "PixelRepresentation": 0,
      "PixelSpacing": [2.0, 2.0],
      "ProtocolName": "epi_MB4_2mm_task-rest",
      "RepetitionTime": 1300.0,
      "Rows": 832,
      "SAR": 0.06046360190626,
      "SamplesPerPixel": 1,
      "ScanOptions": "FS",
      "ScanningSequence": "EP",
      "SequenceName": "epfid2d1_104",
      "SequenceVariant": [
        "SK",
        "SS"
],
      "SeriesDescription": "epi_MB4_2mm_task-rest",
      "SeriesNumber": 11,
      "SeriesTime": "135845.588000",
      "SliceLocation": -52.951932818842,
      "SliceThickness": 2.0,
      "SmallestImagePixelValue": 0,
      "SoftwareVersions": "syngo MR E11",
      "SpacingBetweenSlices": 1.9999999848793,
      "SpecificCharacterSet": "ISO_IR 100",
      "StudyID": "1",
      "StudyTime": "133732.787000",
      "TransmitCoilName": "Body",
      "VariableFlipAngleFlag": "N",
      "WindowCenterWidthExplanation": "Algo1",
      "dBdt": 0.0},
