{
  "AcquisitionMatrixPE": 104,
  "AcquisitionNumber": 1,
  "AcquisitionTime": "19:16:30.830000",
  "BandwidthPerPixelPhaseEncode": 17.17,
  "BaseResolution": 104,
  "BodyPartExamined": "BRAIN",
  "ConsistencyInfo": "N4_VE11C_LATEST_20160120",
  "ConversionSoftware": "dcm2niix",
  "ConversionSoftwareVersion": "v1.0.20210317",
  "DerivedVendorReportedEchoSpacing": 0.000560011,
  "DeviceSerialNumber": "166018",
  "DwellTime": 2.4e-06,
  "EchoTime": 0.0634,
  "EchoTrainLength": 104,
  "EffectiveEchoSpacing": 0.000560011,
  "FlipAngle": 90,
  "ImageOrientationPatientDICOM": [0.995156, 0.089504, 0.0406632, -0.0830409, 0.986719, -0.139603],
  "ImageType": [
    "ORIGINAL",
    "PRIMARY",
    "M",
    "ND",
    "MOSAIC"
],
  "ImagingFrequency": 123.197,
  "InPlanePhaseEncodingDirectionDICOM": "COL",
  "InstitutionAddress": "Washington Place 6,NYC,NYC,US,10003",
  "InstitutionName": "NYU Center for Brain Imaging",
  "InstitutionalDepartmentName": "Department",
  "IntendedFor": [
    "func/sub-EBE0037_task-rest_bold.nii.gz"
],
  "MRAcquisitionType": "2D",
  "MagneticFieldStrength": 3,
  "Manufacturer": "Siemens",
  "ManufacturersModelName": "Prisma",
  "Modality": "MR",
  "PartialFourier": 1,
  "PatientPosition": "HFS",
  "PercentPhaseFOV": 100,
  "PercentSampling": 100,
  "PhaseEncodingDirection": "j",
  "PhaseEncodingSteps": 104,
  "PhaseResolution": 1,
  "PixelBandwidth": 2005,
  "ProcedureStepDescription": "Investigators^Blanco-Elorrieta",
  "ProtocolName": "SE_DistortionMap_PA",
  "PulseSequenceDetails": "%CustomerSeq%\\cmrr_mbep2d_se",
  "ReceiveCoilActiveElements": "HC1-7;NC1,2",
  "ReceiveCoilName": "HeadNeck_64",
  "ReconMatrixPE": 104,
  "RepetitionTime": 6.831,
  "SAR": 0.146643,
  "ScanOptions": "FS",
  "ScanningSequence": "EP",
  "SequenceName": "epse2d1_104",
  "SequenceVariant": "SK",
  "SeriesDescription": "SE_DistortionMap_PA",
  "SeriesNumber": 9,
  "ShimSetting": [297, -12710, -8448, 603, -26, -26, 91, 39],
  "SliceThickness": 2,
  "SliceTiming": [3.405, 0, 3.5125, 0.1075, 3.6175, 0.2125, 3.725, 0.32, 3.83, 0.425, 3.9375, 0.5325, 4.045, 0.6375, 4.15, 0.745, 4.2575, 0.8525, 4.3625, 0.9575, 4.47, 1.065, 4.575, 1.17, 4.6825, 1.2775, 4.79, 1.3825, 4.895, 1.49, 5.0025, 1.5975, 5.1075, 1.7025, 5.215, 1.81, 5.32, 1.915, 5.4275, 2.0225, 5.535, 2.1275, 5.64, 2.235, 5.7475, 2.3425, 5.8525, 2.4475, 5.96, 2.555, 6.065, 2.66, 6.1725, 2.7675, 6.28, 2.8725, 6.385, 2.98, 6.4925, 3.085, 6.5975, 3.1925, 6.705, 3.3],
  "SoftwareVersions": "syngo MR E11",
  "SpacingBetweenSlices": 2,
  "StationName": "AWP166018",
  "TotalReadoutTime": 0.0576811,
  "TxRefAmp": 212.069,
  "WipMemBlock": "03391c68-4a02-4b79-b386-58558266f958||Sequence: R016 ve11c/master r/8780670; Nov 27 2017 15:08:10 by eja",
  "dcmmeta_affine": [
    [-1.990312099456787, -0.16608183085918427, 0.10523632168769836, 107.36468505859375],
    [-0.17900802195072174, 1.9734389781951904, -0.2710992395877838, -68.9038314819336],
    [0.08132640272378922, 0.2792051136493683, 1.9787447452545166, -58.51795959472656],
    [0.0, 0.0, 0.0, 1.0]
],
  "dcmmeta_reorient_transform": [
    [0.0, -1.0, 0.0, 103.0],
    [1.0, 0.0, 0.0, 0.0],
    [0.0, 0.0, 1.0, 0.0],
    [0.0, 0.0, 0.0, 1.0]
],
  "dcmmeta_shape": [104, 104, 64, 3],
  "dcmmeta_slice_dim": 2,
  "dcmmeta_version": 0.6,
  "global": {
    "const": {
      "AccessionNumber": "4B79GQYM",
      "AcquisitionMatrix": [104, 0, 0, 104],
      "AngioFlag": "N",
      "BitsAllocated": 16,
      "BitsStored": 16,
      "BodyPartExamined": "BRAIN",
      "Columns": 832,
      "EchoNumbers": 1,
      "EchoTime": 63.4,
      "EchoTrainLength": 104,
      "FlipAngle": 90.0,
      "HighBit": 15,
      "ImageOrientationPatient": [0.99515603594894, 0.08950401263355, 0.0406632000325, -0.0830409131877, 0.98671947993148, -0.1396025596495],
      "ImagePositionPatient": [-754.27806943362, -917.85108370779, 42.268020986764],
      "ImageType": [
        "ORIGINAL",
        "PRIMARY",
        "M",
        "ND",
        "MOSAIC"
],
      "ImagedNucleus": "1H",
      "ImagingFrequency": 123.196718,
      "InPlanePhaseEncodingDirection": "COL",
      "LargestImagePixelValue": 65535,
      "MRAcquisitionType": "2D",
      "MagneticFieldStrength": 3.0,
      "Manufacturer": "SIEMENS",
      "ManufacturerModelName": "Prisma",
      "Modality": "MR",
      "NumberOfAverages": 1.0,
      "NumberOfPhaseEncodingSteps": 104,
      "PercentPhaseFieldOfView": 100.0,
      "PercentSampling": 100.0,
      "PerformedProcedureStepStartTime": "185649.105000",
      "PhotometricInterpretation": "MONOCHROME2",
      "PixelBandwidth": 2005.0,
      "PixelRepresentation": 0,
      "PixelSpacing": [2.0, 2.0],
      "ProtocolName": "SE_DistortionMap_PA",
      "RepetitionTime": 6831.0,
      "Rows": 832,
      "SAR": 0.14664263706677,
      "SamplesPerPixel": 1,
      "ScanOptions": "FS",
      "ScanningSequence": "EP",
      "SequenceName": "epse2d1_104",
      "SequenceVariant": "SK",
      "SeriesDescription": "SE_DistortionMap_PA",
      "SeriesNumber": 9,
      "SeriesTime": "191635.851000",
      "SliceLocation": -42.906830504007,
      "SliceThickness": 2.0,
      "SmallestImagePixelValue": 0,
      "SoftwareVersions": "syngo MR E11",
      "SpacingBetweenSlices": 2.0000000043549,
      "SpecificCharacterSet": "ISO_IR 100",
      "StudyID": "1",
      "StudyTime": "185649.048000",
      "TransmitCoilName": "Body",
      "VariableFlipAngleFlag": "N",
      "WindowCenterWidthExplanation": "Algo1",
      "dBdt": 0.0},
    "slices": {}
  },
  "time": {
    "samples": {
      "AcquisitionNumber": [1, 2, 3],
      "AcquisitionTime": ["191630.830000", "191637.662500", "191644.492500"],
      "ContentTime": ["191635.855000", "191645.849000", "191648.421000"],
      "InstanceCreationTime": ["191635.855000", "191645.849000", "191648.421000"],
      "InstanceNumber": [1, 2, 3],
      "WindowCenter": [12345.0, 12349.0, 12335.0],
      "WindowWidth": [27023.0, 27031.0, 26986.0]
    },
    "slices": {}
  }
}