{
  "AcquisitionDuration": 603.237,
  "AcquisitionMatrixPE": 152,
  "AcquisitionNumber": 1,
  "AcquisitionTime": "18:44:43.560000",
  "BandwidthPerPixelPhaseEncode": 9.398,
  "BaseResolution": 150,
  "BidsGuess": [
    "dwi",
    "_acq-epse2_dir-AP_run-16_sbref"
],
  "BodyPartExamined": "BRAIN",
  "CoilCombinationMethod": "Sum of Squares",
  "CoilString": "HeadNeck_64",
  "ConversionSoftware": "dcm2niix",
  "ConversionSoftwareVersion": "v1.0.20240202",
  "DerivedVendorReportedEchoSpacing": 0.000700037,
  "DeviceSerialNumber": "166018",
  "DwellTime": 2e-06,
  "EchoTime": 0.0852,
  "EchoTrainLength": 114,
  "EffectiveEchoSpacing": 0.000700037,
  "FlipAngle": 90,
  "FrequencyEncodingSteps": 150,
  "HeudiconvVersion": "4.0.1",
  "ImageComments": " Brain, Single-band reference SENSE1",
  "ImageOrientationPatientDICOM": [0.99774, 0.0642329, -0.0197432, -0.0664447, 0.986893, -0.147066],
  "ImageType": [
    "ORIGINAL",
    "PRIMARY",
    "M",
    "NONE"
],
  "ImageTypeText": [
    "ORIGINAL",
    "PRIMARY",
    "M",
    "ND"
],
  "ImagingFrequency": 123.196703,
  "InPlanePhaseEncodingDirectionDICOM": "COL",
  "InstitutionAddress": "Washington Place 6,NYC,NYC,US,10003",
  "InstitutionName": "NYU Center for Brain Imaging",
  "MRAcquisitionType": "2D",
  "MTState": false,
  "MagneticFieldStrength": 3,
  "Manufacturer": "Siemens",
  "ManufacturersModelName": "MAGNETOM Prisma",
  "MatrixCoilMode": "SENSE",
  "Modality": "MR",
  "NonlinearGradientCorrection": false,
  "PartialFourier": 0.75,
  "PartialFourierDirection": "PHASE",
  "PatientPosition": "HFS",
  "PercentPhaseFOV": 101.333,
  "PercentSampling": 100,
  "PhaseEncodingDirection": "j-",
  "PhaseEncodingSteps": 152,
  "PhaseResolution": 1,
  "PixelBandwidth": 1667,
  "ProtocolName": "dMRI_mb3_AP_1.5",
  "PulseSequenceDetails": "%CustomerSeq%\\cmrr_mbep2d_diff",
  "PulseSequenceName": "epse2d1_152",
  "ReceiveCoilActiveElements": "HC1-7",
  "ReceiveCoilName": "HeadNeck_64",
  "ReconMatrixPE": 152,
  "RepetitionTime": 4.15,
  "ScanOptions": "PFP\\FS",
  "ScanningSequence": "EP",
  "SequenceVariant": "SK\\SS",
  "SeriesDescription": "dMRI_mb3_AP_1.5_SBRef",
  "SeriesNumber": 16,
  "ShimSetting": [283, -12568, -8520, 138, 5, -207, -39, 75],
  "SliceThickness": 1.5,
  "SliceTiming": [0, 0.1525, 0.305, 0.46, 0.6125, 0.765, 0.9175, 1.07, 1.2225, 1.3775, 1.53, 1.6825, 1.835, 1.9875, 2.1425, 2.295, 2.4475, 2.6, 2.7525, 2.9075, 3.06, 3.2125, 3.365, 3.5175, 3.67, 3.825, 3.9775, 4.13, 4.2825, 4.435, 4.59, 4.7425, 4.895, 5.0475, 5.2, 5.3525, 5.5075, 5.66, 5.8125, 5.965, 6.1175, 6.2725, 6.425, 6.5775, 6.73, 6.8825, 7.035, 7.19, 7.3425, 7.495, 7.6475, 7.8, 7.955, 8.1075, 8.26, 8.4125, 8.565, 8.72, 8.8725, 9.025, 9.1775, 9.33, 9.4825, 9.6375, 9.79, 9.9425, 10.095, 10.2475, 10.4025, 10.555, 10.7075, 10.86, 11.0125, 11.165, 11.32, 11.4725, 11.625, 11.7775, 11.93, 12.085, 12.2375],
  "SoftwareVersions": "syngo MR XA30",
  "SpacingBetweenSlices": 1.5,
  "StationName": "AWP166018",
  "TotalReadoutTime": 0.105706,
  "TxRefAmp": 256.336,
  "WipMemBlock": "0ddde90f-ff3e-4f8c-949c-4526a92e4d31||Sequence: R017 nxva30a/master r/294d878e6; May 17 2024 19:26:12 by eja"
}