{
  "AcquisitionMatrixPE": 152,
  "AcquisitionNumber": 1,
  "AcquisitionTime": "10:41:17.362500",
  "BandwidthPerPixelPhaseEncode": 9.398,
  "BaseResolution": 150,
  "BodyPartExamined": "BRAIN",
  "ConsistencyInfo": "N4_VE11C_LATEST_20160120",
  "ConversionSoftware": "dcm2niix",
  "ConversionSoftwareVersion": "v1.0.20210317",
  "DerivedVendorReportedEchoSpacing": 0.000700037,
  "DeviceSerialNumber": "166018",
  "DiffusionScheme": "Monopolar",
  "DwellTime": 2e-06,
  "EchoTime": 0.0852,
  "EchoTrainLength": 114,
  "EffectiveEchoSpacing": 0.000700037,
  "FlipAngle": 90,
  "ImageComments": "Unaliased MB3/PE3/LB SENSE1",
  "ImageOrientationPatientDICOM": [0.999068, 0.033125, -0.0276704, -0.0245912, 0.963715, 0.265799],
  "ImageType": [
    "ORIGINAL",
    "PRIMARY",
    "DIFFUSION",
    "NONE",
    "MB",
    "ND"
],
  "ImagingFrequency": 123.197,
  "InPlanePhaseEncodingDirectionDICOM": "COL",
  "InstitutionAddress": "Washington Place 6,NYC,NYC,US,10003",
  "InstitutionName": "NYU Center for Brain Imaging",
  "InstitutionalDepartmentName": "Department",
  "IntendedFor": [
    "dwi/sub-EBE0011_acq-138vols_dwi.nii.gz"
],
  "MRAcquisitionType": "2D",
  "MagneticFieldStrength": 3,
  "Manufacturer": "Siemens",
  "ManufacturersModelName": "Prisma",
  "Modality": "MR",
  "MultibandAccelerationFactor": 3,
  "PartialFourier": 0.75,
  "PatientPosition": "HFS",
  "PercentPhaseFOV": 101.333,
  "PercentSampling": 100,
  "PhaseEncodingDirection": "j",
  "PhaseEncodingSteps": 114,
  "PhaseResolution": 1,
  "PixelBandwidth": 1665,
  "ProcedureStepDescription": "Investigators^Blanco-Elorrieta",
  "ProtocolName": "SpinEchoFieldMap_1.5_PA",
  "PulseSequenceDetails": "%CustomerSeq%\\cmrr_mbep2d_diff",
  "ReceiveCoilActiveElements": "HC1-7;NC1,2",
  "ReceiveCoilName": "HeadNeck_64",
  "ReconMatrixPE": 152,
  "RepetitionTime": 4.15,
  "SAR": 0.0813395,
  "ScanOptions": "PFP\\FS",
  "ScanningSequence": "EP",
  "SequenceName": "ep_b5#1",
  "SequenceVariant": "SK\\SS",
  "SeriesDescription": "SpinEchoFieldMap_1.5_PA",
  "SeriesNumber": 15,
  "ShimSetting": [266, -12672, -8486, 203, -56, -140, -99, 25],
  "SliceThickness": 1.5,
  "SliceTiming": [0, 2.14844, 0.15625, 2.29688, 0.3125, 2.45312, 0.46094, 2.60938, 0.61719, 2.75781, 0.76562, 2.91406, 0.92188, 3.0625, 1.07812, 3.21875, 1.22656, 3.36719, 1.38281, 3.52344, 1.53125, 3.67188, 1.6875, 3.82812, 1.84375, 3.98438, 1.99219, 0, 2.14844, 0.15625, 2.29688, 0.3125, 2.45312, 0.46094, 2.60938, 0.61719, 2.75781, 0.76562, 2.91406, 0.92188, 3.0625, 1.07812, 3.21875, 1.22656, 3.36719, 1.38281, 3.52344, 1.53125, 3.67188, 1.6875, 3.82812, 1.84375, 3.98438, 1.99219, 0, 2.14844, 0.15625, 2.29688, 0.3125, 2.45312, 0.46094, 2.60938, 0.61719, 2.75781, 0.76562, 2.91406, 0.92188, 3.0625, 1.07812, 3.21875, 1.22656, 3.36719, 1.38281, 3.52344, 1.53125, 3.67188, 1.6875, 3.82812, 1.84375, 3.98438, 1.99219],
  "SoftwareVersions": "syngo MR E11",
  "SpacingBetweenSlices": 1.5,
  "StationName": "AWP166018",
  "TotalReadoutTime": 0.105706,
  "TxRefAmp": 226.349,
  "WipMemBlock": "51139ea6-c98f-4fe7-8274-e92c841ba3cc||Sequence: R016 ve11c/master r/8780670; Nov 27 2017 15:07:03 by eja",
  "dcmmeta_affine": [
    [-1.4986021518707275, -0.0368867963552475, -0.053206443786621094, 120.87984466552734],
    [-0.04968751221895218, 1.4455721378326416, 0.3973045349121094, -92.73905944824219],
    [-0.041505660861730576, -0.398698627948761, 1.4454460144042969, -19.134878158569336],
    [0.0, 0.0, 0.0, 1.0]
],
  "dcmmeta_reorient_transform": [
    [0.0, -1.0, 0.0, 151.0],
    [1.0, 0.0, 0.0, 0.0],
    [0.0, 0.0, -1.0, 80.0],
    [0.0, 0.0, 0.0, 1.0]
],
  "dcmmeta_shape": [150, 152, 81],
  "dcmmeta_slice_dim": 2,
  "dcmmeta_version": 0.6,
  "global": {
    "const": {
      "AccessionNumber": "DGCTXRPG",
      "AcquisitionMatrix": [150, 0, 0, 152],
      "AcquisitionNumber": 1,
      "AngioFlag": "N",
      "BitsAllocated": 16,
      "BitsStored": 16,
      "BodyPartExamined": "BRAIN",
      "Columns": 150,
      "EchoNumbers": 1,
      "EchoTime": 85.2,
      "EchoTrainLength": 114,
      "FlipAngle": 90.0,
      "HighBit": 15,
      "ImageOrientationPatient": [0.99906810611353, 0.03312500723648, -0.0276704398646, -0.0245911970879, 0.96371475176329, 0.26579907874108],
      "ImageType": [
        "ORIGINAL",
        "PRIMARY",
        "DIFFUSION",
        "NONE",
        "MB",
        "ND"
],
      "ImagedNucleus": "1H",
      "ImagingFrequency": 123.196755,
      "InPlanePhaseEncodingDirection": "COL",
      "MRAcquisitionType": "2D",
      "MagneticFieldStrength": 3.0,
      "Manufacturer": "SIEMENS",
      "ManufacturerModelName": "Prisma",
      "Modality": "MR",
      "NumberOfAverages": 1.0,
      "NumberOfPhaseEncodingSteps": 114,
      "PercentPhaseFieldOfView": 101.33333333333,
      "PercentSampling": 100.0,
      "PerformedProcedureStepStartTime": "101253.960000",
      "PhotometricInterpretation": "MONOCHROME2",
      "PixelBandwidth": 1665.0,
      "PixelRepresentation": 0,
      "PixelSpacing": [1.5, 1.5],
      "ProtocolName": "SpinEchoFieldMap_1.5_PA",
      "RepetitionTime": 4150.0,
      "Rows": 152,
      "SAR": 0.08133947007101,
      "SamplesPerPixel": 1,
      "ScanOptions": [
        "PFP",
        "FS"
],
      "ScanningSequence": "EP",
      "SequenceName": "ep_b5#1",
      "SequenceVariant": [
        "SK",
        "SS"
],
      "SeriesDescription": "SpinEchoFieldMap_1.5_PA",
      "SeriesNumber": 15,
      "SeriesTime": "104142.604000",
      "SliceThickness": 1.5,
      "SmallestImagePixelValue": 0,
      "SoftwareVersions": "syngo MR E11",
      "SpacingBetweenSlices": 1.5,
      "SpecificCharacterSet": "ISO_IR 100",
      "StudyID": "1",
      "StudyTime": "101253.839000",
      "TransmitCoilName": "Body",
      "VariableFlipAngleFlag": "N",
      "WindowCenterWidthExplanation": "Algo1",
      "dBdt": 0.0},
