{
  "AcquisitionMatrixPE": 104,
  "AcquisitionNumber": 1,
  "AcquisitionTime": "16:25:5.737500",
  "BandwidthPerPixelPhaseEncode": 17.17,
  "BaseResolution": 104,
  "BodyPartExamined": "BRAIN",
  "ConsistencyInfo": "N4_VE11C_LATEST_20160120",
  "ConversionSoftware": "dcm2niix",
  "ConversionSoftwareVersion": "v1.0.20210317",
  "DerivedVendorReportedEchoSpacing": 0.000560011,
  "DeviceSerialNumber": "166018",
  "DwellTime": 2.4e-06,
  "EchoTime": 0.0634,
  "EchoTrainLength": 104,
  "EffectiveEchoSpacing": 0.000560011,
  "FlipAngle": 90,
  "ImageOrientationPatientDICOM": [0.998815, 0.0464887, 0.0143786, -0.0455307, 0.997099, -0.0609993],
  "ImageType": [
    "ORIGINAL",
    "PRIMARY",
    "M",
    "ND",
    "MOSAIC"
],
  "ImagingFrequency": 123.197,
  "InPlanePhaseEncodingDirectionDICOM": "COL",
  "InstitutionAddress": "Washington Place 6,NYC,NYC,US,10003",
  "InstitutionName": "NYU Center for Brain Imaging",
  "InstitutionalDepartmentName": "Department",
  "IntendedFor": [
    "func/sub-EBE0006_task-rest_bold.nii.gz"
],
  "MRAcquisitionType": "2D",
  "MagneticFieldStrength": 3,
  "Manufacturer": "Siemens",
  "ManufacturersModelName": "Prisma",
  "Modality": "MR",
  "PartialFourier": 1,
  "PatientPosition": "HFS",
  "PercentPhaseFOV": 100,
  "PercentSampling": 100,
  "PhaseEncodingDirection": "j-",
  "PhaseEncodingSteps": 104,
  "PhaseResolution": 1,
  "PixelBandwidth": 2005,
  "ProcedureStepDescription": "Investigators^Blanco-Elorrieta",
  "ProtocolName": "SE_DistortionMap_AP",
  "PulseSequenceDetails": "%CustomerSeq%\\cmrr_mbep2d_se",
  "ReceiveCoilActiveElements": "HC1-7;NC1,2",
  "ReceiveCoilName": "HeadNeck_64",
  "ReconMatrixPE": 104,
  "RepetitionTime": 6.831,
  "SAR": 0.14218,
  "ScanOptions": "FS",
  "ScanningSequence": "EP",
  "SequenceName": "epse2d1_104",
  "SequenceVariant": "SK",
  "SeriesDescription": "SE_DistortionMap_AP",
  "SeriesNumber": 8,
  "ShimSetting": [306, -12691, -8461, 378, 12, -152, 88, 70],
  "SliceThickness": 2,
  "SliceTiming": [3.405, 0, 3.51, 0.105, 3.6175, 0.2125, 3.7225, 0.3175, 3.83, 0.425, 3.9375, 0.53, 4.0425, 0.6375, 4.15, 0.7425, 4.255, 0.85, 4.3625, 0.9575, 4.4675, 1.0625, 4.575, 1.17, 4.6825, 1.275, 4.7875, 1.3825, 4.895, 1.4875, 5, 1.595, 5.1075, 1.7025, 5.2125, 1.8075, 5.32, 1.915, 5.425, 2.02, 5.5325, 2.1275, 5.64, 2.2325, 5.745, 2.34, 5.8525, 2.4475, 5.9575, 2.5525, 6.065, 2.66, 6.17, 2.765, 6.2775, 2.8725, 6.385, 2.9775, 6.49, 3.085, 6.5975, 3.1925, 6.7025, 3.2975],
  "SoftwareVersions": "syngo MR E11",
  "SpacingBetweenSlices": 2,
  "StationName": "AWP166018",
  "TotalReadoutTime": 0.0576811,
  "TxRefAmp": 209.485,
  "WipMemBlock": "4055ea6e-2928-48b9-9ff1-308e0e87ae5d||Sequence: R016 ve11c/master r/8780670; Nov 27 2017 15:08:10 by eja",
  "dcmmeta_affine": [
    [-1.9976305961608887, -0.0910613015294075, 0.034345418214797974, 106.98051452636719],
    [-0.09297734498977661, 1.9941976070404053, -0.12054470181465149, -77.62886810302734],
    [0.02875729463994503, 0.12199857085943222, 1.9960684776306152, -37.49895095825195],
    [0.0, 0.0, 0.0, 1.0]
],
  "dcmmeta_reorient_transform": [
    [0.0, -1.0, 0.0, 103.0],
    [1.0, 0.0, 0.0, 0.0],
    [0.0, 0.0, 1.0, 0.0],
    [0.0, 0.0, 0.0, 1.0]
],
  "dcmmeta_shape": [104, 104, 64, 3],
  "dcmmeta_slice_dim": 2,
  "dcmmeta_version": 0.6,
  "global": {
    "const": {
      "AccessionNumber": "yyhbdy9h",
      "AcquisitionMatrix": [104, 0, 0, 104],
      "AngioFlag": "N",
      "BitsAllocated": 16,
      "BitsStored": 16,
      "BodyPartExamined": "BRAIN",
      "Columns": 832,
      "EchoNumbers": 1,
      "EchoTime": 63.4,
      "EchoTrainLength": 104,
      "FlipAngle": 90.0,
      "HighBit": 15,
      "ImageOrientationPatient": [0.99881532718461, 0.04648867252765, 0.01437864763191, -0.0455306520002, 0.99709881507418, -0.0609992844721],
      "ImagePositionPatient": [-791.5924441224, -887.50517855496, 9.0067269372547],
      "ImageType": [
        "ORIGINAL",
        "PRIMARY",
        "M",
        "ND",
        "MOSAIC"
],
      "ImagedNucleus": "1H",
      "ImagingFrequency": 123.196733,
      "InPlanePhaseEncodingDirection": "COL",
      "LargestImagePixelValue": 65535,
      "MRAcquisitionType": "2D",
      "MagneticFieldStrength": 3.0,
      "Manufacturer": "SIEMENS",
      "ManufacturerModelName": "Prisma",
      "Modality": "MR",
      "NumberOfAverages": 1.0,
      "NumberOfPhaseEncodingSteps": 104,
      "PercentPhaseFieldOfView": 100.0,
      "PercentSampling": 100.0,
      "PerformedProcedureStepStartTime": "160811.148000",
      "PhotometricInterpretation": "MONOCHROME2",
      "PixelBandwidth": 2005.0,
      "PixelRepresentation": 0,
      "PixelSpacing": [2.0, 2.0],
      "ProtocolName": "SE_DistortionMap_AP",
      "RepetitionTime": 6831.0,
      "Rows": 832,
      "SAR": 0.14218028533489,
      "SamplesPerPixel": 1,
      "ScanOptions": "FS",
      "ScanningSequence": "EP",
      "SequenceName": "epse2d1_104",
      "SequenceVariant": "SK",
      "SeriesDescription": "SE_DistortionMap_AP",
      "SeriesNumber": 8,
      "SeriesTime": "162510.003000",
      "SliceLocation": -30.90921572461,
      "SliceThickness": 2.0,
      "SmallestImagePixelValue": 0,
      "SoftwareVersions": "syngo MR E11",
      "SpacingBetweenSlices": 2.0000000219377,
      "SpecificCharacterSet": "ISO_IR 100",
      "StudyID": "1",
      "StudyTime": "160811.081000",
      "TransmitCoilName": "Body",
      "VariableFlipAngleFlag": "N",
      "WindowCenterWidthExplanation": "Algo1",
      "dBdt": 0.0},
    "slices": {}
  },
  "time": {
    "samples": {
      "AcquisitionNumber": [1, 2, 3],
      "AcquisitionTime": ["162505.737500", "162512.567500", "162519.397500"],
      "ContentTime": ["162510.007000", "162517.001000", "162523.588000"],
      "InstanceCreationTime": ["162510.007000", "162517.001000", "162523.588000"],
      "InstanceNumber": [1, 2, 3],
      "WindowCenter": [12560.0, 12564.0, 12566.0],
      "WindowWidth": [27369.0, 27389.0, 27391.0]
    },
    "slices": {}
  }
}