{
  "AcquisitionMatrixPE": 104,
  "AcquisitionNumber": 1,
  "AcquisitionTime": "20:07:38.900000",
  "BandwidthPerPixelPhaseEncode": 17.17,
  "BaseResolution": 104,
  "BodyPartExamined": "BRAIN",
  "ConsistencyInfo": "N4_VE11C_LATEST_20160120",
  "ConversionSoftware": "dcm2niix",
  "ConversionSoftwareVersion": "v1.0.20210317",
  "DerivedVendorReportedEchoSpacing": 0.000560011,
  "DeviceSerialNumber": "166018",
  "DwellTime": 2.4e-06,
  "EchoTime": 0.0634,
  "EchoTrainLength": 104,
  "EffectiveEchoSpacing": 0.000560011,
  "FlipAngle": 90,
  "ImageOrientationPatientDICOM": [0.99835, -0.0574143, -0.000589922, 0.0524961, 0.916896, -0.395659],
  "ImageType": [
    "ORIGINAL",
    "PRIMARY",
    "M",
    "ND",
    "MOSAIC"
],
  "ImagingFrequency": 123.197,
  "InPlanePhaseEncodingDirectionDICOM": "COL",
  "InstitutionAddress": "Washington Place 6,NYC,NYC,US,10003",
  "InstitutionName": "NYU - CBI",
  "InstitutionalDepartmentName": "Department",
  "IntendedFor": [
    "func/sub-EBE0077_task-rest_bold.nii.gz"
],
  "MRAcquisitionType": "2D",
  "MagneticFieldStrength": 3,
  "Manufacturer": "Siemens",
  "ManufacturersModelName": "Prisma",
  "Modality": "MR",
  "PartialFourier": 1,
  "PatientPosition": "HFS",
  "PercentPhaseFOV": 100,
  "PercentSampling": 100,
  "PhaseEncodingDirection": "j",
  "PhaseEncodingSteps": 104,
  "PhaseResolution": 1,
  "PixelBandwidth": 2005,
  "ProcedureStepDescription": "Investigators^Blanco-Elorrieta",
  "ProtocolName": "SE_DistortionMap_PA",
  "PulseSequenceDetails": "%CustomerSeq%\\cmrr_mbep2d_se",
  "ReceiveCoilActiveElements": "HC1-7;NC1,2",
  "ReceiveCoilName": "HeadNeck_64",
  "ReconMatrixPE": 104,
  "RepetitionTime": 6.831,
  "SAR": 0.159907,
  "ScanOptions": "FS",
  "ScanningSequence": "EP",
  "SequenceName": "epse2d1_104",
  "SequenceVariant": "SK",
  "SeriesDescription": "SE_DistortionMap_PA",
  "SeriesNumber": 9,
  "ShimSetting": [287, -12669, -8484, 479, -35, -209, -79, 73],
  "SliceThickness": 2,
  "SliceTiming": [3.405, 0, 3.5125, 0.105, 3.6175, 0.2125, 3.725, 0.32, 3.83, 0.425, 3.9375, 0.5325, 4.0425, 0.6375, 4.15, 0.745, 4.2575, 0.85, 4.3625, 0.9575, 4.47, 1.065, 4.575, 1.17, 4.6825, 1.2775, 4.7875, 1.3825, 4.895, 1.49, 5.0025, 1.595, 5.1075, 1.7025, 5.215, 1.81, 5.32, 1.915, 5.4275, 2.0225, 5.5325, 2.1275, 5.64, 2.235, 5.7475, 2.34, 5.8525, 2.4475, 5.96, 2.5525, 6.065, 2.66, 6.1725, 2.7675, 6.2775, 2.8725, 6.385, 2.98, 6.4925, 3.085, 6.5975, 3.1925, 6.705, 3.2975],
  "SoftwareVersions": "syngo MR E11",
  "SpacingBetweenSlices": 2,
  "StationName": "AWP166018",
  "TotalReadoutTime": 0.0576811,
  "TxRefAmp": 222.304,
  "WipMemBlock": "bffbbd16-0b8e-4315-aac4-955036fefbe8||Sequence: R016 ve11c/master r/8780670; Nov 27 2017 15:08:10 by eja",
  "dcmmeta_affine": [
    [-1.9967005252838135, 0.10499221831560135, -0.046514708548784256, 101.5791244506836],
    [0.11482853442430496, 1.8337920904159546, -0.7899501323699951, -70.23104858398438],
    [-0.001179843326099217, 0.7913175225257874, 1.8367948532104492, -99.19512176513672],
    [0.0, 0.0, 0.0, 1.0]
],
  "dcmmeta_reorient_transform": [
    [0.0, -1.0, 0.0, 103.0],
    [1.0, 0.0, 0.0, 0.0],
    [0.0, 0.0, 1.0, 0.0],
    [0.0, 0.0, 0.0, 1.0]
],
  "dcmmeta_shape": [104, 104, 64, 3],
  "dcmmeta_slice_dim": 2,
  "dcmmeta_version": 0.6,
  "global": {
    "const": {
      "AccessionNumber": "REMJHRWR",
      "AcquisitionMatrix": [104, 0, 0, 104],
      "AngioFlag": "N",
      "BitsAllocated": 16,
      "BitsStored": 16,
      "BodyPartExamined": "BRAIN",
      "Columns": 832,
      "EchoNumbers": 1,
      "EchoTime": 63.4,
      "EchoTrainLength": 104,
      "FlipAngle": 90.0,
      "HighBit": 15,
      "ImageOrientationPatient": [0.99835026623517, -0.0574142656543, -0.0005899216377, 0.052496108474, 0.91689601761737, -0.395658756345],
      "ImagePositionPatient": [-877.40948418451, -744.35224918237, 270.77961953353],
      "ImageType": [
        "ORIGINAL",
        "PRIMARY",
        "M",
        "ND",
        "MOSAIC"
],
      "ImagedNucleus": "1H",
      "ImagingFrequency": 123.196755,
      "InPlanePhaseEncodingDirection": "COL",
      "LargestImagePixelValue": 65535,
      "MRAcquisitionType": "2D",
      "MagneticFieldStrength": 3.0,
      "Manufacturer": "SIEMENS",
      "ManufacturerModelName": "Prisma",
      "Modality": "MR",
      "NumberOfAverages": 1.0,
      "NumberOfPhaseEncodingSteps": 104,
      "PercentPhaseFieldOfView": 100.0,
      "PercentSampling": 100.0,
      "PerformedProcedureStepStartTime": "195102.388000",
      "PhotometricInterpretation": "MONOCHROME2",
      "PixelBandwidth": 2005.0,
      "PixelRepresentation": 0,
      "PixelSpacing": [2.0, 2.0],
      "ProtocolName": "SE_DistortionMap_PA",
      "RepetitionTime": 6831.0,
      "Rows": 832,
      "SAR": 0.15990739003948,
      "SamplesPerPixel": 1,
      "ScanOptions": "FS",
      "ScanningSequence": "EP",
      "SequenceName": "epse2d1_104",
      "SequenceVariant": "SK",
      "SeriesDescription": "SE_DistortionMap_PA",
      "SeriesNumber": 9,
      "SeriesTime": "200743.715000",
      "SliceLocation": -65.723493226095,
      "SliceThickness": 2.0,
      "SmallestImagePixelValue": 0,
      "SoftwareVersions": "syngo MR E11",
      "SpacingBetweenSlices": 2.0000000067149,
      "SpecificCharacterSet": "ISO_IR 100",
      "StudyID": "1",
      "StudyTime": "195102.318000",
      "TransmitCoilName": "Body",
      "VariableFlipAngleFlag": "N",
      "WindowCenterWidthExplanation": "Algo1",
      "dBdt": 0.0},
    "slices": {}
  },
  "time": {
    "samples": {
      "AcquisitionNumber": [1, 2, 3],
      "AcquisitionTime": ["200738.900000", "200745.730000", "200752.562500"],
      "ContentTime": ["200743.719000", "200753.714000", "200756.368000"],
      "InstanceCreationTime": ["200743.719000", "200753.714000", "200756.368000"],
      "InstanceNumber": [1, 2, 3],
      "WindowCenter": [11232.0, 11233.0, 11239.0],
      "WindowWidth": [24211.0, 24209.0, 24217.0]
    },
    "slices": {}
  }
}