{
  "AcquisitionMatrixPE": 152,
  "AcquisitionNumber": 1,
  "AcquisitionTime": "19:26:33.742500",
  "BandwidthPerPixelPhaseEncode": 9.398,
  "BaseResolution": 150,
  "BodyPartExamined": "BRAIN",
  "ConsistencyInfo": "N4_VE11C_LATEST_20160120",
  "ConversionSoftware": "dcm2niix",
  "ConversionSoftwareVersion": "v1.0.20210317",
  "DerivedVendorReportedEchoSpacing": 0.000700037,
  "DeviceSerialNumber": "166018",
  "DiffusionScheme": "Monopolar",
  "DwellTime": 2e-06,
  "EchoTime": 0.0852,
  "EchoTrainLength": 114,
  "EffectiveEchoSpacing": 0.000700037,
  "FlipAngle": 90,
  "ImageComments": "Unaliased MB3/PE3/LB SENSE1",
  "ImageOrientationPatientDICOM": [0.993326, 0.105525, 0.0465583, -0.115107, 0.932583, 0.34211],
  "ImageType": [
    "ORIGINAL",
    "PRIMARY",
    "DIFFUSION",
    "NONE",
    "MB",
    "ND",
    "MOSAIC"
],
  "ImagingFrequency": 123.197,
  "InPlanePhaseEncodingDirectionDICOM": "COL",
  "InstitutionAddress": "Washington Place 6,NYC,NYC,US,10003",
  "InstitutionName": "NYU Center for Brain Imaging",
  "InstitutionalDepartmentName": "Department",
  "MRAcquisitionType": "2D",
  "MagneticFieldStrength": 3,
  "Manufacturer": "Siemens",
  "ManufacturersModelName": "Prisma",
  "Modality": "MR",
  "MultibandAccelerationFactor": 3,
  "PartialFourier": 0.75,
  "PatientPosition": "HFS",
  "PercentPhaseFOV": 101.333,
  "PercentSampling": 100,
  "PhaseEncodingDirection": "j-",
  "PhaseEncodingSteps": 114,
  "PhaseResolution": 1,
  "PixelBandwidth": 1665,
  "ProcedureStepDescription": "Investigators^Blanco-Elorrieta",
  "ProtocolName": "dMRI_mb3_AP_1.5",
  "PulseSequenceDetails": "%CustomerSeq%\\cmrr_mbep2d_diff",
  "ReceiveCoilActiveElements": "HC1-7;NC1,2",
  "ReceiveCoilName": "HeadNeck_64",
  "ReconMatrixPE": 152,
  "RepetitionTime": 4.15,
  "SAR": 0.140413,
  "ScanOptions": "PFP\\FS",
  "ScanningSequence": "EP",
  "SequenceName": "ep_b5#1",
  "SequenceVariant": "SK\\SS",
  "SeriesDescription": "dMRI_mb3_AP_1.5",
  "SeriesNumber": 17,
  "ShimSetting": [264, -12745, -8549, 212, -129, -262, 19, -13],
  "SliceThickness": 1.5,
  "SliceTiming": [0, 2.14, 0.1525, 2.2925, 0.305, 2.445, 0.4575, 2.6, 0.61, 2.7525, 0.7625, 2.905, 0.9175, 3.0575, 1.07, 3.21, 1.2225, 3.365, 1.375, 3.5175, 1.5275, 3.67, 1.6825, 3.8225, 1.835, 3.975, 1.9875, 0, 2.14, 0.1525, 2.2925, 0.305, 2.445, 0.4575, 2.6, 0.61, 2.7525, 0.7625, 2.905, 0.9175, 3.0575, 1.07, 3.21, 1.2225, 3.365, 1.375, 3.5175, 1.5275, 3.67, 1.6825, 3.8225, 1.835, 3.975, 1.9875, 0, 2.14, 0.1525, 2.2925, 0.305, 2.445, 0.4575, 2.6, 0.61, 2.7525, 0.7625, 2.905, 0.9175, 3.0575, 1.07, 3.21, 1.2225, 3.365, 1.375, 3.5175, 1.5275, 3.67, 1.6825, 3.8225, 1.835, 3.975, 1.9875],
  "SoftwareVersions": "syngo MR E11",
  "SpacingBetweenSlices": 1.5,
  "StationName": "AWP166018",
  "TotalReadoutTime": 0.105706,
  "TxRefAmp": 212.069,
  "WipMemBlock": "39ab0b16-52ce-41b2-85cf-6cd130b96bfd||Sequence: R016 ve11c/master r/8780670; Nov 27 2017 15:07:03 by eja",
  "dcmmeta_affine": [
    [-1.489989161491394, -0.17266112565994263, 0.010977312922477722, 124.99844360351562],
    [-0.15828800201416016, 1.3988744020462036, 0.5177790522575378, -86.08304595947266],
    [0.06983746588230133, -0.5131650567054749, 1.4077585935592651, -5.305636405944824],
    [0.0, 0.0, 0.0, 1.0]
],
  "dcmmeta_reorient_transform": [
    [0.0, -1.0, 0.0, 151.0],
    [1.0, 0.0, 0.0, 0.0],
    [0.0, 0.0, 1.0, 0.0],
    [0.0, 0.0, 0.0, 1.0]
],
  "dcmmeta_shape": [150, 152, 81, 138],
  "dcmmeta_slice_dim": 2,
  "dcmmeta_version": 0.6,
  "global": {
    "const": {
      "AccessionNumber": "4B79GQYM",
      "AcquisitionMatrix": [150, 0, 0, 152],
      "AngioFlag": "N",
      "BitsAllocated": 16,
      "BitsStored": 16,
      "BodyPartExamined": "BRAIN",
      "Columns": 1350,
      "EchoNumbers": 1,
      "EchoTime": 85.2,
      "EchoTrainLength": 114,
      "FlipAngle": 90.0,
      "HighBit": 15,
      "ImageOrientationPatient": [0.99332609311643, 0.10552533644434, 0.04655830862861, -0.1151074131182, 0.93258297395641, 0.34211004096908],
      "ImagePositionPatient": [-887.94213572674, -1070.6354714523, -436.70039581957],
      "ImageType": [
        "ORIGINAL",
        "PRIMARY",
        "DIFFUSION",
        "NONE",
        "MB",
        "ND",
        "MOSAIC"
],
      "ImagedNucleus": "1H",
      "ImagingFrequency": 123.19675,
      "InPlanePhaseEncodingDirection": "COL",
      "MRAcquisitionType": "2D",
      "MagneticFieldStrength": 3.0,
      "Manufacturer": "SIEMENS",
      "ManufacturerModelName": "Prisma",
      "Modality": "MR",
      "NumberOfAverages": 1.0,
      "NumberOfPhaseEncodingSteps": 114,
      "PercentPhaseFieldOfView": 101.33333333333,
      "PercentSampling": 100.0,
      "PerformedProcedureStepStartTime": "185649.105000",
      "PhotometricInterpretation": "MONOCHROME2",
      "PixelBandwidth": 1665.0,
      "PixelRepresentation": 0,
      "PixelSpacing": [1.5, 1.5],
      "ProtocolName": "dMRI_mb3_AP_1.5",
      "RepetitionTime": 4150.0,
      "Rows": 1368,
      "SAR": 0.14041308461793,
      "SamplesPerPixel": 1,
      "ScanOptions": [
        "PFP",
        "FS"
],
      "ScanningSequence": "EP",
      "SequenceVariant": [
        "SK",
        "SS"
],
      "SeriesDescription": "dMRI_mb3_AP_1.5",
      "SeriesNumber": 17,
      "SeriesTime": "192702.749000",
      "SliceLocation": -33.779271495607,
      "SliceThickness": 1.5,
      "SmallestImagePixelValue": 0,
      "SoftwareVersions": "syngo MR E11",
      "SpacingBetweenSlices": 1.4999999971758,
      "SpecificCharacterSet": "ISO_IR 100",
      "StudyID": "1",
      "StudyTime": "185649.048000",
      "TransmitCoilName": "Body",
      "VariableFlipAngleFlag": "N",
      "WindowCenterWidthExplanation": "Algo1",
      "dBdt": 0.0},
