{
  "AcquisitionDuration": 603.235,
  "AcquisitionMatrixPE": 152,
  "AcquisitionNumber": 1,
  "AcquisitionTime": "16:19:6.042500",
  "BandwidthPerPixelPhaseEncode": 9.398,
  "BaseResolution": 150,
  "BidsGuess": [
    "dwi",
    "_acq-epse2_dir-AP_run-16_sbref"
],
  "BodyPartExamined": "BRAIN",
  "CoilCombinationMethod": "Sum of Squares",
  "CoilString": "HeadNeck_64",
  "ConversionSoftware": "dcm2niix",
  "ConversionSoftwareVersion": "v1.0.20240202",
  "DerivedVendorReportedEchoSpacing": 0.000700037,
  "DeviceSerialNumber": "166018",
  "DwellTime": 2e-06,
  "EchoTime": 0.0852,
  "EchoTrainLength": 114,
  "EffectiveEchoSpacing": 0.000700037,
  "FlipAngle": 90,
  "FrequencyEncodingSteps": 150,
  "HeudiconvVersion": "4.0.1",
  "ImageComments": " Brain, Single-band reference SENSE1",
  "ImageOrientationPatientDICOM": [0.997595, -0.0238653, 0.0650684, 0.0247292, 0.999616, -0.012503],
  "ImageType": [
    "ORIGINAL",
    "PRIMARY",
    "M",
    "NONE"
],
  "ImageTypeText": [
    "ORIGINAL",
    "PRIMARY",
    "M",
    "ND"
],
  "ImagingFrequency": 123.196648,
  "InPlanePhaseEncodingDirectionDICOM": "COL",
  "InstitutionAddress": "Washington Place 6,NYC,NYC,US,10003",
  "InstitutionName": "NYU Center for Brain Imaging",
  "MRAcquisitionType": "2D",
  "MTState": false,
  "MagneticFieldStrength": 3,
  "Manufacturer": "Siemens",
  "ManufacturersModelName": "MAGNETOM Prisma",
  "MatrixCoilMode": "SENSE",
  "Modality": "MR",
  "NonlinearGradientCorrection": false,
  "PartialFourier": 0.75,
  "PartialFourierDirection": "PHASE",
  "PatientPosition": "HFS",
  "PercentPhaseFOV": 101.333,
  "PercentSampling": 100,
  "PhaseEncodingDirection": "j-",
  "PhaseEncodingSteps": 152,
  "PhaseResolution": 1,
  "PixelBandwidth": 1667,
  "ProtocolName": "dMRI_mb3_AP_1.5",
  "PulseSequenceDetails": "%CustomerSeq%\\cmrr_mbep2d_diff",
  "PulseSequenceName": "epse2d1_152",
  "ReceiveCoilActiveElements": "HC1-6",
  "ReceiveCoilName": "HeadNeck_64",
  "ReconMatrixPE": 152,
  "RepetitionTime": 4.15,
  "ScanOptions": "PFP\\FS",
  "ScanningSequence": "EP",
  "SequenceVariant": "SK\\SS",
  "SeriesDescription": "dMRI_mb3_AP_1.5_SBRef",
  "SeriesNumber": 16,
  "ShimSetting": [284, -12677, -8500, 70, -52, -232, -101, 56],
  "SliceThickness": 1.5,
  "SliceTiming": [0, 0.155, 0.3075, 0.46, 0.6125, 0.765, 0.9175, 1.0725, 1.225, 1.3775, 1.53, 1.6825, 1.8375, 1.99, 2.1425, 2.295, 2.4475, 2.6025, 2.755, 2.9075, 3.06, 3.2125, 3.365, 3.52, 3.6725, 3.825, 3.9775, 4.13, 4.285, 4.4375, 4.59, 4.7425, 4.895, 5.0475, 5.2025, 5.355, 5.5075, 5.66, 5.8125, 5.9675, 6.12, 6.2725, 6.425, 6.5775, 6.73, 6.885, 7.0375, 7.19, 7.3425, 7.495, 7.65, 7.8025, 7.955, 8.1075, 8.26, 8.415, 8.5675, 8.72, 8.8725, 9.025, 9.1775, 9.3325, 9.485, 9.6375, 9.79, 9.9425, 10.0975, 10.25, 10.4025, 10.555, 10.7075, 10.86, 11.015, 11.1675, 11.32, 11.4725, 11.625, 11.78, 11.9325, 12.085, 12.2375],
  "SoftwareVersions": "syngo MR XA30",
  "SpacingBetweenSlices": 1.5,
  "StationName": "AWP166018",
  "TotalReadoutTime": 0.105706,
  "TxRefAmp": 252.667,
  "WipMemBlock": "fbe89786-7725-48b1-8c33-efe62b518751||Sequence: R017 nxva30a/master r/294d878e6; May 17 2024 19:26:12 by eja"
}