{
  "AcquisitionMatrixPE": 104,
  "AcquisitionNumber": 1,
  "AcquisitionTime": "18:25:8.590000",
  "BandwidthPerPixelPhaseEncode": 17.17,
  "BaseResolution": 104,
  "BodyPartExamined": "BRAIN",
  "ConsistencyInfo": "N4_VE11C_LATEST_20160120",
  "ConversionSoftware": "dcm2niix",
  "ConversionSoftwareVersion": "v1.0.20210317",
  "DerivedVendorReportedEchoSpacing": 0.000560011,
  "DeviceSerialNumber": "166018",
  "DwellTime": 2.1e-06,
  "EchoTime": 0.035,
  "EchoTrainLength": 104,
  "EffectiveEchoSpacing": 0.000560011,
  "FlipAngle": 62,
  "ImageComments": "Unaliased MB4/PE3/LB",
  "ImageOrientationPatientDICOM": [0.99778, -0.0527218, 0.040678, 0.0643487, 0.920548, -0.385293],
  "ImageType": [
    "ORIGINAL",
    "PRIMARY",
    "M",
    "MB",
    "ND",
    "MOSAIC"
],
  "ImagingFrequency": 123.197,
  "InPlanePhaseEncodingDirectionDICOM": "COL",
  "InstitutionAddress": "Washington Place 6,NYC,NYC,US,10003",
  "InstitutionName": "NYU - CBI",
  "InstitutionalDepartmentName": "Department",
  "MRAcquisitionType": "2D",
  "MagneticFieldStrength": 3,
  "Manufacturer": "Siemens",
  "ManufacturersModelName": "Prisma",
  "Modality": "MR",
  "MultibandAccelerationFactor": 4,
  "PartialFourier": 1,
  "PatientPosition": "HFS",
  "PercentPhaseFOV": 100,
  "PercentSampling": 100,
  "PhaseEncodingDirection": "j-",
  "PhaseEncodingSteps": 104,
  "PhaseResolution": 1,
  "PixelBandwidth": 2290,
  "ProcedureStepDescription": "Investigators^Blanco-Elorrieta",
  "ProtocolName": "epi_MB4_2mm_task-rest",
  "PulseSequenceDetails": "%CustomerSeq%\\cmrr_mbep2d_bold",
  "ReceiveCoilActiveElements": "HC1-7;NC1,2",
  "ReceiveCoilName": "HeadNeck_64",
  "ReconMatrixPE": 104,
  "RepetitionTime": 1.3,
  "SAR": 0.0682892,
  "ScanOptions": "FS",
  "ScanningSequence": "EP",
  "SequenceName": "epfid2d1_104",
  "SequenceVariant": "SK\\SS",
  "SeriesDescription": "epi_MB4_2mm_task-rest",
  "SeriesNumber": 11,
  "ShimSetting": [296, -12623, -8451, 401, -42, -40, 52, 26],
  "SliceThickness": 2,
  "SliceTiming": [0, 0.5575, 1.1175, 0.4, 0.9575, 0.24, 0.7975, 0.08, 0.6375, 1.1975, 0.48, 1.0375, 0.32, 0.8775, 0.16, 0.7175, 0, 0.5575, 1.1175, 0.4, 0.9575, 0.24, 0.7975, 0.08, 0.6375, 1.1975, 0.48, 1.0375, 0.32, 0.8775, 0.16, 0.7175, 0, 0.5575, 1.1175, 0.4, 0.9575, 0.24, 0.7975, 0.08, 0.6375, 1.1975, 0.48, 1.0375, 0.32, 0.8775, 0.16, 0.7175, 0, 0.5575, 1.1175, 0.4, 0.9575, 0.24, 0.7975, 0.08, 0.6375, 1.1975, 0.48, 1.0375, 0.32, 0.8775, 0.16, 0.7175],
  "SoftwareVersions": "syngo MR E11",
  "SpacingBetweenSlices": 2,
  "StationName": "AWP166018",
  "TaskName": "rest",
  "TotalReadoutTime": 0.0576811,
  "TxRefAmp": 253.994,
  "WipMemBlock": "d31e336f-e71a-4b0e-828f-41d79aeb0727||Sequence: R016 ve11c/master r/8780670; Nov 27 2017 15:05:12 by eja",
  "dcmmeta_affine": [
    [-1.9955607652664185, 0.12869742512702942, 0.034265339374542236, 100.30976867675781],
    [0.10544361174106598, 1.8410959243774414, -0.7741107940673828, -63.91212844848633],
    [0.08135592192411423, 0.7705860733985901, 1.843794584274292, -76.691162109375],
    [0.0, 0.0, 0.0, 1.0]
],
  "dcmmeta_reorient_transform": [
    [0.0, -1.0, 0.0, 103.0],
    [1.0, 0.0, 0.0, 0.0],
    [0.0, 0.0, 1.0, 0.0],
    [0.0, 0.0, 0.0, 1.0]
],
  "dcmmeta_shape": [104, 104, 64, 316],
  "dcmmeta_slice_dim": 2,
  "dcmmeta_version": 0.6,
  "global": {
    "const": {
      "AccessionNumber": "EEJQA7GH",
      "AcquisitionMatrix": [104, 0, 0, 104],
      "AngioFlag": "N",
      "BitsAllocated": 16,
      "BitsStored": 16,
      "BodyPartExamined": "BRAIN",
      "Columns": 832,
      "EchoNumbers": 1,
      "EchoTime": 35.0,
      "EchoTrainLength": 104,
      "FlipAngle": 62.0,
      "HighBit": 15,
      "ImageOrientationPatient": [0.99778039393447, -0.0527218069889, 0.04067796145093, 0.06434871496707, 0.92054794927598, -0.3852930261059],
      "ImagePositionPatient": [-886.79559894208, -757.49818159012, 253.55897100609],
      "ImageType": [
        "ORIGINAL",
        "PRIMARY",
        "M",
        "MB",
        "ND",
        "MOSAIC"
],
      "ImagedNucleus": "1H",
      "ImagingFrequency": 123.196716,
      "InPlanePhaseEncodingDirection": "COL",
      "MRAcquisitionType": "2D",
      "MagneticFieldStrength": 3.0,
      "Manufacturer": "SIEMENS",
      "ManufacturerModelName": "Prisma",
      "Modality": "MR",
      "NumberOfAverages": 1.0,
      "NumberOfPhaseEncodingSteps": 104,
      "PercentPhaseFieldOfView": 100.0,
      "PercentSampling": 100.0,
      "PerformedProcedureStepStartTime": "180243.683000",
      "PhotometricInterpretation": "MONOCHROME2",
      "PixelBandwidth": 2290.0,
      "PixelRepresentation": 0,
      "PixelSpacing": [2.0, 2.0],
      "ProtocolName": "epi_MB4_2mm_task-rest",
      "RepetitionTime": 1300.0,
      "Rows": 832,
      "SAR": 0.06828918712388,
      "SamplesPerPixel": 1,
      "ScanOptions": "FS",
      "ScanningSequence": "EP",
      "SequenceName": "epfid2d1_104",
      "SequenceVariant": [
        "SK",
        "SS"
],
      "SeriesDescription": "epi_MB4_2mm_task-rest",
      "SeriesNumber": 11,
      "SeriesTime": "182636.206000",
      "SliceLocation": -44.245262595128,
      "SliceThickness": 2.0,
      "SmallestImagePixelValue": 0,
      "SoftwareVersions": "syngo MR E11",
      "SpacingBetweenSlices": 1.9999999706453,
      "SpecificCharacterSet": "ISO_IR 100",
      "StudyID": "1",
      "StudyTime": "180243.553000",
      "TransmitCoilName": "Body",
      "VariableFlipAngleFlag": "N",
      "WindowCenterWidthExplanation": "Algo1",
      "dBdt": 0.0},
