{
  "AcquisitionDuration": 603.237,
  "AcquisitionMatrixPE": 152,
  "AcquisitionNumber": 1,
  "AcquisitionTime": "17:41:38.887500",
  "BandwidthPerPixelPhaseEncode": 9.398,
  "BaseResolution": 150,
  "BidsGuess": [
    "dwi",
    "_acq-epse2_dir-AP_run-16_sbref"
],
  "BodyPartExamined": "BRAIN",
  "CoilCombinationMethod": "Sum of Squares",
  "CoilString": "HeadNeck_64",
  "ConversionSoftware": "dcm2niix",
  "ConversionSoftwareVersion": "v1.0.20240202",
  "DerivedVendorReportedEchoSpacing": 0.000700037,
  "DeviceSerialNumber": "166018",
  "DwellTime": 2e-06,
  "EchoTime": 0.0852,
  "EchoTrainLength": 114,
  "EffectiveEchoSpacing": 0.000700037,
  "FlipAngle": 90,
  "FrequencyEncodingSteps": 150,
  "HeudiconvVersion": "4.0.1",
  "ImageComments": " Brain, Single-band reference SENSE1",
  "ImageOrientationPatientDICOM": [0.995544, -0.0569603, 0.0751525, 0.0628088, 0.994981, -0.0779019],
  "ImageType": [
    "ORIGINAL",
    "PRIMARY",
    "M",
    "NONE"
],
  "ImageTypeText": [
    "ORIGINAL",
    "PRIMARY",
    "M",
    "ND"
],
  "ImagingFrequency": 123.196669,
  "InPlanePhaseEncodingDirectionDICOM": "COL",
  "InstitutionAddress": "Washington Place 6,NYC,NYC,US,10003",
  "InstitutionName": "NYU Center for Brain Imaging",
  "MRAcquisitionType": "2D",
  "MTState": false,
  "MagneticFieldStrength": 3,
  "Manufacturer": "Siemens",
  "ManufacturersModelName": "MAGNETOM Prisma",
  "MatrixCoilMode": "SENSE",
  "Modality": "MR",
  "NonlinearGradientCorrection": false,
  "PartialFourier": 0.75,
  "PartialFourierDirection": "PHASE",
  "PatientPosition": "HFS",
  "PercentPhaseFOV": 101.333,
  "PercentSampling": 100,
  "PhaseEncodingDirection": "j-",
  "PhaseEncodingSteps": 152,
  "PhaseResolution": 1,
  "PixelBandwidth": 1667,
  "ProtocolName": "dMRI_mb3_AP_1.5",
  "PulseSequenceDetails": "%CustomerSeq%\\cmrr_mbep2d_diff",
  "PulseSequenceName": "epse2d1_152",
  "ReceiveCoilActiveElements": "HC1-6",
  "ReceiveCoilName": "HeadNeck_64",
  "ReconMatrixPE": 152,
  "RepetitionTime": 4.15,
  "ScanOptions": "PFP\\FS",
  "ScanningSequence": "EP",
  "SequenceVariant": "SK\\SS",
  "SeriesDescription": "dMRI_mb3_AP_1.5_SBRef",
  "SeriesNumber": 16,
  "ShimSetting": [294, -12609, -8508, 244, -11, -129, -190, 7],
  "SliceThickness": 1.5,
  "SliceTiming": [0, 0.1525, 0.305, 0.4575, 0.61, 0.7625, 0.9175, 1.07, 1.2225, 1.375, 1.5275, 1.6825, 1.835, 1.9875, 2.14, 2.2925, 2.445, 2.6, 2.7525, 2.905, 3.0575, 3.21, 3.365, 3.5175, 3.67, 3.8225, 3.975, 4.1275, 4.2825, 4.435, 4.5875, 4.74, 4.8925, 5.0475, 5.2, 5.3525, 5.505, 5.6575, 5.8125, 5.965, 6.1175, 6.27, 6.4225, 6.575, 6.73, 6.8825, 7.035, 7.1875, 7.34, 7.495, 7.6475, 7.8, 7.9525, 8.105, 8.2575, 8.4125, 8.565, 8.7175, 8.87, 9.0225, 9.1775, 9.33, 9.4825, 9.635, 9.7875, 9.94, 10.095, 10.2475, 10.4, 10.5525, 10.705, 10.86, 11.0125, 11.165, 11.3175, 11.47, 11.625, 11.7775, 11.93, 12.0825, 12.235],
  "SoftwareVersions": "syngo MR XA30",
  "SpacingBetweenSlices": 1.5,
  "StationName": "AWP166018",
  "TotalReadoutTime": 0.105706,
  "TxRefAmp": 240.241,
  "WipMemBlock": "91426960-de96-4760-ae16-7a3a6af6caeb||Sequence: R017 nxva30a/master r/294d878e6; May 17 2024 19:26:12 by eja"
}