{
  "AcquisitionMatrixPE": 104,
  "AcquisitionNumber": 1,
  "AcquisitionTime": "18:40:52.467500",
  "BandwidthPerPixelPhaseEncode": 17.17,
  "BaseResolution": 104,
  "BodyPartExamined": "BRAIN",
  "ConsistencyInfo": "N4_VE11C_LATEST_20160120",
  "ConversionSoftware": "dcm2niix",
  "ConversionSoftwareVersion": "v1.0.20210317",
  "DerivedVendorReportedEchoSpacing": 0.000560011,
  "DeviceSerialNumber": "166018",
  "DwellTime": 2.4e-06,
  "EchoTime": 0.0634,
  "EchoTrainLength": 104,
  "EffectiveEchoSpacing": 0.000560011,
  "FlipAngle": 90,
  "ImageOrientationPatientDICOM": [0.998573, -0.04904, -0.0211304, 0.0411543, 0.958928, -0.280649],
  "ImageType": [
    "ORIGINAL",
    "PRIMARY",
    "M",
    "ND",
    "MOSAIC"
],
  "ImagingFrequency": 123.197,
  "InPlanePhaseEncodingDirectionDICOM": "COL",
  "InstitutionAddress": "Washington Place 6,NYC,NYC,US,10003",
  "InstitutionName": "NYU Center for Brain Imaging",
  "InstitutionalDepartmentName": "Department",
  "IntendedFor": [
    "func/sub-EBE0039_task-rest_bold.nii.gz"
],
  "MRAcquisitionType": "2D",
  "MagneticFieldStrength": 3,
  "Manufacturer": "Siemens",
  "ManufacturersModelName": "Prisma",
  "Modality": "MR",
  "PartialFourier": 1,
  "PatientPosition": "HFS",
  "PercentPhaseFOV": 100,
  "PercentSampling": 100,
  "PhaseEncodingDirection": "j-",
  "PhaseEncodingSteps": 104,
  "PhaseResolution": 1,
  "PixelBandwidth": 2005,
  "ProcedureStepDescription": "Investigators^Blanco-Elorrieta",
  "ProtocolName": "SE_DistortionMap_AP",
  "PulseSequenceDetails": "%CustomerSeq%\\cmrr_mbep2d_se",
  "ReceiveCoilActiveElements": "HC1-7;NC1,2",
  "ReceiveCoilName": "HeadNeck_64",
  "ReconMatrixPE": 104,
  "RepetitionTime": 6.831,
  "SAR": 0.138064,
  "ScanOptions": "FS",
  "ScanningSequence": "EP",
  "SequenceName": "epse2d1_104",
  "SequenceVariant": "SK",
  "SeriesDescription": "SE_DistortionMap_AP",
  "SeriesNumber": 8,
  "ShimSetting": [301, -12646, -8459, 516, -22, -108, 37, 71],
  "SliceThickness": 2,
  "SliceTiming": [3.405, 0, 3.5125, 0.1075, 3.6175, 0.2125, 3.725, 0.32, 3.8325, 0.425, 3.9375, 0.5325, 4.045, 0.6375, 4.15, 0.745, 4.2575, 0.8525, 4.3625, 0.9575, 4.47, 1.065, 4.575, 1.17, 4.6825, 1.2775, 4.79, 1.3825, 4.895, 1.49, 5.0025, 1.5975, 5.1075, 1.7025, 5.215, 1.81, 5.32, 1.915, 5.4275, 2.0225, 5.535, 2.1275, 5.64, 2.235, 5.7475, 2.3425, 5.8525, 2.4475, 5.96, 2.555, 6.065, 2.66, 6.1725, 2.7675, 6.28, 2.8725, 6.385, 2.98, 6.4925, 3.0875, 6.5975, 3.1925, 6.705, 3.3],
  "SoftwareVersions": "syngo MR E11",
  "SpacingBetweenSlices": 2,
  "StationName": "AWP166018",
  "TotalReadoutTime": 0.0576811,
  "TxRefAmp": 206.672,
  "WipMemBlock": "a5ae4781-ac8a-4fcb-b603-5da3a2cc08da||Sequence: R016 ve11c/master r/8780670; Nov 27 2017 15:08:10 by eja",
  "dcmmeta_affine": [
    [-1.9971466064453125, 0.08230852335691452, -0.06805118173360825, 102.76136016845703],
    [0.09807994961738586, 1.9178552627563477, -0.5587589740753174, -82.97180938720703],
    [-0.042260847985744476, 0.5612989664077759, 1.9191553592681885, -74.01557922363281],
    [0.0, 0.0, 0.0, 1.0]
],
  "dcmmeta_reorient_transform": [
    [0.0, -1.0, 0.0, 103.0],
    [1.0, 0.0, 0.0, 0.0],
    [0.0, 0.0, 1.0, 0.0],
    [0.0, 0.0, 0.0, 1.0]
],
  "dcmmeta_shape": [104, 104, 64, 3],
  "dcmmeta_slice_dim": 2,
  "dcmmeta_version": 0.6,
  "global": {
    "const": {
      "AccessionNumber": "YBEQMGDD",
      "AcquisitionMatrix": [104, 0, 0, 104],
      "AngioFlag": "N",
      "BitsAllocated": 16,
      "BitsStored": 16,
      "BodyPartExamined": "BRAIN",
      "Columns": 832,
      "EchoNumbers": 1,
      "EchoTime": 63.4,
      "EchoTrainLength": 104,
      "FlipAngle": 90.0,
      "HighBit": 15,
      "ImageOrientationPatient": [0.99857327521816, -0.0490399758295, -0.0211304233445, 0.04115426059244, 0.95892762330747, -0.2806494968693],
      "ImagePositionPatient": [-868.16078030681, -776.96549136011, 203.49399862887],
      "ImageType": [
        "ORIGINAL",
        "PRIMARY",
        "M",
        "ND",
        "MOSAIC"
],
      "ImagedNucleus": "1H",
      "ImagingFrequency": 123.196735,
      "InPlanePhaseEncodingDirection": "COL",
      "LargestImagePixelValue": 65535,
      "MRAcquisitionType": "2D",
      "MagneticFieldStrength": 3.0,
      "Manufacturer": "SIEMENS",
      "ManufacturerModelName": "Prisma",
      "Modality": "MR",
      "NumberOfAverages": 1.0,
      "NumberOfPhaseEncodingSteps": 104,
      "PercentPhaseFieldOfView": 100.0,
      "PercentSampling": 100.0,
      "PerformedProcedureStepStartTime": "181755.674000",
      "PhotometricInterpretation": "MONOCHROME2",
      "PixelBandwidth": 2005.0,
      "PixelRepresentation": 0,
      "PixelSpacing": [2.0, 2.0],
      "ProtocolName": "SE_DistortionMap_AP",
      "RepetitionTime": 6831.0,
      "Rows": 832,
      "SAR": 0.13806363153492,
      "SamplesPerPixel": 1,
      "ScanOptions": "FS",
      "ScanningSequence": "EP",
      "SequenceName": "epse2d1_104",
      "SequenceVariant": "SK",
      "SeriesDescription": "SE_DistortionMap_AP",
      "SeriesNumber": 8,
      "SeriesTime": "184110.518000",
      "SliceLocation": -51.339595535946,
      "SliceThickness": 2.0,
      "SmallestImagePixelValue": 0,
      "SoftwareVersions": "syngo MR E11",
      "SpacingBetweenSlices": 1.9999999668537,
      "SpecificCharacterSet": "ISO_IR 100",
      "StudyID": "1",
      "StudyTime": "181755.548000",
      "TransmitCoilName": "Body",
      "VariableFlipAngleFlag": "N",
      "WindowCenterWidthExplanation": "Algo1",
      "dBdt": 0.0},
    "slices": {}
  },
  "time": {
    "samples": {
      "AcquisitionNumber": [1, 2, 3],
      "AcquisitionTime": ["184052.467500", "184059.300000", "184106.130000"],
      "ContentTime": ["184110.522000", "184110.526000", "184110.529000"],
      "InstanceCreationTime": ["184110.522000", "184110.526000", "184110.529000"],
      "InstanceNumber": [1, 2, 3],
      "WindowCenter": [12738.0, 12753.0, 12737.0],
      "WindowWidth": [27714.0, 27764.0, 27716.0]
    },
    "slices": {}
  }
}