{
  "AcquisitionDuration": 425.04,
  "AcquisitionNumber": 1,
  "AcquisitionTime": "12:16:53.170000",
  "BidsGuess": [
    "func",
    "_acq-epfid2_dir-AP_run-10_bold"
],
  "BodyPartExamined": "BRAIN",
  "CoilString": "HeadNeck_64",
  "ConversionSoftware": "dcm2niix",
  "ConversionSoftwareVersion": "v1.0.20240202",
  "DeviceSerialNumber": "166018",
  "EchoTime": 0.035,
  "EchoTrainLength": 104,
  "FlipAngle": 62,
  "FrequencyEncodingSteps": 104,
  "HeudiconvVersion": "4.0.1",
  "ImageComments": " Brain, Single-band reference",
  "ImageOrientationPatientDICOM": [0.998198, -0.0261021, 0.0540233, 0.0418369, 0.948206, -0.31489],
  "ImageType": [
    "ORIGINAL",
    "PRIMARY",
    "FMRI",
    "NONE"
],
  "ImagingFrequency": 123.19667,
  "InPlanePhaseEncodingDirectionDICOM": "COL",
  "InstitutionAddress": "Washington Place 6,NYC,NYC,US,10003",
  "InstitutionName": "NYU Center for Brain Imaging",
  "MRAcquisitionType": "2D",
  "MTState": false,
  "MagneticFieldStrength": 3,
  "Manufacturer": "Siemens",
  "ManufacturersModelName": "MAGNETOM Prisma",
  "Modality": "MR",
  "PatientPosition": "HFS",
  "PercentPhaseFOV": 100,
  "PercentSampling": 100,
  "PhaseEncodingAxis": "j",
  "PhaseEncodingSteps": 104,
  "PixelBandwidth": 2289,
  "ProtocolName": "epi_MB4_2mm_task-rest",
  "PulseSequenceName": "epfid2d1_104",
  "ReconMatrixPE": 104,
  "RepetitionTime": 1.3,
  "SeriesDescription": "epi_MB4_2mm_task-rest_SBRef",
  "SeriesNumber": 10,
  "SliceThickness": 2,
  "SoftwareVersions": "syngo MR XA30",
  "SpacingBetweenSlices": 2,
  "StationName": "AWP166018",
  "TaskName": "rest"
}