{
  "AcquisitionMatrixPE": 152,
  "AcquisitionNumber": 1,
  "AcquisitionTime": "20:16:56.112500",
  "BandwidthPerPixelPhaseEncode": 9.398,
  "BaseResolution": 150,
  "BodyPartExamined": "BRAIN",
  "ConsistencyInfo": "N4_VE11C_LATEST_20160120",
  "ConversionSoftware": "dcm2niix",
  "ConversionSoftwareVersion": "v1.0.20210317",
  "DerivedVendorReportedEchoSpacing": 0.000700037,
  "DeviceSerialNumber": "166018",
  "DwellTime": 2e-06,
  "EchoTime": 0.0852,
  "EchoTrainLength": 114,
  "EffectiveEchoSpacing": 0.000700037,
  "FlipAngle": 90,
  "ImageComments": "Single-band reference SENSE1",
  "ImageOrientationPatientDICOM": [0.999193, -0.0401693, 0.000859845, 0.0399571, 0.995702, 0.0835525],
  "ImageType": [
    "ORIGINAL",
    "PRIMARY",
    "M",
    "ND",
    "MOSAIC"
],
  "ImagingFrequency": 123.197,
  "InPlanePhaseEncodingDirectionDICOM": "COL",
  "InstitutionAddress": "Washington Place 6,NYC,NYC,US,10003",
  "InstitutionName": "NYU - CBI",
  "InstitutionalDepartmentName": "Department",
  "MRAcquisitionType": "2D",
  "MagneticFieldStrength": 3,
  "Manufacturer": "Siemens",
  "ManufacturersModelName": "Prisma",
  "Modality": "MR",
  "PartialFourier": 0.75,
  "PatientPosition": "HFS",
  "PercentPhaseFOV": 101.333,
  "PercentSampling": 100,
  "PhaseEncodingDirection": "j-",
  "PhaseEncodingSteps": 114,
  "PhaseResolution": 1,
  "PixelBandwidth": 1665,
  "ProcedureStepDescription": "Investigators^Blanco-Elorrieta",
  "ProtocolName": "dMRI_mb3_AP_1.5",
  "PulseSequenceDetails": "%CustomerSeq%\\cmrr_mbep2d_diff",
  "ReceiveCoilActiveElements": "HC1-7;NC1,2",
  "ReceiveCoilName": "HeadNeck_64",
  "ReconMatrixPE": 152,
  "RepetitionTime": 4.15,
  "SAR": 0.153114,
  "ScanOptions": "PFP\\FS",
  "ScanningSequence": "EP",
  "SequenceName": "epse2d1_152",
  "SequenceVariant": "SK\\SS",
  "SeriesDescription": "dMRI_mb3_AP_1.5_SBRef",
  "SeriesNumber": 16,
  "ShimSetting": [286, -12662, -8515, 233, 13, -173, -114, 68],
  "SliceThickness": 1.5,
  "SliceTiming": [0, 0.1525, 0.305, 0.4575, 0.6125, 0.765, 0.9175, 1.07, 1.2225, 1.375, 1.53, 1.6825, 1.835, 1.9875, 2.14, 2.295, 2.4475, 2.6, 2.7525, 2.905, 3.06, 3.2125, 3.365, 3.5175, 3.67, 3.8225, 3.9775, 4.13, 4.2825, 4.435, 4.5875, 4.7425, 4.895, 5.0475, 5.2, 5.3525, 5.505, 5.66, 5.8125, 5.965, 6.1175, 6.27, 6.425, 6.5775, 6.73, 6.8825, 7.035, 7.1875, 7.3425, 7.495, 7.6475, 7.8, 7.9525, 8.1075, 8.26, 8.4125, 8.565, 8.7175, 8.87, 9.025, 9.1775, 9.33, 9.4825, 9.635, 9.79, 9.9425, 10.095, 10.2475, 10.4, 10.555, 10.7075, 10.86, 11.0125, 11.165, 11.3175, 11.4725, 11.625, 11.7775, 11.93, 12.0825, 12.2375],
  "SoftwareVersions": "syngo MR E11",
  "SpacingBetweenSlices": 1.5,
  "StationName": "AWP166018",
  "TotalReadoutTime": 0.105706,
  "TxRefAmp": 222.304,
  "WipMemBlock": "c1a7d2da-a4f9-4916-afc6-98ef8f68e30f||Sequence: R016 ve11c/master r/8780670; Nov 27 2017 15:07:03 by eja",
  "dcmmeta_affine": [
    [-1.498788833618164, 0.05993563309311867, 0.006318595726042986, 113.54511260986328],
    [0.060253970324993134, 1.4935529232025146, 0.1251760721206665, -103.16315460205078],
    [0.0012897670967504382, -0.12532879412174225, 1.4947545528411865, -52.19243621826172],
    [0.0, 0.0, 0.0, 1.0]
],
  "dcmmeta_reorient_transform": [
    [0.0, -1.0, 0.0, 151.0],
    [1.0, 0.0, 0.0, 0.0],
    [0.0, 0.0, 1.0, 0.0],
    [0.0, 0.0, 0.0, 1.0]
],
  "dcmmeta_shape": [150, 152, 81],
  "dcmmeta_slice_dim": 2,
  "dcmmeta_version": 0.6,
  "global": {
    "const": {
      "AccessionNumber": "REMJHRWR",
      "AcquisitionMatrix": [150, 0, 0, 152],
      "AcquisitionNumber": 1,
      "AcquisitionTime": "201656.112500",
      "AngioFlag": "N",
      "BitsAllocated": 16,
      "BitsStored": 16,
      "BodyPartExamined": "BRAIN",
      "Columns": 1350,
      "ContentTime": "201736.636000",
      "EchoNumbers": 1,
      "EchoTime": 85.2,
      "EchoTrainLength": 114,
      "FlipAngle": 90.0,
      "HighBit": 15,
      "ImageOrientationPatient": [0.99919251740861, -0.0401693144295, 0.00085984469869, 0.03995708780207, 0.99570196605753, 0.08355253391462],
      "ImagePositionPatient": [-1058.3095228418, -994.29114749834, -148.09085769665],
      "ImageType": [
        "ORIGINAL",
        "PRIMARY",
        "M",
        "ND",
        "MOSAIC"
],
      "ImagedNucleus": "1H",
      "ImagingFrequency": 123.196768,
      "InPlanePhaseEncodingDirection": "COL",
      "InstanceCreationTime": "201736.636000",
      "InstanceNumber": 1,
      "LargestImagePixelValue": 65535,
      "MRAcquisitionType": "2D",
      "MagneticFieldStrength": 3.0,
      "Manufacturer": "SIEMENS",
      "ManufacturerModelName": "Prisma",
      "Modality": "MR",
      "NumberOfAverages": 1.0,
      "NumberOfPhaseEncodingSteps": 114,
      "PercentPhaseFieldOfView": 101.33333333333,
      "PercentSampling": 100.0,
      "PerformedProcedureStepStartTime": "195102.388000",
      "PhotometricInterpretation": "MONOCHROME2",
      "PixelBandwidth": 1665.0,
      "PixelRepresentation": 0,
      "PixelSpacing": [1.5, 1.5],
      "ProtocolName": "dMRI_mb3_AP_1.5",
      "RepetitionTime": 4150.0,
      "Rows": 1368,
      "SAR": 0.15311433959665,
      "SamplesPerPixel": 1,
      "ScanOptions": [
        "PFP",
        "FS"
],
      "ScanningSequence": "EP",
      "SequenceName": "epse2d1_152",
      "SequenceVariant": [
        "SK",
        "SS"
],
      "SeriesDescription": "dMRI_mb3_AP_1.5_SBRef",
      "SeriesNumber": 16,
      "SeriesTime": "201736.632000",
      "SliceLocation": -60.140662452983,
      "SliceThickness": 1.5,
      "SmallestImagePixelValue": 0,
      "SoftwareVersions": "syngo MR E11",
      "SpacingBetweenSlices": 1.5000000004512,
      "SpecificCharacterSet": "ISO_IR 100",
      "StudyID": "1",
      "StudyTime": "195102.318000",
      "TransmitCoilName": "Body",
      "VariableFlipAngleFlag": "N",
      "WindowCenter": 7793.0,
      "WindowCenterWidthExplanation": "Algo1",
      "WindowWidth": 16901.0,
      "dBdt": 0.0},
    "slices": {}
  }
}